{
    "AcquisitionMatrixPE": 80,
    "AcquisitionNumber": 1,
    "AcquisitionTime": "14:58:29.887500",
    "BaseResolution": 80,
    "BodyPartExamined": "BRAIN",
    "ConsistencyInfo": "N4_VE11E_LATEST_20181129",
    "ConversionSoftware": "dcm2niix",
    "ConversionSoftwareVersion": "v1.0.20210317",
    "DeviceSerialNumber": "166048",
    "DwellTime": 1.78e-05,
    "EchoNumber": 1,
    "EchoTime": 0.00492,
    "FlipAngle": 60,
    "ImageOrientationPatientDICOM": [
        1,
        0,
        0,
        0,
        0.988756,
        -0.149535
    ],
    "ImageType": [
        "ORIGINAL",
        "PRIMARY",
        "M",
        "ND",
        "NORM"
    ],
    "ImagingFrequency": 123.246,
    "InPlanePhaseEncodingDirectionDICOM": "COL",
    "InstitutionAddress": "North 13th 1701,Philadelphia,PA,US,19122",
    "InstitutionName": "Temple University - Weiss Hall",
    "InstitutionalDepartmentName": "Department",
    "IntendedFor": [
        "func/sub-10142_task-sharedreward_acq-mb6me1_bold.nii.gz",
        "func/sub-10142_task-sharedreward_acq-mb1me4_echo-2_bold.nii.gz",
        "func/sub-10142_task-sharedreward_acq-mb1me4_echo-1_bold.nii.gz",
        "func/sub-10142_task-sharedreward_acq-mb3me4_echo-2_part-mag_sbref.nii.gz",
        "func/sub-10142_task-sharedreward_acq-mb1me4_echo-4_bold.nii.gz",
        "func/sub-10142_task-sharedreward_acq-mb3me4_echo-2_part-phase_sbref.nii.gz",
        "func/sub-10142_task-sharedreward_acq-mb3me4_echo-3_part-mag_sbref.nii.gz",
        "func/sub-10142_task-sharedreward_acq-mb3me4_echo-4_bold.nii.gz",
        "func/sub-10142_task-sharedreward_acq-mb3me4_echo-4_part-mag_sbref.nii.gz",
        "func/sub-10142_task-sharedreward_acq-mb3me4_echo-1_part-mag_sbref.nii.gz",
        "func/sub-10142_task-sharedreward_acq-mb3me4_echo-2_bold.nii.gz",
        "func/sub-10142_task-sharedreward_acq-mb1me4_echo-3_bold.nii.gz",
        "func/sub-10142_task-sharedreward_acq-mb3me4_echo-3_bold.nii.gz",
        "func/sub-10142_task-sharedreward_acq-mb3me4_echo-1_part-phase_sbref.nii.gz",
        "func/sub-10142_task-sharedreward_acq-mb3me4_echo-4_part-phase_sbref.nii.gz",
        "func/sub-10142_task-sharedreward_acq-mb3me4_echo-3_part-phase_sbref.nii.gz",
        "func/sub-10142_task-sharedreward_acq-mb3me4_echo-1_bold.nii.gz",
        "func/sub-10142_task-sharedreward_acq-mb6me1_sbref.nii.gz"
    ],
    "MRAcquisitionType": "2D",
    "MagneticFieldStrength": 3,
    "Manufacturer": "Siemens",
    "ManufacturersModelName": "Prisma",
    "Modality": "MR",
    "PartialFourier": 1,
    "PatientPosition": "HFS",
    "PercentPhaseFOV": 100,
    "PercentSampling": 100,
    "PhaseEncodingDirection": "j-",
    "PhaseEncodingSteps": 80,
    "PhaseResolution": 1,
    "PixelBandwidth": 350,
    "ProcedureStepDescription": "Smith Lab^RF1pilot",
    "ProtocolName": "fmap_gre_field_mapping_2p8iso",
    "PulseSequenceDetails": "%SiemensSeq%\\gre_field_mapping",
    "ReceiveCoilActiveElements": "HC1-7;NC1,2",
    "ReceiveCoilName": "HeadNeck_64",
    "ReconMatrixPE": 80,
    "RepetitionTime": 0.645,
    "SAR": 0.0869997,
    "ScanningSequence": "GR",
    "SequenceName": "*fm2d2r",
    "SequenceVariant": "SP",
    "SeriesDescription": "fmap_gre_field_mapping_2p8iso",
    "SeriesNumber": 5,
    "ShimSetting": [
        1409,
        -7443,
        6493,
        449,
        49,
        -277,
        -72,
        72
    ],
    "SliceThickness": 2.7,
    "SliceTiming": [
        0.32812,
        0,
        0.34375,
        0.01562,
        0.34375,
        0.03125,
        0.35938,
        0.03125,
        0.375,
        0.04688,
        0.39062,
        0.0625,
        0.39062,
        0.07812,
        0.40625,
        0.07812,
        0.42188,
        0.09375,
        0.4375,
        0.10938,
        0.4375,
        0.125,
        0.45312,
        0.14062,
        0.46875,
        0.14062,
        0.48438,
        0.15625,
        0.5,
        0.17188,
        0.5,
        0.1875,
        0.51562,
        0.1875,
        0.53125,
        0.20312,
        0.54688,
        0.21875,
        0.54688,
        0.23438,
        0.5625,
        0.25,
        0.57812,
        0.25,
        0.59375,
        0.26562,
        0.59375,
        0.28125,
        0.60938,
        0.29688,
        0.625,
        0.29688,
        0.64062,
        0.3125
    ],
    "SoftwareVersions": "syngo MR E11",
    "SpacingBetweenSlices": 2.97,
    "StationName": "AWP166048",
    "TxRefAmp": 233.399
}