{
  "AcquisitionMatrixPE": 62,
  "AcquisitionNumber": 1,
  "AcquisitionTime": "12:41:22.382500",
  "BandwidthPerPixelPhaseEncode": 46.452,
  "BaseResolution": 86,
  "BodyPartExamined": "BRAIN",
  "ConsistencyInfo": "N4_VE11E_LATEST_20181129",
  "ConversionSoftware": "dcm2niix",
  "ConversionSoftwareVersion": "v1.0.20190410  GCC6.3.0",
  "DerivedVendorReportedEchoSpacing": 0.000500642,
  "DeviceSerialNumber": "166048",
  "DwellTime": 2.3e-06,
  "EchoTime": 0.03,
  "EchoTrainLength": 31,
  "EffectiveEchoSpacing": 0.000250321,
  "FlipAngle": 77,
  "ImageComments": "Single-band_reference_SENSE1",
  "ImageOrientationPatientDICOM": [0.999864, 0.0145023, -0.00780394, -0.0143107, 0.999608, 0.0240699],
  "ImageType": [
    "ORIGINAL",
    "PRIMARY",
    "M",
    "ND",
    "MOSAIC"
],
  "ImagingFrequency": 123.246,
  "InPlanePhaseEncodingDirectionDICOM": "COL",
  "InstitutionAddress": "North_13th_1701_Philadelphia_PA_US_19122",
  "InstitutionName": "Temple_University_-_Weiss_Hall",
  "InstitutionalDepartmentName": "Department",
  "MRAcquisitionType": "2D",
  "MagneticFieldStrength": 3,
  "Manufacturer": "Siemens",
  "ManufacturersModelName": "Prisma",
  "Modality": "MR",
  "ParallelReductionFactorInPlane": 2,
  "PartialFourier": 1,
  "PatientPosition": "HFS",
  "PercentPhaseFOV": 100,
  "PhaseEncodingDirection": "j-",
  "PhaseEncodingSteps": 62,
  "PhaseResolution": 0.72,
  "PixelBandwidth": 2530,
  "ProcedureStepDescription": "Peng_cmrr_me",
  "ProtocolName": "CMRR_MB6_IP2_ME1_TR1850",
  "PulseSequenceDetails": "%CustomerSeq%_cmrr_mbep2d_bold",
  "ReceiveCoilActiveElements": "HE1-4",
  "ReceiveCoilName": "HeadNeck_20",
  "ReconMatrixPE": 86,
  "RefLinesPE": 24,
  "RepetitionTime": 1.85,
  "SAR": 0.0566427,
  "ScanOptions": "FS",
  "ScanningSequence": "EP",
  "SequenceName": "epfid2d1_62",
  "SequenceVariant": "SK_SS_OSP",
  "SeriesDescription": "CMRR_MB6_IP2_ME1_TR1850_SBRef",
  "SeriesNumber": 10,
  "ShimSetting": [1433, -7452, 6450, 203, 48, 17, -7, 22],
  "SliceThickness": 2.8,
  "SliceTiming": [0, 0.2025, 0.4075, 0.61, 0.8125, 1.0175, 1.22, 1.4225, 1.6275, 1.83, 2.0325, 2.2375, 2.44, 2.6425, 2.8475, 3.05, 3.2525, 3.4575, 3.66, 3.8625, 4.0675, 4.27, 4.4725, 4.6775, 4.88, 5.0825, 5.2875, 5.49, 5.6925, 5.8975, 6.1, 6.3025, 6.5075, 6.71, 6.9125, 7.1175, 7.32, 7.5225, 7.7275, 7.93, 8.1325, 8.3375, 8.54, 8.7425, 8.9475, 9.15, 9.3525, 9.5575, 9.76, 9.9625, 10.1675, 10.37, 10.5725, 10.7775],
  "SoftwareVersions": "syngo_MR_E11",
  "SpacingBetweenSlices": 2.8,
  "StationName": "AWP166048",
  "TaskName": "rest",
  "TotalReadoutTime": 0.0212773,
  "TxRefAmp": 314.03,
  "WipMemBlock": "9edb5928-02d4-44ee-bda3-05ec097ed7e5||Sequence: R016 ve11e/master r/434b28f1; Aug  7 2019 18:53:46 by eja"
}