{
  "AcquisitionMatrixPE": 62,
  "AcquisitionNumber": 1,
  "AcquisitionTime": "12:45:24.180000",
  "BandwidthPerPixelPhaseEncode": 47.4,
  "BaseResolution": 86,
  "BodyPartExamined": "BRAIN",
  "ConsistencyInfo": "N4_VE11E_LATEST_20181129",
  "ConversionSoftware": "dcm2niix",
  "ConversionSoftwareVersion": "v1.0.20190410  GCC6.3.0",
  "DerivedVendorReportedEchoSpacing": 0.000490629,
  "DeviceSerialNumber": "166048",
  "DwellTime": 2.3e-06,
  "EchoNumber": 2,
  "EchoTime": 0.03005,
  "EchoTrainLength": 31,
  "EffectiveEchoSpacing": 0.000245314,
  "FlipAngle": 77,
  "ImageComments": "SENSE1",
  "ImageOrientationPatientDICOM": [
    0.999864,
    0.0145023,
    -0.00780394,
    -0.0143107,
    0.999608,
    0.0240699
  ],
  "ImageType": [
    "ORIGINAL",
    "PRIMARY",
    "M",
    "TE2",
    "ND",
    "MOSAIC"
  ],
  "ImagingFrequency": 123.246,
  "InPlanePhaseEncodingDirectionDICOM": "COL",
  "InstitutionAddress": "North_13th_1701_Philadelphia_PA_US_19122",
  "InstitutionName": "Temple_University_-_Weiss_Hall",
  "InstitutionalDepartmentName": "Department",
  "MRAcquisitionType": "2D",
  "MagneticFieldStrength": 3,
  "Manufacturer": "Siemens",
  "ManufacturersModelName": "Prisma",
  "Modality": "MR",
  "ParallelReductionFactorInPlane": 2,
  "PartialFourier": 1,
  "PatientPosition": "HFS",
  "PercentPhaseFOV": 100,
  "PhaseEncodingDirection": "j-",
  "PhaseEncodingSteps": 62,
  "PhaseResolution": 0.72,
  "PixelBandwidth": 2530,
  "ProcedureStepDescription": "Peng_cmrr_me",
  "ProtocolName": "CMRR_MB1_IP2_ME3_TR1850",
  "PulseSequenceDetails": "%CustomerSeq%_cmrr_mbep2d_bold",
  "ReceiveCoilActiveElements": "HE1-4",
  "ReceiveCoilName": "HeadNeck_20",
  "ReconMatrixPE": 86,
  "RefLinesPE": 24,
  "RepetitionTime": 1.85,
  "SAR": 0.0478311,
  "ScanOptions": "FS",
  "ScanningSequence": "EP",
  "SequenceName": "epfid2d3_62",
  "SequenceVariant": "SK_SS_OSP",
  "SeriesDescription": "CMRR_MB1_IP2_ME3_TR1850",
  "SeriesNumber": 12,
  "ShimSetting": [
    1436,
    -7450,
    6465,
    217,
    106,
    156,
    -8,
    35
  ],
  "SliceThickness": 2.8,
  "SliceTiming": [
    0,
    0.9525,
    0.0725,
    1.025,
    0.1475,
    1.0975,
    0.22,
    1.17,
    0.2925,
    1.245,
    0.365,
    1.3175,
    0.44,
    1.39,
    0.5125,
    1.465,
    0.585,
    1.5375,
    0.66,
    1.61,
    0.7325,
    1.6825,
    0.805,
    1.7575,
    0.8775
  ],
  "SoftwareVersions": "syngo_MR_E11",
  "SpacingBetweenSlices": 3.08,
  "StationName": "AWP166048",
  "TaskName": "rest",
  "TotalReadoutTime": 0.0208517,
  "TxRefAmp": 314.03,
  "WipMemBlock": "dda130f6-e0db-414e-a130-f98bd9dcdea6||Sequence: R016 ve11e/master r/434b28f1; Aug  7 2019 18:53:46 by eja"
}