{
  "AcquisitionMatrixPE": 62,
  "AcquisitionNumber": 1,
  "AcquisitionTime": "12:58:37.877500",
  "BandwidthPerPixelPhaseEncode": 47.4,
  "BaseResolution": 86,
  "BodyPartExamined": "BRAIN",
  "ConsistencyInfo": "N4_VE11E_LATEST_20181129",
  "ConversionSoftware": "dcm2niix",
  "ConversionSoftwareVersion": "v1.0.20190410  GCC6.3.0",
  "DerivedVendorReportedEchoSpacing": 0.000490629,
  "DeviceSerialNumber": "166048",
  "DwellTime": 2.3e-06,
  "EchoNumber": 1,
  "EchoTime": 0.014,
  "EchoTrainLength": 31,
  "EffectiveEchoSpacing": 0.000245314,
  "FlipAngle": 77,
  "ImageComments": "Unaliased_MB3_PE4_LB_SENSE1",
  "ImageOrientationPatientDICOM": [
    0.999864,
    0.0145023,
    -0.00780394,
    -0.0143107,
    0.999608,
    0.0240699
  ],
  "ImageType": [
    "ORIGINAL",
    "PRIMARY",
    "M",
    "MB",
    "TE1",
    "ND",
    "MOSAIC"
  ],
  "ImagingFrequency": 123.246,
  "InPlanePhaseEncodingDirectionDICOM": "COL",
  "InstitutionAddress": "North_13th_1701_Philadelphia_PA_US_19122",
  "InstitutionName": "Temple_University_-_Weiss_Hall",
  "InstitutionalDepartmentName": "Department",
  "MRAcquisitionType": "2D",
  "MagneticFieldStrength": 3,
  "Manufacturer": "Siemens",
  "ManufacturersModelName": "Prisma",
  "Modality": "MR",
  "MultibandAccelerationFactor": 3,
  "ParallelReductionFactorInPlane": 2,
  "PartialFourier": 1,
  "PatientPosition": "HFS",
  "PercentPhaseFOV": 100,
  "PhaseEncodingDirection": "j-",
  "PhaseEncodingSteps": 62,
  "PhaseResolution": 0.72,
  "PixelBandwidth": 2530,
  "ProcedureStepDescription": "Peng_cmrr_me",
  "ProtocolName": "CMRR_MB3_IP2_ME4_TR1850",
  "PulseSequenceDetails": "%CustomerSeq%_cmrr_mbep2d_bold",
  "ReceiveCoilActiveElements": "HE1-4",
  "ReceiveCoilName": "HeadNeck_20",
  "ReconMatrixPE": 86,
  "RefLinesPE": 24,
  "RepetitionTime": 1.85,
  "SAR": 0.0625822,
  "ScanOptions": "FS",
  "ScanningSequence": "EP",
  "SequenceName": "epfid2d4_62",
  "SequenceVariant": "SK_SS_OSP",
  "SeriesDescription": "CMRR_MB3_IP2_ME4_TR1850",
  "SeriesNumber": 18,
  "ShimSetting": [
    1434,
    -7449,
    6459,
    270,
    47,
    61,
    -16,
    22
  ],
  "SliceThickness": 2.8,
  "SliceTiming": [
    0,
    0.9675,
    0.1075,
    1.0775,
    0.215,
    1.185,
    0.3225,
    1.2925,
    0.43,
    1.4,
    0.5375,
    1.5075,
    0.645,
    1.615,
    0.7525,
    1.7225,
    0.86,
    0,
    0.9675,
    0.1075,
    1.0775,
    0.215,
    1.185,
    0.3225,
    1.2925,
    0.43,
    1.4,
    0.5375,
    1.5075,
    0.645,
    1.615,
    0.7525,
    1.7225,
    0.86,
    0,
    0.9675,
    0.1075,
    1.0775,
    0.215,
    1.185,
    0.3225,
    1.2925,
    0.43,
    1.4,
    0.5375,
    1.5075,
    0.645,
    1.615,
    0.7525,
    1.7225,
    0.86
  ],
  "SoftwareVersions": "syngo_MR_E11",
  "SpacingBetweenSlices": 2.8,
  "StationName": "AWP166048",
  "TaskName": "rest",
  "TotalReadoutTime": 0.0208517,
  "TxRefAmp": 314.03,
  "WipMemBlock": "01b4138c-cc61-4355-84b7-4b1d6fcdd528||Sequence: R016 ve11e/master r/434b28f1; Aug  7 2019 18:53:46 by eja"
}