{
  "AcquisitionMatrixPE": 62,
  "AcquisitionNumber": 1,
  "AcquisitionTime": "12:41:37.182500",
  "BandwidthPerPixelPhaseEncode": 46.452,
  "BaseResolution": 86,
  "BodyPartExamined": "BRAIN",
  "ConsistencyInfo": "N4_VE11E_LATEST_20181129",
  "ConversionSoftware": "dcm2niix",
  "ConversionSoftwareVersion": "v1.0.20190410  GCC6.3.0",
  "DerivedVendorReportedEchoSpacing": 0.000500642,
  "DeviceSerialNumber": "166048",
  "DwellTime": 2.3e-06,
  "EchoTime": 0.03,
  "EchoTrainLength": 31,
  "EffectiveEchoSpacing": 0.000250321,
  "FlipAngle": 77,
  "ImageComments": "Unaliased_MB6_PE4_LB_SENSE1",
  "ImageOrientationPatientDICOM": [0.999864, 0.0145023, -0.00780394, -0.0143107, 0.999608, 0.0240699],
  "ImageType": [
    "ORIGINAL",
    "PRIMARY",
    "M",
    "MB",
    "ND",
    "MOSAIC"
],
  "ImagingFrequency": 123.246,
  "InPlanePhaseEncodingDirectionDICOM": "COL",
  "InstitutionAddress": "North_13th_1701_Philadelphia_PA_US_19122",
  "InstitutionName": "Temple_University_-_Weiss_Hall",
  "InstitutionalDepartmentName": "Department",
  "MRAcquisitionType": "2D",
  "MagneticFieldStrength": 3,
  "Manufacturer": "Siemens",
  "ManufacturersModelName": "Prisma",
  "Modality": "MR",
  "MultibandAccelerationFactor": 6,
  "ParallelReductionFactorInPlane": 2,
  "PartialFourier": 1,
  "PatientPosition": "HFS",
  "PercentPhaseFOV": 100,
  "PhaseEncodingDirection": "j-",
  "PhaseEncodingSteps": 62,
  "PhaseResolution": 0.72,
  "PixelBandwidth": 2530,
  "ProcedureStepDescription": "Peng_cmrr_me",
  "ProtocolName": "CMRR_MB6_IP2_ME1_TR1850",
  "PulseSequenceDetails": "%CustomerSeq%_cmrr_mbep2d_bold",
  "ReceiveCoilActiveElements": "HE1-4",
  "ReceiveCoilName": "HeadNeck_20",
  "ReconMatrixPE": 86,
  "RefLinesPE": 24,
  "RepetitionTime": 1.85,
  "SAR": 0.0566427,
  "ScanOptions": "FS",
  "ScanningSequence": "EP",
  "SequenceName": "epfid2d1_62",
  "SequenceVariant": "SK_SS_OSP",
  "SeriesDescription": "CMRR_MB6_IP2_ME1_TR1850",
  "SeriesNumber": 11,
  "ShimSetting": [1433, -7452, 6450, 203, 48, 17, -7, 22],
  "SliceThickness": 2.8,
  "SliceTiming": [0, 1.0175, 0.2025, 1.22, 0.4075, 1.4225, 0.61, 1.6275, 0.8125, 0, 1.0175, 0.2025, 1.22, 0.4075, 1.4225, 0.61, 1.6275, 0.8125, 0, 1.0175, 0.2025, 1.22, 0.4075, 1.4225, 0.61, 1.6275, 0.8125, 0, 1.0175, 0.2025, 1.22, 0.4075, 1.4225, 0.61, 1.6275, 0.8125, 0, 1.0175, 0.2025, 1.22, 0.4075, 1.4225, 0.61, 1.6275, 0.8125, 0, 1.0175, 0.2025, 1.22, 0.4075, 1.4225, 0.61, 1.6275, 0.8125],
  "SoftwareVersions": "syngo_MR_E11",
  "SpacingBetweenSlices": 2.8,
  "StationName": "AWP166048",
  "TaskName": "rest",
  "TotalReadoutTime": 0.0212773,
  "TxRefAmp": 314.03,
  "WipMemBlock": "9edb5928-02d4-44ee-bda3-05ec097ed7e5||Sequence: R016 ve11e/master r/434b28f1; Aug  7 2019 18:53:46 by eja"
}