{
  "AcquisitionMatrixPE": 62,
  "AcquisitionNumber": 1,
  "AcquisitionTime": "12:37:13.565000",
  "BandwidthPerPixelPhaseEncode": 47.4,
  "BaseResolution": 86,
  "BodyPartExamined": "BRAIN",
  "ConsistencyInfo": "N4_VE11E_LATEST_20181129",
  "ConversionSoftware": "dcm2niix",
  "ConversionSoftwareVersion": "v1.0.20190410  GCC6.3.0",
  "DerivedVendorReportedEchoSpacing": 0.000490629,
  "DeviceSerialNumber": "166048",
  "DwellTime": 2.3e-06,
  "EchoTime": 0.03,
  "EchoTrainLength": 31,
  "EffectiveEchoSpacing": 0.000245314,
  "FlipAngle": 77,
  "ImageComments": "Single-band_reference_SENSE1",
  "ImageOrientationPatientDICOM": [0.999864, 0.0145023, -0.00780394, -0.0143107, 0.999608, 0.0240699],
  "ImageType": [
    "ORIGINAL",
    "PRIMARY",
    "M",
    "ND",
    "MOSAIC"
],
  "ImagingFrequency": 123.246,
  "InPlanePhaseEncodingDirectionDICOM": "COL",
  "InstitutionAddress": "North_13th_1701_Philadelphia_PA_US_19122",
  "InstitutionName": "Temple_University_-_Weiss_Hall",
  "InstitutionalDepartmentName": "Department",
  "MRAcquisitionType": "2D",
  "MagneticFieldStrength": 3,
  "Manufacturer": "Siemens",
  "ManufacturersModelName": "Prisma",
  "Modality": "MR",
  "ParallelReductionFactorInPlane": 2,
  "PartialFourier": 1,
  "PatientPosition": "HFS",
  "PercentPhaseFOV": 100,
  "PhaseEncodingDirection": "j-",
  "PhaseEncodingSteps": 62,
  "PhaseResolution": 0.72,
  "PixelBandwidth": 2530,
  "ProcedureStepDescription": "Peng_cmrr_me",
  "ProtocolName": "CMRR_MB3_IP2_ME1_TR1850",
  "PulseSequenceDetails": "%CustomerSeq%_cmrr_mbep2d_bold",
  "ReceiveCoilActiveElements": "HE1-4",
  "ReceiveCoilName": "HeadNeck_20",
  "ReconMatrixPE": 86,
  "RefLinesPE": 24,
  "RepetitionTime": 1.85,
  "SAR": 0.0625822,
  "ScanOptions": "FS",
  "ScanningSequence": "EP",
  "SequenceName": "epfid2d1_62",
  "SequenceVariant": "SK_SS_OSP",
  "SeriesDescription": "CMRR_MB3_IP2_ME1_TR1850_SBRef",
  "SeriesNumber": 8,
  "ShimSetting": [1434, -7449, 6459, 270, 47, 61, -16, 22],
  "SliceThickness": 2.8,
  "SliceTiming": [0, 0.1075, 0.215, 0.3225, 0.43, 0.5375, 0.645, 0.7525, 0.86, 0.9675, 1.075, 1.1825, 1.29, 1.3975, 1.5075, 1.615, 1.7225, 1.83, 1.9375, 2.045, 2.1525, 2.26, 2.3675, 2.475, 2.5825, 2.69, 2.7975, 2.905, 3.0125, 3.12, 3.2275, 3.335, 3.445, 3.5525, 3.66, 3.7675, 3.875, 3.9825, 4.09, 4.1975, 4.305, 4.4125, 4.52, 4.6275, 4.735, 4.8425, 4.95, 5.0575, 5.165, 5.275, 5.3825],
  "SoftwareVersions": "syngo_MR_E11",
  "SpacingBetweenSlices": 2.8,
  "StationName": "AWP166048",
  "TaskName": "rest",
  "TotalReadoutTime": 0.0208517,
  "TxRefAmp": 314.03,
  "WipMemBlock": "6f51acec-b262-443c-a607-81c2015710ff||Sequence: R016 ve11e/master r/434b28f1; Aug  7 2019 18:53:46 by eja"
}