{
  "AcquisitionMatrixPE": 62,
  "AcquisitionNumber": 1,
  "AcquisitionTime": "12:54:21.290000",
  "BandwidthPerPixelPhaseEncode": 46.452,
  "BaseResolution": 86,
  "BodyPartExamined": "BRAIN",
  "ConsistencyInfo": "N4_VE11E_LATEST_20181129",
  "ConversionSoftware": "dcm2niix",
  "ConversionSoftwareVersion": "v1.0.20190410  GCC6.3.0",
  "DerivedVendorReportedEchoSpacing": 0.000500642,
  "DeviceSerialNumber": "166048",
  "DwellTime": 2.3e-06,
  "EchoNumber": 2,
  "EchoTime": 0.03098,
  "EchoTrainLength": 31,
  "EffectiveEchoSpacing": 0.000250321,
  "FlipAngle": 77,
  "ImageComments": "Single-band_reference_SENSE1",
  "ImageOrientationPatientDICOM": [
    0.999864,
    0.0145023,
    -0.00780394,
    -0.0143107,
    0.999608,
    0.0240699
  ],
  "ImageType": [
    "ORIGINAL",
    "PRIMARY",
    "M",
    "TE2",
    "ND",
    "MOSAIC"
  ],
  "ImagingFrequency": 123.246,
  "InPlanePhaseEncodingDirectionDICOM": "COL",
  "InstitutionAddress": "North_13th_1701_Philadelphia_PA_US_19122",
  "InstitutionName": "Temple_University_-_Weiss_Hall",
  "InstitutionalDepartmentName": "Department",
  "MRAcquisitionType": "2D",
  "MagneticFieldStrength": 3,
  "Manufacturer": "Siemens",
  "ManufacturersModelName": "Prisma",
  "Modality": "MR",
  "ParallelReductionFactorInPlane": 2,
  "PartialFourier": 1,
  "PatientPosition": "HFS",
  "PercentPhaseFOV": 100,
  "PhaseEncodingDirection": "j-",
  "PhaseEncodingSteps": 62,
  "PhaseResolution": 0.72,
  "PixelBandwidth": 2530,
  "ProcedureStepDescription": "Peng_cmrr_me",
  "ProtocolName": "CMRR_MB6_IP2_ME3_TR1850",
  "PulseSequenceDetails": "%CustomerSeq%_cmrr_mbep2d_bold",
  "ReceiveCoilActiveElements": "HE1-4",
  "ReceiveCoilName": "HeadNeck_20",
  "ReconMatrixPE": 86,
  "RefLinesPE": 24,
  "RepetitionTime": 1.85,
  "SAR": 0.0566427,
  "ScanOptions": "FS",
  "ScanningSequence": "EP",
  "SequenceName": "epfid2d3_62",
  "SequenceVariant": "SK_SS_OSP",
  "SeriesDescription": "CMRR_MB6_IP2_ME3_TR1850_SBRef",
  "SeriesNumber": 15,
  "ShimSetting": [
    1433,
    -7452,
    6450,
    203,
    48,
    17,
    -7,
    22
  ],
  "SliceThickness": 2.8,
  "SliceTiming": [
    0,
    0.2025,
    0.4075,
    0.61,
    0.8125,
    1.015,
    1.22,
    1.4225,
    1.625,
    1.83,
    2.0325,
    2.235,
    2.44,
    2.6425,
    2.845,
    3.05,
    3.2525,
    3.455,
    3.66,
    3.8625,
    4.065,
    4.27,
    4.4725,
    4.675,
    4.88,
    5.0825,
    5.285,
    5.49,
    5.6925,
    5.895,
    6.1,
    6.3025,
    6.505,
    6.71,
    6.9125,
    7.115,
    7.32,
    7.5225,
    7.725,
    7.93,
    8.1325,
    8.335,
    8.54,
    8.7425,
    8.945,
    9.15,
    9.3525,
    9.555,
    9.76,
    9.9625,
    10.165,
    10.37,
    10.5725,
    10.775
  ],
  "SoftwareVersions": "syngo_MR_E11",
  "SpacingBetweenSlices": 2.8,
  "StationName": "AWP166048",
  "TaskName": "rest",
  "TotalReadoutTime": 0.0212773,
  "TxRefAmp": 314.03,
  "WipMemBlock": "07f9b0d8-6d37-4501-a260-8354598f1a74||Sequence: R016 ve11e/master r/434b28f1; Aug  7 2019 18:53:46 by eja"
}