{
  "AcquisitionMatrixPE": 62,
  "AcquisitionNumber": 1,
  "AcquisitionTime": "12:58:28.642500",
  "BandwidthPerPixelPhaseEncode": 47.4,
  "BaseResolution": 86,
  "BodyPartExamined": "BRAIN",
  "ConsistencyInfo": "N4_VE11E_LATEST_20181129",
  "ConversionSoftware": "dcm2niix",
  "ConversionSoftwareVersion": "v1.0.20190410  GCC6.3.0",
  "DerivedVendorReportedEchoSpacing": 0.000490629,
  "DeviceSerialNumber": "166048",
  "DwellTime": 2.3e-06,
  "EchoNumber": 2,
  "EchoTime": 0.03025,
  "EchoTrainLength": 31,
  "EffectiveEchoSpacing": 0.000245314,
  "FlipAngle": 77,
  "ImageComments": "Single-band_reference_SENSE1",
  "ImageOrientationPatientDICOM": [
    0.999864,
    0.0145023,
    -0.00780394,
    -0.0143107,
    0.999608,
    0.0240699
  ],
  "ImageType": [
    "ORIGINAL",
    "PRIMARY",
    "M",
    "TE2",
    "ND",
    "MOSAIC"
  ],
  "ImagingFrequency": 123.246,
  "InPlanePhaseEncodingDirectionDICOM": "COL",
  "InstitutionAddress": "North_13th_1701_Philadelphia_PA_US_19122",
  "InstitutionName": "Temple_University_-_Weiss_Hall",
  "InstitutionalDepartmentName": "Department",
  "MRAcquisitionType": "2D",
  "MagneticFieldStrength": 3,
  "Manufacturer": "Siemens",
  "ManufacturersModelName": "Prisma",
  "Modality": "MR",
  "ParallelReductionFactorInPlane": 2,
  "PartialFourier": 1,
  "PatientPosition": "HFS",
  "PercentPhaseFOV": 100,
  "PhaseEncodingDirection": "j-",
  "PhaseEncodingSteps": 62,
  "PhaseResolution": 0.72,
  "PixelBandwidth": 2530,
  "ProcedureStepDescription": "Peng_cmrr_me",
  "ProtocolName": "CMRR_MB3_IP2_ME4_TR1850",
  "PulseSequenceDetails": "%CustomerSeq%_cmrr_mbep2d_bold",
  "ReceiveCoilActiveElements": "HE1-4",
  "ReceiveCoilName": "HeadNeck_20",
  "ReconMatrixPE": 86,
  "RefLinesPE": 24,
  "RepetitionTime": 1.85,
  "SAR": 0.0625822,
  "ScanOptions": "FS",
  "ScanningSequence": "EP",
  "SequenceName": "epfid2d4_62",
  "SequenceVariant": "SK_SS_OSP",
  "SeriesDescription": "CMRR_MB3_IP2_ME4_TR1850_SBRef",
  "SeriesNumber": 17,
  "ShimSetting": [
    1434,
    -7449,
    6459,
    270,
    47,
    61,
    -16,
    22
  ],
  "SliceThickness": 2.8,
  "SliceTiming": [
    0,
    0.11,
    0.2175,
    0.325,
    0.4325,
    0.54,
    0.6475,
    0.755,
    0.8625,
    0.97,
    1.0775,
    1.185,
    1.2925,
    1.4,
    1.5075,
    1.615,
    1.7225,
    1.83,
    1.9375,
    2.0475,
    2.155,
    2.2625,
    2.37,
    2.4775,
    2.585,
    2.6925,
    2.8,
    2.9075,
    3.015,
    3.1225,
    3.23,
    3.3375,
    3.445,
    3.5525,
    3.66,
    3.7675,
    3.8775,
    3.985,
    4.0925,
    4.2,
    4.3075,
    4.415,
    4.5225,
    4.63,
    4.7375,
    4.845,
    4.9525,
    5.06,
    5.1675,
    5.275,
    5.3825
  ],
  "SoftwareVersions": "syngo_MR_E11",
  "SpacingBetweenSlices": 2.8,
  "StationName": "AWP166048",
  "TaskName": "rest",
  "TotalReadoutTime": 0.0208517,
  "TxRefAmp": 314.03,
  "WipMemBlock": "01b4138c-cc61-4355-84b7-4b1d6fcdd528||Sequence: R016 ve11e/master r/434b28f1; Aug  7 2019 18:53:46 by eja"
}