{
  "aor": 0.003148,
  "aqi": 0.03896674384615385,
  "bids_meta": {
    "AcquisitionMatrixPE": 62,
    "AcquisitionNumber": 1,
    "AcquisitionTime": "14:32:4.697500",
    "BandwidthPerPixelPhaseEncode": 47.4,
    "BaseResolution": 86,
    "BodyPartExamined": "BRAIN",
    "CogAtlasID": "http://www.cognitiveatlas.org/task/id/TODO",
    "ConsistencyInfo": "N4_VE11E_LATEST_20181129",
    "ConversionSoftware": "dcm2niix",
    "ConversionSoftwareVersion": "v1.0.20190410  GCC6.3.0",
    "DerivedVendorReportedEchoSpacing": 0.000490629,
    "DeviceSerialNumber": "166048",
    "DwellTime": 2.3e-06,
    "EchoNumber": 4,
    "EchoTime": 0.06255,
    "EchoTrainLength": 31,
    "EffectiveEchoSpacing": 0.000245314,
    "FlipAngle": 20,
    "ImageComments": "Unaliased_MB3_PE4_LB_SENSE1",
    "ImageOrientationPatientDICOM": [
      0.996917,
      0,
      0.0784591,
      0,
      1,
      0
    ],
    "ImageType": [
      "ORIGINAL",
      "PRIMARY",
      "M",
      "MB",
      "TE4",
      "ND",
      "NORM",
      "MOSAIC"
    ],
    "ImagingFrequency": 123.246,
    "InPlanePhaseEncodingDirectionDICOM": "COL",
    "InstitutionAddress": "North_13th_1701_Philadelphia_PA_US_19122",
    "InstitutionName": "Temple_University_-_Weiss_Hall",
    "InstitutionalDepartmentName": "Department",
    "MRAcquisitionType": "2D",
    "MagneticFieldStrength": 3,
    "Manufacturer": "Siemens",
    "ManufacturersModelName": "Prisma",
    "Modality": "MR",
    "MultibandAccelerationFactor": 3,
    "ParallelReductionFactorInPlane": 2,
    "PartialFourier": 1,
    "PatientPosition": "HFS",
    "PercentPhaseFOV": 100,
    "PhaseEncodingDirection": "j-",
    "PhaseEncodingSteps": 62,
    "PhaseResolution": 0.72,
    "PixelBandwidth": 2530,
    "ProcedureStepDescription": "Smith_Lab_RF1pilot",
    "ProtocolName": "CMRR_MB3_IP2_ME4_TR1700",
    "PulseSequenceDetails": "%CustomerSeq%_cmrr_mbep2d_bold",
    "ReceiveCoilActiveElements": "HE1-4",
    "ReceiveCoilName": "HeadNeck_20",
    "ReconMatrixPE": 86,
    "RefLinesPE": 24,
    "RepetitionTime": 1.7,
    "SAR": 0.0149511,
    "ScanOptions": "FS",
    "ScanningSequence": "EP",
    "SequenceName": "epfid2d4_62",
    "SequenceVariant": "SK_SS_OSP",
    "SeriesDescription": "CMRR_MB3_IP2_ME4_TR1700",
    "SeriesNumber": 18,
    "ShimSetting": [
      1411,
      -7427,
      6415,
      328,
      -11,
      -93,
      -122,
      64
    ],
    "SliceThickness": 2.7,
    "SliceTiming": [
      1.58,
      1.4825,
      1.3825,
      1.285,
      1.185,
      1.0875,
      0.9875,
      0.89,
      0.79,
      0.6925,
      0.5925,
      0.495,
      0.395,
      0.2975,
      0.1975,
      0.1,
      0,
      1.58,
      1.4825,
      1.3825,
      1.285,
      1.185,
      1.0875,
      0.9875,
      0.89,
      0.79,
      0.6925,
      0.5925,
      0.495,
      0.395,
      0.2975,
      0.1975,
      0.1,
      0,
      1.58,
      1.4825,
      1.3825,
      1.285,
      1.185,
      1.0875,
      0.9875,
      0.89,
      0.79,
      0.6925,
      0.5925,
      0.495,
      0.395,
      0.2975,
      0.1975,
      0.1,
      0
    ],
    "SoftwareVersions": "syngo_MR_E11",
    "SpacingBetweenSlices": 2.97,
    "StationName": "AWP166048",
    "TaskName": "sharedreward",
    "TotalReadoutTime": 0.0208517,
    "TxRefAmp": 254.764,
    "WipMemBlock": "a8883c8a-1f5e-4fd0-b4ef-503b530d9173||Sequence: R016 ve11e/master r/434b28f1; Aug  7 2019 18:53:46 by eja",
    "acq_id": "mb3me4",
    "dataset": "<unset>",
    "modality": "bold",
    "subject_id": "10007",
    "task_id": "sharedreward"
  },
  "dummy_trs": 0,
  "dvars_nstd": 79.55141507884176,
  "dvars_std": 1.0547263050579152,
  "dvars_vstd": 1.0195237175289575,
  "efc": 0.3246760523393659,
  "fber": 19423.869140625,
  "fd_mean": 0.2763619334099175,
  "fd_num": 82,
  "fd_perc": 31.53846153846154,
  "fwhm_avg": 1.926023936968181,
  "fwhm_x": 1.7157370090165442,
  "fwhm_y": 2.3249913842805223,
  "fwhm_z": 1.737343417607477,
  "gcor": 0.0082739,
  "gsr_x": -0.010486948303878307,
  "gsr_y": 0.013893965631723404,
  "provenance": {
    "md5sum": "86031ba74417a813db03c5ab559e85fe",
    "settings": {
      "fd_thres": 0.2,
      "testing": false
    },
    "software": "mriqc",
    "version": "0.16.1",
    "webapi_port": null,
    "webapi_url": "https://mriqc.nimh.nih.gov/api/v1"
  },
  "size_t": 260,
  "size_x": 86,
  "size_y": 86,
  "size_z": 51,
  "snr": 2.4281082670138088,
  "spacing_tr": 1.7000000476837158,
  "spacing_x": 2.697674512863159,
  "spacing_y": 2.697674512863159,
  "spacing_z": 2.9700000286102295,
  "summary_bg_k": 385.8533459174972,
  "summary_bg_mad": 13.84522288074269,
  "summary_bg_mean": 52.28584671020508,
  "summary_bg_median": 22.096153259277344,
  "summary_bg_n": 293085.0,
  "summary_bg_p05": 8.958461380004886,
  "summary_bg_p95": 181.54538879394528,
  "summary_bg_stdv": 119.43115234375,
  "summary_fg_k": 23.715461871141255,
  "summary_fg_mad": 772.9202438954884,
  "summary_fg_mean": 3363.18310546875,
  "summary_fg_median": 3114.322998046875,
  "summary_fg_n": 32852.0,
  "summary_fg_p05": 2150.432092285156,
  "summary_fg_p95": 5041.525024414059,
  "summary_fg_stdv": 1282.5933837890625,
  "tsnr": 15.726513996487483
}