{
  "aor": 0.0008972692307692309,
  "aqi": 0.04400419423076923,
  "bids_meta": {
    "AcquisitionMatrixPE": 62,
    "AcquisitionNumber": 1,
    "AcquisitionTime": "14:41:16.352500",
    "BandwidthPerPixelPhaseEncode": 46.452,
    "BaseResolution": 86,
    "BodyPartExamined": "BRAIN",
    "CogAtlasID": "http://www.cognitiveatlas.org/task/id/TODO",
    "ConsistencyInfo": "N4_VE11E_LATEST_20181129",
    "ConversionSoftware": "dcm2niix",
    "ConversionSoftwareVersion": "v1.0.20190410  GCC6.3.0",
    "DerivedVendorReportedEchoSpacing": 0.000500642,
    "DeviceSerialNumber": "166048",
    "DwellTime": 2.3e-06,
    "EchoNumber": 1,
    "EchoTime": 0.014,
    "EchoTrainLength": 31,
    "EffectiveEchoSpacing": 0.000250321,
    "FlipAngle": 20,
    "ImageComments": "Unaliased_MB6_PE4_LB_SENSE1",
    "ImageOrientationPatientDICOM": [
      1,
      0,
      0,
      0,
      1,
      0
    ],
    "ImageType": [
      "ORIGINAL",
      "PRIMARY",
      "M",
      "MB",
      "TE1",
      "ND",
      "NORM",
      "MOSAIC"
    ],
    "ImagingFrequency": 123.246,
    "InPlanePhaseEncodingDirectionDICOM": "COL",
    "InstitutionAddress": "North_13th_1701_Philadelphia_PA_US_19122",
    "InstitutionName": "Temple_University_-_Weiss_Hall",
    "InstitutionalDepartmentName": "Department",
    "MRAcquisitionType": "2D",
    "MagneticFieldStrength": 3,
    "Manufacturer": "Siemens",
    "ManufacturersModelName": "Prisma",
    "Modality": "MR",
    "MultibandAccelerationFactor": 6,
    "ParallelReductionFactorInPlane": 2,
    "PartialFourier": 1,
    "PatientPosition": "HFS",
    "PercentPhaseFOV": 100,
    "PhaseEncodingDirection": "j-",
    "PhaseEncodingSteps": 62,
    "PhaseResolution": 0.72,
    "PixelBandwidth": 2530,
    "ProcedureStepDescription": "Smith_Lab_RF1pilot",
    "ProtocolName": "CMRR_MB6_IP2_ME4_TR1700",
    "PulseSequenceDetails": "%CustomerSeq%_cmrr_mbep2d_bold",
    "ReceiveCoilActiveElements": "HE1-4",
    "ReceiveCoilName": "HeadNeck_20",
    "ReconMatrixPE": 86,
    "RefLinesPE": 24,
    "RepetitionTime": 1.7,
    "SAR": 0.00927937,
    "ScanOptions": "FS",
    "ScanningSequence": "EP",
    "SequenceName": "epfid2d4_62",
    "SequenceVariant": "SK_SS_OSP",
    "SeriesDescription": "CMRR_MB6_IP2_ME4_TR1700",
    "SeriesNumber": 20,
    "ShimSetting": [
      1412,
      -7425,
      6411,
      309,
      -19,
      -119,
      -119,
      65
    ],
    "SliceThickness": 2.7,
    "SliceTiming": [
      1.4925,
      1.305,
      1.12,
      0.9325,
      0.745,
      0.56,
      0.3725,
      0.185,
      0,
      1.4925,
      1.305,
      1.12,
      0.9325,
      0.745,
      0.56,
      0.3725,
      0.185,
      0,
      1.4925,
      1.305,
      1.12,
      0.9325,
      0.745,
      0.56,
      0.3725,
      0.185,
      0,
      1.4925,
      1.305,
      1.12,
      0.9325,
      0.745,
      0.56,
      0.3725,
      0.185,
      0,
      1.4925,
      1.305,
      1.12,
      0.9325,
      0.745,
      0.56,
      0.3725,
      0.185,
      0,
      1.4925,
      1.305,
      1.12,
      0.9325,
      0.745,
      0.56,
      0.3725,
      0.185,
      0
    ],
    "SoftwareVersions": "syngo_MR_E11",
    "SpacingBetweenSlices": 2.97,
    "StationName": "AWP166048",
    "TaskName": "sharedreward",
    "TotalReadoutTime": 0.0212773,
    "TxRefAmp": 254.764,
    "WipMemBlock": "561722ea-209f-47ed-bdf0-7a6e4ef7f331||Sequence: R016 ve11e/master r/434b28f1; Aug  7 2019 18:53:46 by eja",
    "acq_id": "mb6me4",
    "dataset": "<unset>",
    "modality": "bold",
    "subject_id": "10007",
    "task_id": "sharedreward"
  },
  "dummy_trs": 0,
  "dvars_nstd": 72.33471240768343,
  "dvars_std": 1.069468987760619,
  "dvars_vstd": 0.9891934633976835,
  "efc": 0.37598261014042744,
  "fber": 120307.5859375,
  "fd_mean": 0.13724230417627173,
  "fd_num": 32,
  "fd_perc": 12.307692307692308,
  "fwhm_avg": 2.010353719761644,
  "fwhm_x": 1.9657115692477871,
  "fwhm_y": 2.4140903466845876,
  "fwhm_z": 1.6512592433525568,
  "gcor": 0.00184691,
  "gsr_x": -0.00971317384392023,
  "gsr_y": 0.027239419519901276,
  "provenance": {
    "md5sum": "8a45dd2fe8075f096c850a0f8986ecdf",
    "settings": {
      "fd_thres": 0.2,
      "testing": false
    },
    "software": "mriqc",
    "version": "0.16.1",
    "webapi_port": null,
    "webapi_url": "https://mriqc.nimh.nih.gov/api/v1"
  },
  "size_t": 260,
  "size_x": 86,
  "size_y": 86,
  "size_z": 54,
  "snr": 4.293471015778813,
  "spacing_tr": 1.7000000476837158,
  "spacing_x": 2.697674512863159,
  "spacing_y": 2.697674512863159,
  "spacing_z": 2.9700000286102295,
  "summary_bg_k": 47.74284350348635,
  "summary_bg_mad": 23.658909778335683,
  "summary_bg_mean": 213.924560546875,
  "summary_bg_median": 22.41538429260254,
  "summary_bg_n": 303666.0,
  "summary_bg_p05": 4.892307758331299,
  "summary_bg_p95": 1143.1480407714844,
  "summary_bg_stdv": 594.4763793945312,
  "summary_fg_k": 1.9820428003245159,
  "summary_fg_mad": 1531.6822881384262,
  "summary_fg_mean": 7671.50390625,
  "summary_fg_median": 7563.47314453125,
  "summary_fg_n": 42519.0,
  "summary_fg_p05": 5071.022900390625,
  "summary_fg_p95": 10664.625,
  "summary_fg_stdv": 1761.601318359375,
  "tsnr": 18.618020152673125
}