{
  "aor": 0.001427730769230769,
  "aqi": 0.05164807807692307,
  "bids_meta": {
    "AcquisitionMatrixPE": 62,
    "AcquisitionNumber": 1,
    "AcquisitionTime": "14:41:16.370000",
    "BandwidthPerPixelPhaseEncode": 46.452,
    "BaseResolution": 86,
    "BodyPartExamined": "BRAIN",
    "CogAtlasID": "http://www.cognitiveatlas.org/task/id/TODO",
    "ConsistencyInfo": "N4_VE11E_LATEST_20181129",
    "ConversionSoftware": "dcm2niix",
    "ConversionSoftwareVersion": "v1.0.20190410  GCC6.3.0",
    "DerivedVendorReportedEchoSpacing": 0.000500642,
    "DeviceSerialNumber": "166048",
    "DwellTime": 2.3e-06,
    "EchoNumber": 2,
    "EchoTime": 0.03058,
    "EchoTrainLength": 31,
    "EffectiveEchoSpacing": 0.000250321,
    "FlipAngle": 20,
    "ImageComments": "Unaliased_MB6_PE4_LB_SENSE1",
    "ImageOrientationPatientDICOM": [
      1,
      0,
      0,
      0,
      1,
      0
    ],
    "ImageType": [
      "ORIGINAL",
      "PRIMARY",
      "M",
      "MB",
      "TE2",
      "ND",
      "NORM",
      "MOSAIC"
    ],
    "ImagingFrequency": 123.246,
    "InPlanePhaseEncodingDirectionDICOM": "COL",
    "InstitutionAddress": "North_13th_1701_Philadelphia_PA_US_19122",
    "InstitutionName": "Temple_University_-_Weiss_Hall",
    "InstitutionalDepartmentName": "Department",
    "MRAcquisitionType": "2D",
    "MagneticFieldStrength": 3,
    "Manufacturer": "Siemens",
    "ManufacturersModelName": "Prisma",
    "Modality": "MR",
    "MultibandAccelerationFactor": 6,
    "ParallelReductionFactorInPlane": 2,
    "PartialFourier": 1,
    "PatientPosition": "HFS",
    "PercentPhaseFOV": 100,
    "PhaseEncodingDirection": "j-",
    "PhaseEncodingSteps": 62,
    "PhaseResolution": 0.72,
    "PixelBandwidth": 2530,
    "ProcedureStepDescription": "Smith_Lab_RF1pilot",
    "ProtocolName": "CMRR_MB6_IP2_ME4_TR1700",
    "PulseSequenceDetails": "%CustomerSeq%_cmrr_mbep2d_bold",
    "ReceiveCoilActiveElements": "HE1-4",
    "ReceiveCoilName": "HeadNeck_20",
    "ReconMatrixPE": 86,
    "RefLinesPE": 24,
    "RepetitionTime": 1.7,
    "SAR": 0.00927937,
    "ScanOptions": "FS",
    "ScanningSequence": "EP",
    "SequenceName": "epfid2d4_62",
    "SequenceVariant": "SK_SS_OSP",
    "SeriesDescription": "CMRR_MB6_IP2_ME4_TR1700",
    "SeriesNumber": 20,
    "ShimSetting": [
      1412,
      -7425,
      6411,
      309,
      -19,
      -119,
      -119,
      65
    ],
    "SliceThickness": 2.7,
    "SliceTiming": [
      1.495,
      1.3075,
      1.12,
      0.935,
      0.7475,
      0.56,
      0.375,
      0.1875,
      0,
      1.495,
      1.3075,
      1.12,
      0.935,
      0.7475,
      0.56,
      0.375,
      0.1875,
      0,
      1.495,
      1.3075,
      1.12,
      0.935,
      0.7475,
      0.56,
      0.375,
      0.1875,
      0,
      1.495,
      1.3075,
      1.12,
      0.935,
      0.7475,
      0.56,
      0.375,
      0.1875,
      0,
      1.495,
      1.3075,
      1.12,
      0.935,
      0.7475,
      0.56,
      0.375,
      0.1875,
      0,
      1.495,
      1.3075,
      1.12,
      0.935,
      0.7475,
      0.56,
      0.375,
      0.1875,
      0
    ],
    "SoftwareVersions": "syngo_MR_E11",
    "SpacingBetweenSlices": 2.97,
    "StationName": "AWP166048",
    "TaskName": "sharedreward",
    "TotalReadoutTime": 0.0212773,
    "TxRefAmp": 254.764,
    "WipMemBlock": "561722ea-209f-47ed-bdf0-7a6e4ef7f331||Sequence: R016 ve11e/master r/434b28f1; Aug  7 2019 18:53:46 by eja",
    "acq_id": "mb6me4",
    "dataset": "<unset>",
    "modality": "bold",
    "subject_id": "10007",
    "task_id": "sharedreward"
  },
  "dummy_trs": 0,
  "dvars_nstd": 73.94122420471041,
  "dvars_std": 1.0596647813127416,
  "dvars_vstd": 0.9947173231660235,
  "efc": 0.3377657579839684,
  "fber": 153483.21875,
  "fd_mean": 0.1415683730002529,
  "fd_num": 43,
  "fd_perc": 16.53846153846154,
  "fwhm_avg": 1.9507395912163517,
  "fwhm_x": 1.8317369187565353,
  "fwhm_y": 2.3178556086677817,
  "fwhm_z": 1.7026262462247381,
  "gcor": 0.00533844,
  "gsr_x": -0.0057980515994131565,
  "gsr_y": 0.016829662024974823,
  "provenance": {
    "md5sum": "3a2e761760f84da8b9a926fbccd92fa6",
    "settings": {
      "fd_thres": 0.2,
      "testing": false
    },
    "software": "mriqc",
    "version": "0.16.1",
    "webapi_port": null,
    "webapi_url": "https://mriqc.nimh.nih.gov/api/v1"
  },
  "size_t": 260,
  "size_x": 86,
  "size_y": 86,
  "size_z": 54,
  "snr": 3.963317915174907,
  "spacing_tr": 1.7000000476837158,
  "spacing_x": 2.697674512863159,
  "spacing_y": 2.697674512863159,
  "spacing_z": 2.9700000286102295,
  "summary_bg_k": 224.6562548906933,
  "summary_bg_mad": 13.143838844293137,
  "summary_bg_mean": 85.69701385498047,
  "summary_bg_median": 14.723076820373535,
  "summary_bg_n": 307714.0,
  "summary_bg_p05": 4.453845977783203,
  "summary_bg_p95": 360.26826477050736,
  "summary_bg_stdv": 282.19683837890625,
  "summary_fg_k": 6.654164603700073,
  "summary_fg_mad": 1202.3390004006633,
  "summary_fg_mean": 5864.9736328125,
  "summary_fg_median": 5721.0634765625,
  "summary_fg_n": 38626.0,
  "summary_fg_p05": 4005.9529418945312,
  "summary_fg_p95": 8120.0126953125,
  "summary_fg_stdv": 1443.48486328125,
  "tsnr": 17.235125344712287
}