{
  "aor": 0.0040847286821705416,
  "aqi": 0.015392707713178293,
  "bids_meta": {
    "AcquisitionMatrixPE": 62,
    "AcquisitionNumber": 1,
    "AcquisitionTime": "13:47:44.140000",
    "BandwidthPerPixelPhaseEncode": 23.7,
    "BaseResolution": 86,
    "BodyPartExamined": "BRAIN",
    "CogAtlasID": "http://www.cognitiveatlas.org/task/id/TODO",
    "ConsistencyInfo": "N4_VE11E_LATEST_20181129",
    "ConversionSoftware": "dcm2niix",
    "ConversionSoftwareVersion": "v1.0.20190410  GCC6.3.0",
    "DerivedVendorReportedEchoSpacing": 0.000490629,
    "DeviceSerialNumber": "166048",
    "DwellTime": 2.3e-06,
    "EchoTime": 0.03,
    "EchoTrainLength": 62,
    "EffectiveEchoSpacing": 0.000490629,
    "FlipAngle": 20,
    "ImageComments": "SENSE1",
    "ImageOrientationPatientDICOM": [
      1,
      0,
      0,
      0,
      1,
      0
    ],
    "ImageType": [
      "ORIGINAL",
      "PRIMARY",
      "M",
      "ND",
      "NORM",
      "MOSAIC"
    ],
    "ImagingFrequency": 123.246,
    "InPlanePhaseEncodingDirectionDICOM": "COL",
    "InstitutionAddress": "North_13th_1701_Philadelphia_PA_US_19122",
    "InstitutionName": "Temple_University_-_Weiss_Hall",
    "InstitutionalDepartmentName": "Department",
    "MRAcquisitionType": "2D",
    "MagneticFieldStrength": 3,
    "Manufacturer": "Siemens",
    "ManufacturersModelName": "Prisma",
    "Modality": "MR",
    "PartialFourier": 1,
    "PatientPosition": "HFS",
    "PercentPhaseFOV": 100,
    "PhaseEncodingDirection": "j-",
    "PhaseEncodingSteps": 62,
    "PhaseResolution": 0.72,
    "PixelBandwidth": 2530,
    "ProcedureStepDescription": "Smith_Lab_RF1pilot",
    "ProtocolName": "CMRR_MB1_IP0_ME1_TR1700",
    "PulseSequenceDetails": "%CustomerSeq%_cmrr_mbep2d_bold",
    "ReceiveCoilActiveElements": "HE1-4",
    "ReceiveCoilName": "HeadNeck_20",
    "ReconMatrixPE": 86,
    "RepetitionTime": 1.7,
    "SAR": 0.0211223,
    "ScanOptions": "FS",
    "ScanningSequence": "EP",
    "SequenceName": "epfid2d1_62",
    "SequenceVariant": "SK_SS_OSP",
    "SeriesDescription": "CMRR_MB1_IP0_ME1_TR1700",
    "SeriesNumber": 7,
    "ShimSetting": [
      1415,
      -7473,
      6454,
      379,
      53,
      82,
      42,
      106
    ],
    "SliceThickness": 2.7,
    "SliceTiming": [
      1.6175,
      1.5575,
      1.495,
      1.4325,
      1.37,
      1.3075,
      1.245,
      1.1825,
      1.12,
      1.0575,
      0.9975,
      0.935,
      0.8725,
      0.81,
      0.7475,
      0.685,
      0.6225,
      0.56,
      0.4975,
      0.4375,
      0.375,
      0.3125,
      0.25,
      0.1875,
      0.125,
      0.0625,
      0
    ],
    "SoftwareVersions": "syngo_MR_E11",
    "SpacingBetweenSlices": 2.97,
    "StationName": "AWP166048",
    "TaskName": "sharedreward",
    "TotalReadoutTime": 0.0417035,
    "TxRefAmp": 251.505,
    "WipMemBlock": "b849dfe8-758e-4333-8e83-52ad0edbf9c8||Sequence: R016 ve11e/master r/434b28f1; Aug  7 2019 18:53:46 by eja",
    "acq_id": "mb1me1",
    "dataset": "<unset>",
    "modality": "bold",
    "subject_id": "10007",
    "task_id": "sharedreward"
  },
  "dummy_trs": 2,
  "dvars_nstd": 31.877234232840475,
  "dvars_std": 1.0806771419066148,
  "dvars_vstd": 1.0378330828404665,
  "efc": 0.45287781050677456,
  "fber": 6675.5126953125,
  "fd_mean": 0.19983178603735702,
  "fd_num": 91,
  "fd_perc": 35.27131782945737,
  "fwhm_avg": 2.0419122966437544,
  "fwhm_x": 1.8531034697341116,
  "fwhm_y": 2.4422293974255287,
  "fwhm_z": 1.8304040227716232,
  "gcor": 0.0128003,
  "gsr_x": -0.013538510538637638,
  "gsr_y": 0.00990908220410347,
  "provenance": {
    "md5sum": "ed7917b6d0912401ee03d8ae15d13336",
    "settings": {
      "fd_thres": 0.2,
      "testing": false
    },
    "software": "mriqc",
    "version": "0.16.1",
    "webapi_port": null,
    "webapi_url": "https://mriqc.nimh.nih.gov/api/v1"
  },
  "size_t": 258,
  "size_x": 86,
  "size_y": 86,
  "size_z": 27,
  "snr": 3.9331184948202575,
  "spacing_tr": 1.7000000476837158,
  "spacing_x": 2.697674512863159,
  "spacing_y": 2.697674512863159,
  "spacing_z": 2.9700000286102295,
  "summary_bg_k": 119.60105865157384,
  "summary_bg_mad": 31.706424386646507,
  "summary_bg_mean": 128.088623046875,
  "summary_bg_median": 63.66666793823242,
  "summary_bg_n": 128764.0,
  "summary_bg_p05": 28.077518463134766,
  "summary_bg_p95": 381.5575546264641,
  "summary_bg_stdv": 310.2436218261719,
  "summary_fg_k": 14.207471399172153,
  "summary_fg_mad": 1026.165244545099,
  "summary_fg_mean": 5472.42578125,
  "summary_fg_median": 5267.66259765625,
  "summary_fg_n": 33726.0,
  "summary_fg_p05": 4032.2423095703125,
  "summary_fg_p95": 7346.82861328125,
  "summary_fg_stdv": 1339.28955078125,
  "tsnr": 40.390414331050124
}