{
  "aor": 0.0007721317829457365,
  "aqi": 0.01537628581395349,
  "bids_meta": {
    "AcquisitionMatrixPE": 62,
    "AcquisitionNumber": 1,
    "AcquisitionTime": "13:56:45.592500",
    "BandwidthPerPixelPhaseEncode": 23.226,
    "BaseResolution": 86,
    "BodyPartExamined": "BRAIN",
    "CogAtlasID": "http://www.cognitiveatlas.org/task/id/TODO",
    "ConsistencyInfo": "N4_VE11E_LATEST_20181129",
    "ConversionSoftware": "dcm2niix",
    "ConversionSoftwareVersion": "v1.0.20190410  GCC6.3.0",
    "DerivedVendorReportedEchoSpacing": 0.000500642,
    "DeviceSerialNumber": "166048",
    "DwellTime": 2.3e-06,
    "EchoTime": 0.03,
    "EchoTrainLength": 62,
    "EffectiveEchoSpacing": 0.000500642,
    "FlipAngle": 20,
    "ImageComments": "Unaliased_MB3_PE3_LB_SENSE1",
    "ImageOrientationPatientDICOM": [
      1,
      0,
      0,
      0,
      1,
      0
    ],
    "ImageType": [
      "ORIGINAL",
      "PRIMARY",
      "M",
      "MB",
      "ND",
      "NORM",
      "MOSAIC"
    ],
    "ImagingFrequency": 123.246,
    "InPlanePhaseEncodingDirectionDICOM": "COL",
    "InstitutionAddress": "North_13th_1701_Philadelphia_PA_US_19122",
    "InstitutionName": "Temple_University_-_Weiss_Hall",
    "InstitutionalDepartmentName": "Department",
    "MRAcquisitionType": "2D",
    "MagneticFieldStrength": 3,
    "Manufacturer": "Siemens",
    "ManufacturersModelName": "Prisma",
    "Modality": "MR",
    "MultibandAccelerationFactor": 3,
    "PartialFourier": 1,
    "PatientPosition": "HFS",
    "PercentPhaseFOV": 100,
    "PhaseEncodingDirection": "j-",
    "PhaseEncodingSteps": 62,
    "PhaseResolution": 0.72,
    "PixelBandwidth": 2530,
    "ProcedureStepDescription": "Smith_Lab_RF1pilot",
    "ProtocolName": "CMRR_MB3_IP0_ME1_TR1700",
    "PulseSequenceDetails": "%CustomerSeq%_cmrr_mbep2d_bold",
    "ReceiveCoilActiveElements": "HE1-4",
    "ReceiveCoilName": "HeadNeck_20",
    "ReconMatrixPE": 86,
    "RepetitionTime": 1.7,
    "SAR": 0.0150338,
    "ScanOptions": "FS",
    "ScanningSequence": "EP",
    "SequenceName": "epfid2d1_62",
    "SequenceVariant": "SK_SS_OSP",
    "SeriesDescription": "CMRR_MB3_IP0_ME1_TR1700",
    "SeriesNumber": 9,
    "ShimSetting": [
      1409,
      -7451,
      6429,
      392,
      39,
      -87,
      -56,
      54
    ],
    "SliceThickness": 2.7,
    "SliceTiming": [
      1.5825,
      1.4825,
      1.385,
      1.285,
      1.1875,
      1.0875,
      0.99,
      0.89,
      0.7925,
      0.6925,
      0.595,
      0.495,
      0.3975,
      0.2975,
      0.1975,
      0.1,
      0,
      1.5825,
      1.4825,
      1.385,
      1.285,
      1.1875,
      1.0875,
      0.99,
      0.89,
      0.7925,
      0.6925,
      0.595,
      0.495,
      0.3975,
      0.2975,
      0.1975,
      0.1,
      0,
      1.5825,
      1.4825,
      1.385,
      1.285,
      1.1875,
      1.0875,
      0.99,
      0.89,
      0.7925,
      0.6925,
      0.595,
      0.495,
      0.3975,
      0.2975,
      0.1975,
      0.1,
      0
    ],
    "SoftwareVersions": "syngo_MR_E11",
    "SpacingBetweenSlices": 2.97,
    "StationName": "AWP166048",
    "TaskName": "sharedreward",
    "TotalReadoutTime": 0.0425546,
    "TxRefAmp": 251.505,
    "WipMemBlock": "dbe34408-bca0-4f09-ac6d-8bb5bf99aa26||Sequence: R016 ve11e/master r/434b28f1; Aug  7 2019 18:53:46 by eja",
    "acq_id": "mb3me1",
    "dataset": "<unset>",
    "modality": "bold",
    "subject_id": "10007",
    "task_id": "sharedreward"
  },
  "dummy_trs": 2,
  "dvars_nstd": 34.24269325964979,
  "dvars_std": 1.070123329066147,
  "dvars_vstd": 0.990733122412452,
  "efc": 0.3523123533788409,
  "fber": 59149.1875,
  "fd_mean": 0.2333107518070825,
  "fd_num": 126,
  "fd_perc": 48.83720930232558,
  "fwhm_avg": 2.094393730284778,
  "fwhm_x": 1.9028648473057614,
  "fwhm_y": 2.452504914307875,
  "fwhm_z": 1.9278114292406978,
  "gcor": 0.0226625,
  "gsr_x": -0.008703614585101604,
  "gsr_y": 0.009566877037286758,
  "provenance": {
    "md5sum": "eaa65149c27bc6321d8dd3a1088444a3",
    "settings": {
      "fd_thres": 0.2,
      "testing": false
    },
    "software": "mriqc",
    "version": "0.16.1",
    "webapi_port": null,
    "webapi_url": "https://mriqc.nimh.nih.gov/api/v1"
  },
  "size_t": 258,
  "size_x": 86,
  "size_y": 86,
  "size_z": 51,
  "snr": 4.108268047048949,
  "spacing_tr": 1.7000000476837158,
  "spacing_x": 2.697674512863159,
  "spacing_y": 2.697674512863159,
  "spacing_z": 2.9700000286102295,
  "summary_bg_k": 124.27067239958608,
  "summary_bg_mad": 14.234127138144002,
  "summary_bg_mean": 93.68487548828125,
  "summary_bg_median": 22.798450469970703,
  "summary_bg_n": 285618.0,
  "summary_bg_p05": 8.767441749572754,
  "summary_bg_p95": 369.2059997558565,
  "summary_bg_stdv": 300.4404296875,
  "summary_fg_k": 11.962206722973379,
  "summary_fg_mad": 1059.761604436465,
  "summary_fg_mean": 5805.900390625,
  "summary_fg_median": 5593.3759765625,
  "summary_fg_n": 38931.0,
  "summary_fg_p05": 4247.098876953125,
  "summary_fg_p95": 7791.30810546875,
  "summary_fg_stdv": 1361.4749755859375,
  "tsnr": 37.37482734967489
}