{
  "aor": 0.001684076923076923,
  "aqi": 0.061295538461538464,
  "bids_meta": {
    "AcquisitionMatrixPE": 62,
    "AcquisitionNumber": 1,
    "AcquisitionTime": "14:41:16.402500",
    "BandwidthPerPixelPhaseEncode": 46.452,
    "BaseResolution": 86,
    "BodyPartExamined": "BRAIN",
    "CogAtlasID": "http://www.cognitiveatlas.org/task/id/TODO",
    "ConsistencyInfo": "N4_VE11E_LATEST_20181129",
    "ConversionSoftware": "dcm2niix",
    "ConversionSoftwareVersion": "v1.0.20190410  GCC6.3.0",
    "DerivedVendorReportedEchoSpacing": 0.000500642,
    "DeviceSerialNumber": "166048",
    "DwellTime": 2.3e-06,
    "EchoNumber": 4,
    "EchoTime": 0.06374,
    "EchoTrainLength": 31,
    "EffectiveEchoSpacing": 0.000250321,
    "FlipAngle": 20,
    "ImageComments": "Unaliased_MB6_PE4_LB_SENSE1",
    "ImageOrientationPatientDICOM": [
      1,
      0,
      0,
      0,
      1,
      0
    ],
    "ImageType": [
      "ORIGINAL",
      "PRIMARY",
      "M",
      "MB",
      "TE4",
      "ND",
      "NORM",
      "MOSAIC"
    ],
    "ImagingFrequency": 123.246,
    "InPlanePhaseEncodingDirectionDICOM": "COL",
    "InstitutionAddress": "North_13th_1701_Philadelphia_PA_US_19122",
    "InstitutionName": "Temple_University_-_Weiss_Hall",
    "InstitutionalDepartmentName": "Department",
    "MRAcquisitionType": "2D",
    "MagneticFieldStrength": 3,
    "Manufacturer": "Siemens",
    "ManufacturersModelName": "Prisma",
    "Modality": "MR",
    "MultibandAccelerationFactor": 6,
    "ParallelReductionFactorInPlane": 2,
    "PartialFourier": 1,
    "PatientPosition": "HFS",
    "PercentPhaseFOV": 100,
    "PhaseEncodingDirection": "j-",
    "PhaseEncodingSteps": 62,
    "PhaseResolution": 0.72,
    "PixelBandwidth": 2530,
    "ProcedureStepDescription": "Smith_Lab_RF1pilot",
    "ProtocolName": "CMRR_MB6_IP2_ME4_TR1700",
    "PulseSequenceDetails": "%CustomerSeq%_cmrr_mbep2d_bold",
    "ReceiveCoilActiveElements": "HE1-4",
    "ReceiveCoilName": "HeadNeck_20",
    "ReconMatrixPE": 86,
    "RefLinesPE": 24,
    "RepetitionTime": 1.7,
    "SAR": 0.00927937,
    "ScanOptions": "FS",
    "ScanningSequence": "EP",
    "SequenceName": "epfid2d4_62",
    "SequenceVariant": "SK_SS_OSP",
    "SeriesDescription": "CMRR_MB6_IP2_ME4_TR1700",
    "SeriesNumber": 20,
    "ShimSetting": [
      1412,
      -7425,
      6411,
      309,
      -19,
      -119,
      -119,
      65
    ],
    "SliceThickness": 2.7,
    "SliceTiming": [
      1.4925,
      1.305,
      1.12,
      0.9325,
      0.745,
      0.56,
      0.3725,
      0.185,
      0,
      1.4925,
      1.305,
      1.12,
      0.9325,
      0.745,
      0.56,
      0.3725,
      0.185,
      0,
      1.4925,
      1.305,
      1.12,
      0.9325,
      0.745,
      0.56,
      0.3725,
      0.185,
      0,
      1.4925,
      1.305,
      1.12,
      0.9325,
      0.745,
      0.56,
      0.3725,
      0.185,
      0,
      1.4925,
      1.305,
      1.12,
      0.9325,
      0.745,
      0.56,
      0.3725,
      0.185,
      0,
      1.4925,
      1.305,
      1.12,
      0.9325,
      0.745,
      0.56,
      0.3725,
      0.185,
      0
    ],
    "SoftwareVersions": "syngo_MR_E11",
    "SpacingBetweenSlices": 2.97,
    "StationName": "AWP166048",
    "TaskName": "sharedreward",
    "TotalReadoutTime": 0.0212773,
    "TxRefAmp": 254.764,
    "WipMemBlock": "561722ea-209f-47ed-bdf0-7a6e4ef7f331||Sequence: R016 ve11e/master r/434b28f1; Aug  7 2019 18:53:46 by eja",
    "acq_id": "mb6me4",
    "dataset": "<unset>",
    "modality": "bold",
    "subject_id": "10007",
    "task_id": "sharedreward"
  },
  "dummy_trs": 0,
  "dvars_nstd": 104.58874223054045,
  "dvars_std": 1.0588517159459452,
  "dvars_vstd": 1.0025843679536681,
  "efc": 0.30534435637872087,
  "fber": 65838.5234375,
  "fd_mean": 0.14272767095932323,
  "fd_num": 40,
  "fd_perc": 15.384615384615385,
  "fwhm_avg": 1.8654428998839068,
  "fwhm_x": 1.6849957169872167,
  "fwhm_y": 2.297467678345667,
  "fwhm_z": 1.6138653043188362,
  "gcor": 0.00609923,
  "gsr_x": -0.009985213167965412,
  "gsr_y": 0.015262273140251637,
  "provenance": {
    "md5sum": "a3f0617eb34e125a1bb6ca5249e44b05",
    "settings": {
      "fd_thres": 0.2,
      "testing": false
    },
    "software": "mriqc",
    "version": "0.16.1",
    "webapi_port": null,
    "webapi_url": "https://mriqc.nimh.nih.gov/api/v1"
  },
  "size_t": 260,
  "size_x": 86,
  "size_y": 86,
  "size_z": 54,
  "snr": 2.501588586914975,
  "spacing_tr": 1.7000000476837158,
  "spacing_x": 2.697674512863159,
  "spacing_y": 2.697674512863159,
  "spacing_z": 2.9700000286102295,
  "summary_bg_k": 262.2221606211081,
  "summary_bg_mad": 8.918422662944138,
  "summary_bg_mean": 44.023712158203125,
  "summary_bg_median": 11.980769157409668,
  "summary_bg_n": 316156.0,
  "summary_bg_p05": 4.296154022216797,
  "summary_bg_p95": 180.79327392578125,
  "summary_bg_stdv": 120.78645324707031,
  "summary_fg_k": 20.96706426329634,
  "summary_fg_mad": 824.1045879417118,
  "summary_fg_mean": 3326.87109375,
  "summary_fg_median": 3109.511474609375,
  "summary_fg_n": 31485.0,
  "summary_fg_p05": 2012.3508056640626,
  "summary_fg_p95": 5033.128417968749,
  "summary_fg_stdv": 1242.9949951171875,
  "tsnr": 12.035878919705283
}