{
  "aor": 0.002469384615384615,
  "aqi": 0.026261899615384613,
  "bids_meta": {
    "AcquisitionMatrixPE": 62,
    "AcquisitionNumber": 1,
    "AcquisitionTime": "14:06:27.592500",
    "BandwidthPerPixelPhaseEncode": 22.333,
    "BaseResolution": 86,
    "BodyPartExamined": "BRAIN",
    "CogAtlasID": "http://www.cognitiveatlas.org/task/id/TODO",
    "ConsistencyInfo": "N4_VE11E_LATEST_20181129",
    "ConversionSoftware": "dcm2niix",
    "ConversionSoftwareVersion": "v1.0.20190410  GCC6.3.0",
    "DerivedVendorReportedEchoSpacing": 0.00052066,
    "DeviceSerialNumber": "166048",
    "DwellTime": 2.3e-06,
    "EchoTime": 0.03,
    "EchoTrainLength": 62,
    "EffectiveEchoSpacing": 0.00052066,
    "FlipAngle": 20,
    "ImageComments": "Unaliased_MB6_PE3_LB_SENSE1",
    "ImageOrientationPatientDICOM": [
      1,
      0,
      0,
      0,
      1,
      0
    ],
    "ImageType": [
      "ORIGINAL",
      "PRIMARY",
      "M",
      "MB",
      "ND",
      "NORM",
      "MOSAIC"
    ],
    "ImagingFrequency": 123.246,
    "InPlanePhaseEncodingDirectionDICOM": "COL",
    "InstitutionAddress": "North_13th_1701_Philadelphia_PA_US_19122",
    "InstitutionName": "Temple_University_-_Weiss_Hall",
    "InstitutionalDepartmentName": "Department",
    "MRAcquisitionType": "2D",
    "MagneticFieldStrength": 3,
    "Manufacturer": "Siemens",
    "ManufacturersModelName": "Prisma",
    "Modality": "MR",
    "MultibandAccelerationFactor": 6,
    "PartialFourier": 1,
    "PatientPosition": "HFS",
    "PercentPhaseFOV": 100,
    "PhaseEncodingDirection": "j-",
    "PhaseEncodingSteps": 62,
    "PhaseResolution": 0.72,
    "PixelBandwidth": 2530,
    "ProcedureStepDescription": "Smith_Lab_RF1pilot",
    "ProtocolName": "CMRR_MB6_IP0_ME1_TR1700",
    "PulseSequenceDetails": "%CustomerSeq%_cmrr_mbep2d_bold",
    "ReceiveCoilActiveElements": "HE1-4",
    "ReceiveCoilName": "HeadNeck_20",
    "ReconMatrixPE": 86,
    "RepetitionTime": 1.7,
    "SAR": 0.00931083,
    "ScanOptions": "FS",
    "ScanningSequence": "EP",
    "SequenceName": "epfid2d1_62",
    "SequenceVariant": "SK_SS_OSP",
    "SeriesDescription": "CMRR_MB6_IP0_ME1_TR1700",
    "SeriesNumber": 11,
    "ShimSetting": [
      1410,
      -7450,
      6421,
      359,
      51,
      -133,
      -54,
      54
    ],
    "SliceThickness": 2.7,
    "SliceTiming": [
      1.4925,
      1.3075,
      1.12,
      0.9325,
      0.7475,
      0.56,
      0.3725,
      0.1875,
      0,
      1.4925,
      1.3075,
      1.12,
      0.9325,
      0.7475,
      0.56,
      0.3725,
      0.1875,
      0,
      1.4925,
      1.3075,
      1.12,
      0.9325,
      0.7475,
      0.56,
      0.3725,
      0.1875,
      0,
      1.4925,
      1.3075,
      1.12,
      0.9325,
      0.7475,
      0.56,
      0.3725,
      0.1875,
      0,
      1.4925,
      1.3075,
      1.12,
      0.9325,
      0.7475,
      0.56,
      0.3725,
      0.1875,
      0,
      1.4925,
      1.3075,
      1.12,
      0.9325,
      0.7475,
      0.56,
      0.3725,
      0.1875,
      0
    ],
    "SoftwareVersions": "syngo_MR_E11",
    "SpacingBetweenSlices": 2.97,
    "StationName": "AWP166048",
    "TaskName": "sharedreward",
    "TotalReadoutTime": 0.0442561,
    "TxRefAmp": 251.505,
    "WipMemBlock": "d51ddb7f-a145-4c24-836d-7fc4b6d4e8a2||Sequence: R016 ve11e/master r/434b28f1; Aug  7 2019 18:53:46 by eja",
    "acq_id": "mb6me1",
    "dataset": "<unset>",
    "modality": "bold",
    "subject_id": "10007",
    "task_id": "sharedreward"
  },
  "dummy_trs": 0,
  "dvars_nstd": 37.436856501583,
  "dvars_std": 1.0371597612741315,
  "dvars_vstd": 0.9893665710424702,
  "efc": 0.33730374057331536,
  "fber": 245312.421875,
  "fd_mean": 0.34690503238894554,
  "fd_num": 140,
  "fd_perc": 53.84615384615385,
  "fwhm_avg": 2.1547178624497705,
  "fwhm_x": 1.951269500786885,
  "fwhm_y": 2.5370221527340973,
  "fwhm_z": 1.975861933828329,
  "gcor": 0.0278079,
  "gsr_x": -0.005490649491548538,
  "gsr_y": 0.01403005514293909,
  "provenance": {
    "md5sum": "eb6cb638b1ae89a4e93c305730c1f65e",
    "settings": {
      "fd_thres": 0.2,
      "testing": false
    },
    "software": "mriqc",
    "version": "0.16.1",
    "webapi_port": null,
    "webapi_url": "https://mriqc.nimh.nih.gov/api/v1"
  },
  "size_t": 260,
  "size_x": 86,
  "size_y": 86,
  "size_z": 54,
  "snr": 4.371977507141008,
  "spacing_tr": 1.7000000476837158,
  "spacing_x": 2.697674512863159,
  "spacing_y": 2.697674512863159,
  "spacing_z": 2.9700000286102295,
  "summary_bg_k": 136.3660710646617,
  "summary_bg_mad": 9.08949138835343,
  "summary_bg_mean": 76.80675506591797,
  "summary_bg_median": 11.896153450012207,
  "summary_bg_n": 305975.0,
  "summary_bg_p05": 4.126923084259033,
  "summary_bg_p95": 318.1073120117186,
  "summary_bg_stdv": 278.55340576171875,
  "summary_fg_k": 10.586965569803109,
  "summary_fg_mad": 1104.0253886397395,
  "summary_fg_mean": 6155.71728515625,
  "summary_fg_median": 5943.64794921875,
  "summary_fg_n": 39758.0,
  "summary_fg_p05": 4608.121630859375,
  "summary_fg_p95": 8201.487060546877,
  "summary_fg_stdv": 1359.47021484375,
  "tsnr": 28.03983536583837
}