{
  "aor": 0.0017837307692307692,
  "aqi": 0.04975770538461539,
  "bids_meta": {
    "AcquisitionMatrixPE": 62,
    "AcquisitionNumber": 1,
    "AcquisitionTime": "14:22:49.995000",
    "BandwidthPerPixelPhaseEncode": 47.4,
    "BaseResolution": 86,
    "BodyPartExamined": "BRAIN",
    "CogAtlasID": "http://www.cognitiveatlas.org/task/id/TODO",
    "ConsistencyInfo": "N4_VE11E_LATEST_20181129",
    "ConversionSoftware": "dcm2niix",
    "ConversionSoftwareVersion": "v1.0.20190410  GCC6.3.0",
    "DerivedVendorReportedEchoSpacing": 0.000490629,
    "DeviceSerialNumber": "166048",
    "DwellTime": 2.3e-06,
    "EchoNumber": 4,
    "EchoTime": 0.06255,
    "EchoTrainLength": 31,
    "EffectiveEchoSpacing": 0.000245314,
    "FlipAngle": 20,
    "ImageComments": "SENSE1",
    "ImageOrientationPatientDICOM": [
      0.994881,
      0,
      0.101056,
      0,
      1,
      0
    ],
    "ImageType": [
      "ORIGINAL",
      "PRIMARY",
      "M",
      "TE4",
      "ND",
      "NORM",
      "MOSAIC"
    ],
    "ImagingFrequency": 123.246,
    "InPlanePhaseEncodingDirectionDICOM": "COL",
    "InstitutionAddress": "North_13th_1701_Philadelphia_PA_US_19122",
    "InstitutionName": "Temple_University_-_Weiss_Hall",
    "InstitutionalDepartmentName": "Department",
    "MRAcquisitionType": "2D",
    "MagneticFieldStrength": 3,
    "Manufacturer": "Siemens",
    "ManufacturersModelName": "Prisma",
    "Modality": "MR",
    "ParallelReductionFactorInPlane": 2,
    "PartialFourier": 1,
    "PatientPosition": "HFS",
    "PercentPhaseFOV": 100,
    "PhaseEncodingDirection": "j-",
    "PhaseEncodingSteps": 62,
    "PhaseResolution": 0.72,
    "PixelBandwidth": 2530,
    "ProcedureStepDescription": "Smith_Lab_RF1pilot",
    "ProtocolName": "CMRR_MB1_IP2_ME4_TR1700",
    "PulseSequenceDetails": "%CustomerSeq%_cmrr_mbep2d_bold",
    "ReceiveCoilActiveElements": "HE1-4",
    "ReceiveCoilName": "HeadNeck_20",
    "ReconMatrixPE": 86,
    "RefLinesPE": 24,
    "RepetitionTime": 1.7,
    "SAR": 0.0150802,
    "ScanOptions": "FS",
    "ScanningSequence": "EP",
    "SequenceName": "epfid2d4_62",
    "SequenceVariant": "SK_SS_OSP",
    "SeriesDescription": "CMRR_MB1_IP2_ME4_TR1700",
    "SeriesNumber": 16,
    "ShimSetting": [
      1409,
      -7483,
      6406,
      206,
      -143,
      -133,
      156,
      16
    ],
    "SliceThickness": 2.7,
    "SliceTiming": [
      1.5925,
      1.505,
      1.415,
      1.3275,
      1.2375,
      1.15,
      1.0625,
      0.9725,
      0.885,
      0.7975,
      0.7075,
      0.62,
      0.53,
      0.4425,
      0.355,
      0.265,
      0.1775,
      0.09,
      0
    ],
    "SoftwareVersions": "syngo_MR_E11",
    "SpacingBetweenSlices": 2.97,
    "StationName": "AWP166048",
    "TaskName": "sharedreward",
    "TotalReadoutTime": 0.0208517,
    "TxRefAmp": 254.764,
    "WipMemBlock": "23ff7715-1bd4-4d6b-a692-f3150a07a67f||Sequence: R016 ve11e/master r/434b28f1; Aug  7 2019 18:53:46 by eja",
    "acq_id": "mb1me4",
    "dataset": "<unset>",
    "modality": "bold",
    "subject_id": "10007",
    "task_id": "sharedreward"
  },
  "dummy_trs": 0,
  "dvars_nstd": 73.3288185973359,
  "dvars_std": 0.9912992390347484,
  "dvars_vstd": 0.9865406105791502,
  "efc": 0.4503307583415928,
  "fber": 2535.35302734375,
  "fd_mean": 0.2614313778586208,
  "fd_num": 99,
  "fd_perc": 38.07692307692308,
  "fwhm_avg": 1.913911299595623,
  "fwhm_x": 1.6526975284605645,
  "fwhm_y": 2.447063190360081,
  "fwhm_z": 1.6419731799662234,
  "gcor": 0.0178461,
  "gsr_x": -0.012244539335370064,
  "gsr_y": 0.011813526041805744,
  "provenance": {
    "md5sum": "f1c1ebbc1227cb3779fc76dd1aabd859",
    "settings": {
      "fd_thres": 0.2,
      "testing": false
    },
    "software": "mriqc",
    "version": "0.16.1",
    "webapi_port": null,
    "webapi_url": "https://mriqc.nimh.nih.gov/api/v1"
  },
  "size_t": 260,
  "size_x": 86,
  "size_y": 86,
  "size_z": 19,
  "snr": 2.452116077149894,
  "spacing_tr": 1.7000000476837158,
  "spacing_x": 2.697674512863159,
  "spacing_y": 2.697674512863159,
  "spacing_z": 2.9699997901916504,
  "summary_bg_k": 37.38566184851617,
  "summary_bg_mad": 29.694812611904105,
  "summary_bg_mean": 83.59626007080078,
  "summary_bg_median": 61.56346130371094,
  "summary_bg_n": 87022.0,
  "summary_bg_p05": 25.869230270385742,
  "summary_bg_p95": 215.44961166381813,
  "summary_bg_stdv": 87.93858337402344,
  "summary_fg_k": 26.97020111635992,
  "summary_fg_mad": 719.3643154411476,
  "summary_fg_mean": 3339.372314453125,
  "summary_fg_median": 3093.3076171875,
  "summary_fg_n": 23701.0,
  "summary_fg_p05": 2199.480712890625,
  "summary_fg_p95": 4884.08447265625,
  "summary_fg_stdv": 1261.4583740234375,
  "tsnr": 16.11846452159807
}