{
  "AcquisitionMatrixPE": 62,
  "AcquisitionNumber": 1,
  "AcquisitionTime": "18:00:2.585000",
  "BandwidthPerPixelPhaseEncode": 46.452,
  "BaseResolution": 86,
  "BodyPartExamined": "BRAIN",
  "ConsistencyInfo": "N4_VE11E_LATEST_20181129",
  "ConversionSoftware": "dcm2niix",
  "ConversionSoftwareVersion": "v1.0.20190410  GCC6.3.0",
  "DerivedVendorReportedEchoSpacing": 0.000500642,
  "DeviceSerialNumber": "166048",
  "DwellTime": 2.3e-06,
  "EchoNumber": 4,
  "EchoTime": 0.06374,
  "EchoTrainLength": 31,
  "EffectiveEchoSpacing": 0.000250321,
  "FlipAngle": 20,
  "ImageComments": "Single-band_reference_SENSE1",
  "ImageOrientationPatientDICOM": [
    1,
    0,
    0,
    0,
    1,
    0
  ],
  "ImageType": [
    "ORIGINAL",
    "PRIMARY",
    "M",
    "TE4",
    "ND",
    "NORM",
    "MOSAIC"
  ],
  "ImagingFrequency": 123.246,
  "InPlanePhaseEncodingDirectionDICOM": "COL",
  "InstitutionAddress": "North_13th_1701_Philadelphia_PA_US_19122",
  "InstitutionName": "Temple_University_-_Weiss_Hall",
  "InstitutionalDepartmentName": "Department",
  "MRAcquisitionType": "2D",
  "MagneticFieldStrength": 3,
  "Manufacturer": "Siemens",
  "ManufacturersModelName": "Prisma",
  "Modality": "MR",
  "ParallelReductionFactorInPlane": 2,
  "PartialFourier": 1,
  "PatientPosition": "HFS",
  "PercentPhaseFOV": 100,
  "PhaseEncodingDirection": "j-",
  "PhaseEncodingSteps": 62,
  "PhaseResolution": 0.72,
  "PixelBandwidth": 2530,
  "ProcedureStepDescription": "Smith_Lab_RF1pilot",
  "ProtocolName": "CMRR_MB6_IP2_ME4_TR1700",
  "PulseSequenceDetails": "%CustomerSeq%_cmrr_mbep2d_bold",
  "ReceiveCoilActiveElements": "HC3-7;NC1",
  "ReceiveCoilName": "HeadNeck_64",
  "ReconMatrixPE": 86,
  "RefLinesPE": 62,
  "RepetitionTime": 1.7,
  "SAR": 0.0084113,
  "ScanOptions": "FS",
  "ScanningSequence": "EP",
  "SequenceName": "epfid2d4_62",
  "SequenceVariant": "SK_SS_OSP",
  "SeriesDescription": "CMRR_MB6_IP2_ME4_TR1700_SBRef",
  "SeriesNumber": 17,
  "ShimSetting": [
    1419,
    -7475,
    6485,
    260,
    13,
    -91,
    -109,
    46
  ],
  "SliceThickness": 2.7,
  "SliceTiming": [
    9.895,
    9.7075,
    9.52,
    9.335,
    9.1475,
    8.96,
    8.775,
    8.5875,
    8.4,
    8.215,
    8.0275,
    7.84,
    7.655,
    7.4675,
    7.28,
    7.095,
    6.9075,
    6.72,
    6.535,
    6.3475,
    6.16,
    5.975,
    5.7875,
    5.6,
    5.415,
    5.2275,
    5.04,
    4.855,
    4.6675,
    4.48,
    4.295,
    4.1075,
    3.92,
    3.735,
    3.5475,
    3.36,
    3.175,
    2.9875,
    2.8,
    2.615,
    2.4275,
    2.24,
    2.055,
    1.8675,
    1.68,
    1.495,
    1.3075,
    1.12,
    0.935,
    0.7475,
    0.56,
    0.375,
    0.1875,
    0
  ],
  "SoftwareVersions": "syngo_MR_E11",
  "SpacingBetweenSlices": 2.97,
  "StationName": "AWP166048",
  "TaskName": "sharedreward",
  "TotalReadoutTime": 0.0212773,
  "TxRefAmp": 217.372,
  "WipMemBlock": "db5dc14c-6228-4877-ad7d-445cfd703483||Sequence: R016 ve11e/master r/434b28f1; Aug  7 2019 18:53:46 by eja"
}