{
  "AcquisitionMatrixPE": 62,
  "AcquisitionNumber": 1,
  "AcquisitionTime": "17:51:7.700000",
  "BandwidthPerPixelPhaseEncode": 47.4,
  "BaseResolution": 86,
  "BodyPartExamined": "BRAIN",
  "ConsistencyInfo": "N4_VE11E_LATEST_20181129",
  "ConversionSoftware": "dcm2niix",
  "ConversionSoftwareVersion": "v1.0.20190410  GCC6.3.0",
  "DerivedVendorReportedEchoSpacing": 0.000490629,
  "DeviceSerialNumber": "166048",
  "DwellTime": 2.3e-06,
  "EchoNumber": 2,
  "EchoTime": 0.03005,
  "EchoTrainLength": 31,
  "EffectiveEchoSpacing": 0.000245314,
  "FlipAngle": 20,
  "ImageComments": "Unaliased_MB3_PE4_LB_SENSE1",
  "ImageOrientationPatientDICOM": [
    1,
    0,
    0,
    0,
    1,
    0
  ],
  "ImageType": [
    "ORIGINAL",
    "PRIMARY",
    "M",
    "MB",
    "TE2",
    "ND",
    "NORM",
    "MOSAIC"
  ],
  "ImagingFrequency": 123.246,
  "InPlanePhaseEncodingDirectionDICOM": "COL",
  "InstitutionAddress": "North_13th_1701_Philadelphia_PA_US_19122",
  "InstitutionName": "Temple_University_-_Weiss_Hall",
  "InstitutionalDepartmentName": "Department",
  "MRAcquisitionType": "2D",
  "MagneticFieldStrength": 3,
  "Manufacturer": "Siemens",
  "ManufacturersModelName": "Prisma",
  "Modality": "MR",
  "MultibandAccelerationFactor": 3,
  "ParallelReductionFactorInPlane": 2,
  "PartialFourier": 1,
  "PatientPosition": "HFS",
  "PercentPhaseFOV": 100,
  "PhaseEncodingDirection": "j-",
  "PhaseEncodingSteps": 62,
  "PhaseResolution": 0.72,
  "PixelBandwidth": 2530,
  "ProcedureStepDescription": "Smith_Lab_RF1pilot",
  "ProtocolName": "CMRR_MB3_IP2_ME4_TR1700",
  "PulseSequenceDetails": "%CustomerSeq%_cmrr_mbep2d_bold",
  "ReceiveCoilActiveElements": "HC3-7;NC1",
  "ReceiveCoilName": "HeadNeck_64",
  "ReconMatrixPE": 86,
  "RefLinesPE": 62,
  "RepetitionTime": 1.7,
  "SAR": 0.0135048,
  "ScanOptions": "FS",
  "ScanningSequence": "EP",
  "SequenceName": "epfid2d4_62",
  "SequenceVariant": "SK_SS_OSP",
  "SeriesDescription": "CMRR_MB3_IP2_ME4_TR1700",
  "SeriesNumber": 16,
  "ShimSetting": [
    1420,
    -7469,
    6499,
    311,
    13,
    -30,
    -103,
    42
  ],
  "SliceThickness": 2.7,
  "SliceTiming": [
    1.5825,
    1.4825,
    1.385,
    1.285,
    1.1875,
    1.0875,
    0.99,
    0.89,
    0.7925,
    0.6925,
    0.595,
    0.495,
    0.3975,
    0.2975,
    0.2,
    0.1,
    0,
    1.5825,
    1.4825,
    1.385,
    1.285,
    1.1875,
    1.0875,
    0.99,
    0.89,
    0.7925,
    0.6925,
    0.595,
    0.495,
    0.3975,
    0.2975,
    0.2,
    0.1,
    0,
    1.5825,
    1.4825,
    1.385,
    1.285,
    1.1875,
    1.0875,
    0.99,
    0.89,
    0.7925,
    0.6925,
    0.595,
    0.495,
    0.3975,
    0.2975,
    0.2,
    0.1,
    0
  ],
  "SoftwareVersions": "syngo_MR_E11",
  "SpacingBetweenSlices": 2.97,
  "StationName": "AWP166048",
  "TaskName": "sharedreward",
  "TotalReadoutTime": 0.0208517,
  "TxRefAmp": 217.372,
  "WipMemBlock": "360011b9-2142-4319-834f-857c93dbe6b0||Sequence: R016 ve11e/master r/434b28f1; Aug  7 2019 18:53:46 by eja"
}