{
  "AcquisitionMatrixPE": 86,
  "AcquisitionNumber": 1,
  "AcquisitionTime": "17:31:35.850000",
  "BandwidthPerPixelPhaseEncode": 22.361,
  "BaseResolution": 86,
  "BodyPartExamined": "BRAIN",
  "ConsistencyInfo": "N4_VE11E_LATEST_20181129",
  "ConversionSoftware": "dcm2niix",
  "ConversionSoftwareVersion": "v1.0.20190410  GCC6.3.0",
  "DerivedVendorReportedEchoSpacing": 0.000520008,
  "DeviceSerialNumber": "166048",
  "DwellTime": 2.3e-06,
  "EchoTime": 0.03,
  "EchoTrainLength": 86,
  "EffectiveEchoSpacing": 0.000520008,
  "FlipAngle": 20,
  "ImageComments": "Single-band_reference_SENSE1",
  "ImageOrientationPatientDICOM": [1, 0, 0, 0, 1, 0],
  "ImageType": [
    "ORIGINAL",
    "PRIMARY",
    "M",
    "ND",
    "NORM",
    "MOSAIC"
],
  "ImagingFrequency": 123.246,
  "InPlanePhaseEncodingDirectionDICOM": "COL",
  "InstitutionAddress": "North_13th_1701_Philadelphia_PA_US_19122",
  "InstitutionName": "Temple_University_-_Weiss_Hall",
  "InstitutionalDepartmentName": "Department",
  "MRAcquisitionType": "2D",
  "MagneticFieldStrength": 3,
  "Manufacturer": "Siemens",
  "ManufacturersModelName": "Prisma",
  "Modality": "MR",
  "PartialFourier": 1,
  "PatientPosition": "HFS",
  "PercentPhaseFOV": 100,
  "PhaseEncodingDirection": "j-",
  "PhaseEncodingSteps": 86,
  "PhaseResolution": 1,
  "PixelBandwidth": 2530,
  "ProcedureStepDescription": "Smith_Lab_RF1pilot",
  "ProtocolName": "CMRR_MB6_IP0_ME1_TR1700",
  "PulseSequenceDetails": "%CustomerSeq%_cmrr_mbep2d_bold",
  "ReceiveCoilActiveElements": "HC3-7;NC1",
  "ReceiveCoilName": "HeadNeck_64",
  "ReconMatrixPE": 86,
  "RepetitionTime": 1.7,
  "SAR": 0.00906612,
  "ScanOptions": "FS",
  "ScanningSequence": "EP",
  "SequenceName": "epfid2d1_86",
  "SequenceVariant": "SK_SS",
  "SeriesDescription": "CMRR_MB6_IP0_ME1_TR1700_SBRef",
  "SeriesNumber": 9,
  "ShimSetting": [1419, -7475, 6485, 260, 13, -91, -109, 46],
  "SliceThickness": 2.7,
  "SliceTiming": [9.8925, 9.705, 9.52, 9.3325, 9.145, 8.96, 8.7725, 8.585, 8.4, 8.2125, 8.025, 7.84, 7.6525, 7.465, 7.28, 7.0925, 6.905, 6.72, 6.5325, 6.345, 6.16, 5.9725, 5.785, 5.6, 5.4125, 5.225, 5.04, 4.8525, 4.665, 4.48, 4.2925, 4.105, 3.92, 3.7325, 3.545, 3.36, 3.1725, 2.985, 2.8, 2.6125, 2.425, 2.24, 2.0525, 1.865, 1.68, 1.4925, 1.305, 1.12, 0.9325, 0.745, 0.56, 0.3725, 0.185, 0],
  "SoftwareVersions": "syngo_MR_E11",
  "SpacingBetweenSlices": 2.97,
  "StationName": "AWP166048",
  "TaskName": "sharedreward",
  "TotalReadoutTime": 0.0442007,
  "TxRefAmp": 217.372,
  "WipMemBlock": "2f6860e7-e1f2-4df6-a939-160c4e39b18c||Sequence: R016 ve11e/master r/434b28f1; Aug  7 2019 18:53:46 by eja"
}