{
    "AcquisitionMatrixPE": 80,
    "AcquisitionNumber": 1,
    "AcquisitionTime": "10:53:6.247500",
    "BaseResolution": 80,
    "BodyPartExamined": "BRAIN",
    "ConsistencyInfo": "N4_VE11E_LATEST_20181129",
    "ConversionSoftware": "dcm2niix",
    "ConversionSoftwareVersion": "v1.0.20210317",
    "DeviceSerialNumber": "166048",
    "DwellTime": 1.78e-05,
    "EchoNumber": 2,
    "EchoTime": 0.00738,
    "EchoTime1": 0.00492,
    "EchoTime2": 0.00738,
    "FlipAngle": 60,
    "ImageOrientationPatientDICOM": [
        1,
        0,
        0,
        0,
        1,
        0
    ],
    "ImageType": [
        "ORIGINAL",
        "PRIMARY",
        "P",
        "ND",
        "PHASE"
    ],
    "ImagingFrequency": 123.246,
    "InPlanePhaseEncodingDirectionDICOM": "COL",
    "InstitutionAddress": "North 13th 1701,Philadelphia,PA,US,19122",
    "InstitutionName": "Temple University - Weiss Hall",
    "InstitutionalDepartmentName": "Department",
    "IntendedFor": [
        "func/sub-10188_task-sharedreward_acq-mb3me4_echo-1_part-phase_sbref.nii.gz",
        "func/sub-10188_task-sharedreward_acq-mb3me4_echo-2_part-phase_sbref.nii.gz",
        "func/sub-10188_task-sharedreward_acq-mb6me4_echo-1_bold.nii.gz",
        "func/sub-10188_task-sharedreward_acq-mb3me4_echo-3_bold.nii.gz",
        "func/sub-10188_task-sharedreward_acq-mb3me4_echo-1_part-mag_sbref.nii.gz",
        "func/sub-10188_task-sharedreward_acq-mb6me4_echo-4_bold.nii.gz",
        "func/sub-10188_task-sharedreward_acq-mb6me4_echo-2_part-mag_sbref.nii.gz",
        "func/sub-10188_task-sharedreward_acq-mb6me4_echo-1_part-mag_sbref.nii.gz",
        "func/sub-10188_task-sharedreward_acq-mb1me4_echo-4_bold.nii.gz",
        "func/sub-10188_task-sharedreward_acq-mb6me4_echo-2_part-phase_sbref.nii.gz",
        "func/sub-10188_task-sharedreward_acq-mb6me4_echo-3_part-phase_sbref.nii.gz",
        "func/sub-10188_task-sharedreward_acq-mb3me4_echo-1_bold.nii.gz",
        "func/sub-10188_task-sharedreward_acq-mb1me4_echo-3_bold.nii.gz",
        "func/sub-10188_task-sharedreward_acq-mb6me4_echo-3_part-mag_sbref.nii.gz",
        "func/sub-10188_task-sharedreward_acq-mb3me4_echo-3_part-phase_sbref.nii.gz",
        "func/sub-10188_task-sharedreward_acq-mb6me4_echo-2_bold.nii.gz",
        "func/sub-10188_task-sharedreward_acq-mb6me4_echo-4_part-mag_sbref.nii.gz",
        "func/sub-10188_task-sharedreward_acq-mb3me4_echo-2_part-mag_sbref.nii.gz",
        "func/sub-10188_task-sharedreward_acq-mb3me4_echo-4_part-phase_sbref.nii.gz",
        "func/sub-10188_task-sharedreward_acq-mb3me4_echo-3_part-mag_sbref.nii.gz",
        "func/sub-10188_task-sharedreward_acq-mb3me4_echo-2_bold.nii.gz",
        "func/sub-10188_task-sharedreward_acq-mb6me4_echo-1_part-phase_sbref.nii.gz",
        "func/sub-10188_task-sharedreward_acq-mb6me4_echo-4_part-phase_sbref.nii.gz",
        "func/sub-10188_task-sharedreward_acq-mb1me4_echo-1_bold.nii.gz",
        "func/sub-10188_task-sharedreward_acq-mb6me4_echo-3_bold.nii.gz",
        "func/sub-10188_task-sharedreward_acq-mb3me4_echo-4_bold.nii.gz",
        "func/sub-10188_task-sharedreward_acq-mb1me4_echo-2_bold.nii.gz",
        "func/sub-10188_task-sharedreward_acq-mb3me4_echo-4_part-mag_sbref.nii.gz"
    ],
    "MRAcquisitionType": "2D",
    "MagneticFieldStrength": 3,
    "Manufacturer": "Siemens",
    "ManufacturersModelName": "Prisma",
    "Modality": "MR",
    "PartialFourier": 1,
    "PatientPosition": "HFS",
    "PercentPhaseFOV": 100,
    "PercentSampling": 100,
    "PhaseEncodingDirection": "j-",
    "PhaseEncodingSteps": 80,
    "PhaseResolution": 1,
    "PixelBandwidth": 350,
    "ProcedureStepDescription": "Smith Lab^RF1pilot",
    "ProtocolName": "fmap_gre_field_mapping_2p8iso",
    "PulseSequenceDetails": "%SiemensSeq%\\gre_field_mapping",
    "ReceiveCoilActiveElements": "HC1-7;NC1,2",
    "ReceiveCoilName": "HeadNeck_64",
    "ReconMatrixPE": 80,
    "RepetitionTime": 0.645,
    "SAR": 0.102228,
    "ScanningSequence": "GR",
    "SequenceName": "*fm2d2r",
    "SequenceVariant": "SP",
    "SeriesDescription": "fmap_gre_field_mapping_2p8iso",
    "SeriesNumber": 14,
    "ShimSetting": [
        1398,
        -7450,
        6489,
        287,
        -5,
        -93,
        -26,
        76
    ],
    "SliceThickness": 2.7,
    "SliceTiming": [
        0.32812,
        0,
        0.33594,
        0.01562,
        0.35156,
        0.03125,
        0.35938,
        0.03906,
        0.375,
        0.04688,
        0.38281,
        0.0625,
        0.39844,
        0.07812,
        0.40625,
        0.08594,
        0.42188,
        0.10156,
        0.42969,
        0.10938,
        0.44531,
        0.125,
        0.46094,
        0.13281,
        0.46875,
        0.14844,
        0.48438,
        0.15625,
        0.49219,
        0.17188,
        0.50781,
        0.17969,
        0.51562,
        0.19531,
        0.53125,
        0.20312,
        0.53906,
        0.21875,
        0.55469,
        0.23438,
        0.5625,
        0.24219,
        0.57812,
        0.25,
        0.58594,
        0.26562,
        0.60156,
        0.28125,
        0.60938,
        0.28906,
        0.625,
        0.29688,
        0.63281,
        0.3125
    ],
    "SoftwareVersions": "syngo MR E11",
    "SpacingBetweenSlices": 2.97,
    "StationName": "AWP166048",
    "TxRefAmp": 241.012
}