{
  "AcquisitionMatrixPE": 80,
  "AcquisitionNumber": 1,
  "AcquisitionTime": "11:07:41.367500",
  "BandwidthPerPixelPhaseEncode": 24.038,
  "BaseResolution": 80,
  "BodyPartExamined": "BRAIN",
  "ConsistencyInfo": "N4_VE11E_LATEST_20181129",
  "ConversionSoftware": "dcm2niix",
  "ConversionSoftwareVersion": "v1.0.20210317",
  "DerivedVendorReportedEchoSpacing": 0.00052001,
  "DeviceSerialNumber": "166048",
  "DwellTime": 2.5e-06,
  "EchoTime": 0.03,
  "EchoTrainLength": 80,
  "EffectiveEchoSpacing": 0.00052001,
  "FlipAngle": 20,
  "ImageComments": "Unaliased MB6/PE3/LB SENSE1",
  "ImageOrientationPatientDICOM": [1, 0, 0, 0, 0.998135, -0.0610485],
  "ImageType": [
    "ORIGINAL",
    "PRIMARY",
    "M",
    "MB",
    "ND",
    "NORM",
    "MOSAIC"
],
  "ImagingFrequency": 123.246,
  "InPlanePhaseEncodingDirectionDICOM": "COL",
  "InstitutionAddress": "North 13th 1701,Philadelphia,PA,US,19122",
  "InstitutionName": "Temple University - Weiss Hall",
  "InstitutionalDepartmentName": "Department",
  "MRAcquisitionType": "2D",
  "MagneticFieldStrength": 3,
  "Manufacturer": "Siemens",
  "ManufacturersModelName": "Prisma",
  "Modality": "MR",
  "MultibandAccelerationFactor": 6,
  "PartialFourier": 1,
  "PatientPosition": "HFS",
  "PercentPhaseFOV": 100,
  "PercentSampling": 100,
  "PhaseEncodingDirection": "j-",
  "PhaseEncodingSteps": 80,
  "PhaseResolution": 1,
  "PixelBandwidth": 2500,
  "ProcedureStepDescription": "Smith Lab^RF1pilot",
  "ProtocolName": "CMRR_MB6_IP0_ME1_TR1700",
  "PulseSequenceDetails": "%CustomerSeq%\\cmrr_mbep2d_bold",
  "ReceiveCoilActiveElements": "HC1-7",
  "ReceiveCoilName": "HeadNeck_64",
  "ReconMatrixPE": 80,
  "RepetitionTime": 0.626,
  "SAR": 0.02157,
  "ScanOptions": "FS",
  "ScanningSequence": "EP",
  "SequenceName": "epfid2d1_80",
  "SequenceVariant": "SK\\SS",
  "SeriesDescription": "CMRR_MB6_IP0_ME1_TR1700",
  "SeriesNumber": 17,
  "ShimSetting": [1424, -7455, 6499, 277, -15, -113, -127, -4],
  "SliceThickness": 2.7,
  "SliceTiming": [0.54, 0.4725, 0.405, 0.3375, 0.27, 0.2025, 0.135, 0.0675, 0, 0.54, 0.4725, 0.405, 0.3375, 0.27, 0.2025, 0.135, 0.0675, 0, 0.54, 0.4725, 0.405, 0.3375, 0.27, 0.2025, 0.135, 0.0675, 0, 0.54, 0.4725, 0.405, 0.3375, 0.27, 0.2025, 0.135, 0.0675, 0, 0.54, 0.4725, 0.405, 0.3375, 0.27, 0.2025, 0.135, 0.0675, 0, 0.54, 0.4725, 0.405, 0.3375, 0.27, 0.2025, 0.135, 0.0675, 0],
  "SoftwareVersions": "syngo MR E11",
  "SpacingBetweenSlices": 2.97,
  "StationName": "AWP166048",
  "TaskName": "sharedreward",
  "TotalReadoutTime": 0.0410808,
  "TxRefAmp": 222.751,
  "WipMemBlock": "22279919-7a1e-416d-b393-1a30e093c883||Sequence: R016 ve11e/master r/434b28f1; Aug  7 2019 18:53:46 by eja"
}