{
  "AcquisitionMatrixPE": 80,
  "AcquisitionNumber": 1,
  "AcquisitionTime": "14:03:8.387500",
  "BandwidthPerPixelPhaseEncode": 24.038,
  "BaseResolution": 80,
  "BodyPartExamined": "BRAIN",
  "ConsistencyInfo": "N4_VE11E_LATEST_20181129",
  "ConversionSoftware": "dcm2niix",
  "ConversionSoftwareVersion": "v1.0.20210317",
  "DerivedVendorReportedEchoSpacing": 0.00052001,
  "DeviceSerialNumber": "166048",
  "DwellTime": 2.5e-06,
  "EchoTime": 0.03,
  "EchoTrainLength": 80,
  "EffectiveEchoSpacing": 0.00052001,
  "FlipAngle": 20,
  "ImageComments": "Single-band reference SENSE1",
  "ImageOrientationPatientDICOM": [1, 0, 0, 0, 0.999976, 0.00698126],
  "ImageType": [
    "ORIGINAL",
    "PRIMARY",
    "M",
    "ND",
    "NORM",
    "MOSAIC"
],
  "ImagingFrequency": 123.246,
  "InPlanePhaseEncodingDirectionDICOM": "COL",
  "InstitutionAddress": "North 13th 1701,Philadelphia,PA,US,19122",
  "InstitutionName": "Temple University - Weiss Hall",
  "InstitutionalDepartmentName": "Department",
  "MRAcquisitionType": "2D",
  "MagneticFieldStrength": 3,
  "Manufacturer": "Siemens",
  "ManufacturersModelName": "Prisma",
  "Modality": "MR",
  "PartialFourier": 1,
  "PatientPosition": "HFS",
  "PercentPhaseFOV": 100,
  "PercentSampling": 100,
  "PhaseEncodingDirection": "j-",
  "PhaseEncodingSteps": 80,
  "PhaseResolution": 1,
  "PixelBandwidth": 2500,
  "ProcedureStepDescription": "Smith Lab^RF1pilot",
  "ProtocolName": "CMRR_MB6_IP0_ME1_TR1700",
  "PulseSequenceDetails": "%CustomerSeq%\\cmrr_mbep2d_bold",
  "ReceiveCoilActiveElements": "HC1-7",
  "ReceiveCoilName": "HeadNeck_64",
  "ReconMatrixPE": 80,
  "RepetitionTime": 0.626,
  "SAR": 0.0206891,
  "ScanOptions": "FS",
  "ScanningSequence": "EP",
  "SequenceName": "epfid2d1_80",
  "SequenceVariant": "SK\\SS",
  "SeriesDescription": "CMRR_MB6_IP0_ME1_TR1700_SBRef",
  "SeriesNumber": 24,
  "ShimSetting": [1405, -7468, 6506, 402, -17, -261, -29, 20],
  "SliceThickness": 2.7,
  "SliceTiming": [3.5675, 3.5, 3.4325, 3.365, 3.2975, 3.23, 3.165, 3.0975, 3.03, 2.9625, 2.895, 2.8275, 2.76, 2.6925, 2.625, 2.5575, 2.49, 2.4225, 2.355, 2.2875, 2.2225, 2.155, 2.0875, 2.02, 1.9525, 1.885, 1.8175, 1.75, 1.6825, 1.615, 1.5475, 1.48, 1.4125, 1.345, 1.2775, 1.2125, 1.145, 1.0775, 1.01, 0.9425, 0.875, 0.8075, 0.74, 0.6725, 0.605, 0.5375, 0.47, 0.4025, 0.335, 0.2675, 0.2025, 0.135, 0.0675, 0],
  "SoftwareVersions": "syngo MR E11",
  "SpacingBetweenSlices": 2.97,
  "StationName": "AWP166048",
  "TaskName": "sharedreward",
  "TotalReadoutTime": 0.0410808,
  "TxRefAmp": 226.15,
  "WipMemBlock": "56c1fcb7-50d7-4837-9511-dec80f9e3466||Sequence: R016 ve11e/master r/434b28f1; Aug  7 2019 18:53:46 by eja"
}