{
  "AcquisitionMatrixPE": 86,
  "AcquisitionNumber": 1,
  "AcquisitionTime": "13:59:8.817500",
  "BandwidthPerPixelPhaseEncode": 22.361,
  "BaseResolution": 86,
  "BodyPartExamined": "BRAIN",
  "ConsistencyInfo": "N4_VE11E_LATEST_20181129",
  "ConversionSoftware": "dcm2niix",
  "ConversionSoftwareVersion": "v1.0.20190410  GCC6.3.0",
  "DerivedVendorReportedEchoSpacing": 0.000520008,
  "DeviceSerialNumber": "166048",
  "DwellTime": 2.3e-06,
  "EchoTime": 0.03,
  "EchoTrainLength": 86,
  "EffectiveEchoSpacing": 0.000520008,
  "FlipAngle": 20,
  "ImageComments": "Unaliased_MB6_PE3_LB_SENSE1",
  "ImageOrientationPatientDICOM": [1, 0, 0, 0, 1, 0],
  "ImageType": [
    "ORIGINAL",
    "PRIMARY",
    "M",
    "MB",
    "ND",
    "NORM",
    "MOSAIC"
],
  "ImagingFrequency": 123.246,
  "InPlanePhaseEncodingDirectionDICOM": "COL",
  "InstitutionAddress": "North_13th_1701_Philadelphia_PA_US_19122",
  "InstitutionName": "Temple_University_-_Weiss_Hall",
  "InstitutionalDepartmentName": "Department",
  "MRAcquisitionType": "2D",
  "MagneticFieldStrength": 3,
  "Manufacturer": "Siemens",
  "ManufacturersModelName": "Prisma",
  "Modality": "MR",
  "MultibandAccelerationFactor": 6,
  "PartialFourier": 1,
  "PatientPosition": "HFS",
  "PercentPhaseFOV": 100,
  "PhaseEncodingDirection": "j-",
  "PhaseEncodingSteps": 86,
  "PhaseResolution": 1,
  "PixelBandwidth": 2530,
  "ProcedureStepDescription": "Smith_Lab_RF1pilot",
  "ProtocolName": "CMRR_MB6_IP0_ME1_TR1700",
  "PulseSequenceDetails": "%CustomerSeq%_cmrr_mbep2d_bold",
  "ReceiveCoilActiveElements": "HC1-7",
  "ReceiveCoilName": "HeadNeck_64",
  "ReconMatrixPE": 86,
  "RepetitionTime": 1.7,
  "SAR": 0.00777946,
  "ScanOptions": "FS",
  "ScanningSequence": "EP",
  "SequenceName": "epfid2d1_86",
  "SequenceVariant": "SK_SS",
  "SeriesDescription": "CMRR_MB6_IP0_ME1_TR1700",
  "SeriesNumber": 8,
  "ShimSetting": [1417, -7386, 6446, 317, 20, -303, -134, 20],
  "SliceThickness": 2.7,
  "SliceTiming": [1.4925, 1.305, 1.12, 0.9325, 0.745, 0.56, 0.3725, 0.185, 0, 1.4925, 1.305, 1.12, 0.9325, 0.745, 0.56, 0.3725, 0.185, 0, 1.4925, 1.305, 1.12, 0.9325, 0.745, 0.56, 0.3725, 0.185, 0, 1.4925, 1.305, 1.12, 0.9325, 0.745, 0.56, 0.3725, 0.185, 0, 1.4925, 1.305, 1.12, 0.9325, 0.745, 0.56, 0.3725, 0.185, 0, 1.4925, 1.305, 1.12, 0.9325, 0.745, 0.56, 0.3725, 0.185, 0],
  "SoftwareVersions": "syngo_MR_E11",
  "SpacingBetweenSlices": 2.97,
  "StationName": "AWP166048",
  "TaskName": "sharedreward",
  "TotalReadoutTime": 0.0442007,
  "TxRefAmp": 231.116,
  "WipMemBlock": "f234bd49-1554-4a8e-b14d-c8dda70ba25b||Sequence: R016 ve11e/master r/434b28f1; Aug  7 2019 18:53:46 by eja"
}