{
  "AcquisitionMatrixPE": 62,
  "AcquisitionNumber": 1,
  "AcquisitionTime": "14:07:46.010000",
  "BandwidthPerPixelPhaseEncode": 47.4,
  "BaseResolution": 86,
  "BodyPartExamined": "BRAIN",
  "ConsistencyInfo": "N4_VE11E_LATEST_20181129",
  "ConversionSoftware": "dcm2niix",
  "ConversionSoftwareVersion": "v1.0.20190410  GCC6.3.0",
  "DerivedVendorReportedEchoSpacing": 0.000490629,
  "DeviceSerialNumber": "166048",
  "DwellTime": 2.3e-06,
  "EchoNumber": 1,
  "EchoTime": 0.0138,
  "EchoTrainLength": 31,
  "EffectiveEchoSpacing": 0.000245314,
  "FlipAngle": 20,
  "ImageComments": "SENSE1",
  "ImageOrientationPatientDICOM": [
    0.999998,
    0.000540487,
    0.00209021,
    -3.21053e-08,
    0.96816,
    -0.250332
  ],
  "ImageType": [
    "ORIGINAL",
    "PRIMARY",
    "M",
    "TE1",
    "ND",
    "NORM",
    "MOSAIC"
  ],
  "ImagingFrequency": 123.246,
  "InPlanePhaseEncodingDirectionDICOM": "COL",
  "InstitutionAddress": "North_13th_1701_Philadelphia_PA_US_19122",
  "InstitutionName": "Temple_University_-_Weiss_Hall",
  "InstitutionalDepartmentName": "Department",
  "MRAcquisitionType": "2D",
  "MagneticFieldStrength": 3,
  "Manufacturer": "Siemens",
  "ManufacturersModelName": "Prisma",
  "Modality": "MR",
  "ParallelReductionFactorInPlane": 2,
  "PartialFourier": 1,
  "PatientPosition": "HFS",
  "PercentPhaseFOV": 100,
  "PhaseEncodingDirection": "j-",
  "PhaseEncodingSteps": 62,
  "PhaseResolution": 0.72,
  "PixelBandwidth": 2530,
  "ProcedureStepDescription": "Smith_Lab_RF1pilot",
  "ProtocolName": "CMRR_MB1_IP2_ME4_TR1700",
  "PulseSequenceDetails": "%CustomerSeq%_cmrr_mbep2d_bold",
  "ReceiveCoilActiveElements": "HC3-6",
  "ReceiveCoilName": "HeadNeck_64",
  "ReconMatrixPE": 86,
  "RefLinesPE": 62,
  "RepetitionTime": 1.7,
  "SAR": 0.0120357,
  "ScanOptions": "FS",
  "ScanningSequence": "EP",
  "SequenceName": "epfid2d4_62",
  "SequenceVariant": "SK_SS_OSP",
  "SeriesDescription": "CMRR_MB1_IP2_ME4_TR1700",
  "SeriesNumber": 9,
  "ShimSetting": [
    1428,
    -7383,
    6472,
    314,
    -37,
    -320,
    -20,
    31
  ],
  "SliceThickness": 2.7,
  "SliceTiming": [
    1.5925,
    1.505,
    1.415,
    1.3275,
    1.2375,
    1.15,
    1.0625,
    0.9725,
    0.885,
    0.7975,
    0.7075,
    0.62,
    0.5325,
    0.4425,
    0.355,
    0.265,
    0.1775,
    0.09,
    0
  ],
  "SoftwareVersions": "syngo_MR_E11",
  "SpacingBetweenSlices": 2.97,
  "StationName": "AWP166048",
  "TaskName": "sharedreward",
  "TotalReadoutTime": 0.0208517,
  "TxRefAmp": 231.116,
  "WipMemBlock": "69da4224-2a94-4195-9fb8-6bcf3fb36dbd||Sequence: R016 ve11e/master r/434b28f1; Aug  7 2019 18:53:46 by eja"
}