{
  "AcquisitionMatrixPE": 86,
  "AcquisitionNumber": 1,
  "AcquisitionTime": "14:37:51.480000",
  "BandwidthPerPixelPhaseEncode": 23.73,
  "BaseResolution": 86,
  "BodyPartExamined": "BRAIN",
  "ConsistencyInfo": "N4_VE11E_LATEST_20181129",
  "ConversionSoftware": "dcm2niix",
  "ConversionSoftwareVersion": "v1.0.20190410  GCC6.3.0",
  "DerivedVendorReportedEchoSpacing": 0.000490009,
  "DeviceSerialNumber": "166048",
  "DwellTime": 2.3e-06,
  "EchoTime": 0.03,
  "EchoTrainLength": 86,
  "EffectiveEchoSpacing": 0.000490009,
  "FlipAngle": 20,
  "ImageComments": "SENSE1",
  "ImageOrientationPatientDICOM": [1, 0, 0, 0, 1, 0],
  "ImageType": [
    "ORIGINAL",
    "PRIMARY",
    "M",
    "ND",
    "NORM",
    "MOSAIC"
],
  "ImagingFrequency": 123.246,
  "InPlanePhaseEncodingDirectionDICOM": "COL",
  "InstitutionAddress": "North_13th_1701_Philadelphia_PA_US_19122",
  "InstitutionName": "Temple_University_-_Weiss_Hall",
  "InstitutionalDepartmentName": "Department",
  "MRAcquisitionType": "2D",
  "MagneticFieldStrength": 3,
  "Manufacturer": "Siemens",
  "ManufacturersModelName": "Prisma",
  "Modality": "MR",
  "PartialFourier": 1,
  "PatientPosition": "HFS",
  "PercentPhaseFOV": 100,
  "PhaseEncodingDirection": "j-",
  "PhaseEncodingSteps": 86,
  "PhaseResolution": 1,
  "PixelBandwidth": 2530,
  "ProcedureStepDescription": "Smith_Lab_RF1pilot",
  "ProtocolName": "CMRR_MB1_IP0_ME1_TR1700",
  "PulseSequenceDetails": "%CustomerSeq%_cmrr_mbep2d_bold",
  "ReceiveCoilActiveElements": "HC3-6",
  "ReceiveCoilName": "HeadNeck_64",
  "ReconMatrixPE": 86,
  "RepetitionTime": 1.7,
  "SAR": 0.0156874,
  "ScanOptions": "FS",
  "ScanningSequence": "EP",
  "SequenceName": "epfid2d1_86",
  "SequenceVariant": "SK_SS",
  "SeriesDescription": "CMRR_MB1_IP0_ME1_TR1700",
  "SeriesNumber": 17,
  "ShimSetting": [1420, -7394, 6448, 308, 19, -233, -166, -5],
  "SliceThickness": 2.7,
  "SliceTiming": [1.61, 1.54, 1.47, 1.4, 1.33, 1.26, 1.19, 1.12, 1.05, 0.98, 0.91, 0.84, 0.77, 0.7, 0.63, 0.56, 0.49, 0.42, 0.35, 0.28, 0.21, 0.14, 0.07, 0],
  "SoftwareVersions": "syngo_MR_E11",
  "SpacingBetweenSlices": 2.97,
  "StationName": "AWP166048",
  "TaskName": "sharedreward",
  "TotalReadoutTime": 0.0416507,
  "TxRefAmp": 231.116,
  "WipMemBlock": "03127aaa-9fdc-473c-9d8e-f7c8a2a21f16||Sequence: R016 ve11e/master r/434b28f1; Aug  7 2019 18:53:46 by eja"
}