{
  "AcquisitionMatrixPE": 62,
  "AcquisitionNumber": 1,
  "AcquisitionTime": "14:16:35.712500",
  "BandwidthPerPixelPhaseEncode": 47.4,
  "BaseResolution": 86,
  "BodyPartExamined": "BRAIN",
  "ConsistencyInfo": "N4_VE11E_LATEST_20181129",
  "ConversionSoftware": "dcm2niix",
  "ConversionSoftwareVersion": "v1.0.20190410  GCC6.3.0",
  "DerivedVendorReportedEchoSpacing": 0.000490629,
  "DeviceSerialNumber": "166048",
  "DwellTime": 2.3e-06,
  "EchoNumber": 3,
  "EchoTime": 0.0463,
  "EchoTrainLength": 31,
  "EffectiveEchoSpacing": 0.000245314,
  "FlipAngle": 20,
  "ImageComments": "Single-band_reference_SENSE1",
  "ImageOrientationPatientDICOM": [
    1,
    0,
    0,
    0,
    1,
    0
  ],
  "ImageType": [
    "ORIGINAL",
    "PRIMARY",
    "M",
    "TE3",
    "ND",
    "NORM",
    "MOSAIC"
  ],
  "ImagingFrequency": 123.246,
  "InPlanePhaseEncodingDirectionDICOM": "COL",
  "InstitutionAddress": "North_13th_1701_Philadelphia_PA_US_19122",
  "InstitutionName": "Temple_University_-_Weiss_Hall",
  "InstitutionalDepartmentName": "Department",
  "MRAcquisitionType": "2D",
  "MagneticFieldStrength": 3,
  "Manufacturer": "Siemens",
  "ManufacturersModelName": "Prisma",
  "Modality": "MR",
  "ParallelReductionFactorInPlane": 2,
  "PartialFourier": 1,
  "PatientPosition": "HFS",
  "PercentPhaseFOV": 100,
  "PhaseEncodingDirection": "j-",
  "PhaseEncodingSteps": 62,
  "PhaseResolution": 0.72,
  "PixelBandwidth": 2530,
  "ProcedureStepDescription": "Smith_Lab_RF1pilot",
  "ProtocolName": "CMRR_MB3_IP2_ME4_TR1700",
  "PulseSequenceDetails": "%CustomerSeq%_cmrr_mbep2d_bold",
  "ReceiveCoilActiveElements": "HC1-7",
  "ReceiveCoilName": "HeadNeck_64",
  "ReconMatrixPE": 86,
  "RefLinesPE": 62,
  "RepetitionTime": 1.7,
  "SAR": 0.0115882,
  "ScanOptions": "FS",
  "ScanningSequence": "EP",
  "SequenceName": "epfid2d4_62",
  "SequenceVariant": "SK_SS_OSP",
  "SeriesDescription": "CMRR_MB3_IP2_ME4_TR1700_SBRef",
  "SeriesNumber": 10,
  "ShimSetting": [
    1418,
    -7387,
    6437,
    332,
    15,
    -298,
    -134,
    21
  ],
  "SliceThickness": 2.7,
  "SliceTiming": [
    4.9425,
    4.8425,
    4.745,
    4.645,
    4.545,
    4.4475,
    4.3475,
    4.25,
    4.15,
    4.0525,
    3.9525,
    3.855,
    3.755,
    3.6575,
    3.5575,
    3.46,
    3.36,
    3.2625,
    3.1625,
    3.065,
    2.965,
    2.8675,
    2.7675,
    2.6675,
    2.57,
    2.47,
    2.3725,
    2.2725,
    2.175,
    2.075,
    1.9775,
    1.8775,
    1.78,
    1.68,
    1.5825,
    1.4825,
    1.385,
    1.285,
    1.1875,
    1.0875,
    0.9875,
    0.89,
    0.79,
    0.6925,
    0.5925,
    0.495,
    0.395,
    0.2975,
    0.1975,
    0.1,
    0
  ],
  "SoftwareVersions": "syngo_MR_E11",
  "SpacingBetweenSlices": 2.97,
  "StationName": "AWP166048",
  "TaskName": "sharedreward",
  "TotalReadoutTime": 0.0208517,
  "TxRefAmp": 231.116,
  "WipMemBlock": "fd5b845c-f9d0-460e-ae4a-5de9b35a3931||Sequence: R016 ve11e/master r/434b28f1; Aug  7 2019 18:53:46 by eja"
}