{
	"Modality": "MR",
	"MagneticFieldStrength": 3,
	"ImagingFrequency": 123.246,
	"Manufacturer": "Siemens",
	"ManufacturersModelName": "Prisma",
	"InstitutionName": "Temple_University_-_Weiss_Hall",
	"InstitutionalDepartmentName": "Department",
	"InstitutionAddress": "North_13th_1701_Philadelphia_PA_US_19122",
	"DeviceSerialNumber": "166048",
	"StationName": "AWP166048",
	"BodyPartExamined": "BRAIN",
	"PatientPosition": "HFS",
	"ProcedureStepDescription": "Smith_Lab_RF1pilot",
	"SoftwareVersions": "syngo_MR_E11",
	"MRAcquisitionType": "2D",
	"SeriesDescription": "CMRR_MB3_IP2_ME4_TR1700",
	"ProtocolName": "CMRR_MB3_IP2_ME4_TR1700",
	"ScanningSequence": "EP",
	"SequenceVariant": "SK_SS",
	"ScanOptions": "PFP_FS",
	"SequenceName": "epfid2d4_80",
	"ImageType": ["ORIGINAL", "PRIMARY", "M", "MB", "TE3", "ND", "NORM", "MOSAIC"],
	"SeriesNumber": 10,
	"AcquisitionTime": "15:12:57.220000",
	"AcquisitionNumber": 1,
	"ImageComments": "Unaliased_MB3_PE4_LB_SENSE1+",
	"SliceThickness": 2.7,
	"SpacingBetweenSlices": 2.97,
	"SAR": 0.0153084,
	"EchoNumber": 3,
	"EchoTime": 0.04928,
	"RepetitionTime": 1.615,
	"FlipAngle": 20,
	"PartialFourier": 0.875,
	"BaseResolution": 80,
	"ShimSetting": [
		1409,
		-7440,
		6457,
		285,
		46,
		1,
		-48,
		88	],
	"TxRefAmp": 248.065,
	"PhaseResolution": 1,
	"ReceiveCoilName": "HeadNeck_20",
	"ReceiveCoilActiveElements": "HE1-4",
	"PulseSequenceDetails": "%CustomerSeq%_cmrr_mbep2d_bold",
	"WipMemBlock": "22de6914-67c8-499b-999f-706c37a5222b||Sequence: R016 ve11e/master r/434b28f1; Aug  7 2019 18:53:46 by eja",
	"ConsistencyInfo": "N4_VE11E_LATEST_20181129",
	"MultibandAccelerationFactor": 3,
	"PercentPhaseFOV": 100,
	"EchoTrainLength": 34,
	"PhaseEncodingSteps": 69,
	"AcquisitionMatrixPE": 80,
	"ReconMatrixPE": 80,
	"BandwidthPerPixelPhaseEncode": 51.02,
	"ParallelReductionFactorInPlane": 2,
	"EffectiveEchoSpacing": 0.000245002,
	"DerivedVendorReportedEchoSpacing": 0.000490004,
	"TotalReadoutTime": 0.0193552,
	"PixelBandwidth": 2500,
	"DwellTime": 2.5e-06,
	"PhaseEncodingDirection": "j-",
	"SliceTiming": [
		1.5,
		1.4075,
		1.3125,
		1.22,
		1.125,
		1.0325,
		0.9375,
		0.845,
		0.75,
		0.655,
		0.5625,
		0.4675,
		0.375,
		0.28,
		0.1875,
		0.0925,
		0,
		1.5,
		1.4075,
		1.3125,
		1.22,
		1.125,
		1.0325,
		0.9375,
		0.845,
		0.75,
		0.655,
		0.5625,
		0.4675,
		0.375,
		0.28,
		0.1875,
		0.0925,
		0,
		1.5,
		1.4075,
		1.3125,
		1.22,
		1.125,
		1.0325,
		0.9375,
		0.845,
		0.75,
		0.655,
		0.5625,
		0.4675,
		0.375,
		0.28,
		0.1875,
		0.0925,
		0	],
	"ImageOrientationPatientDICOM": [
		1,
		0,
		0,
		0,
		1,
		0	],
	"InPlanePhaseEncodingDirectionDICOM": "COL",
	"ConversionSoftware": "dcm2niix",
	"ConversionSoftwareVersion": "v1.0.20181125  (JP2:OpenJPEG) GCC9.3.0"
}
