{
  "bids_meta": {
    "AcquisitionMatrixPE": 224,
    "AcquisitionNumber": 1,
    "AcquisitionTime": "15:59:2.285000",
    "BaseResolution": 224,
    "BodyPartExamined": "BRAIN",
    "CoilString": "HE1-4;NE1_2",
    "ConsistencyInfo": "N4_VE11E_LATEST_20181129",
    "ConversionSoftware": "dcm2niix",
    "ConversionSoftwareVersion": "v1.0.20190410  GCC6.3.0",
    "DeviceSerialNumber": "166048",
    "DwellTime": 1.06e-05,
    "EchoTime": 0.00217,
    "FlipAngle": 8,
    "ImageOrientationPatientDICOM": [
      0,
      1,
      0,
      0,
      0,
      -1
    ],
    "ImageType": [
      "ORIGINAL",
      "PRIMARY",
      "M",
      "ND",
      "NORM",
      "FM3",
      "2",
      "FIL"
    ],
    "ImagingFrequency": 123.246,
    "InPlanePhaseEncodingDirectionDICOM": "ROW",
    "InstitutionAddress": "North_13th_1701_Philadelphia_PA_US_19122",
    "InstitutionName": "Temple_University_-_Weiss_Hall",
    "InstitutionalDepartmentName": "Department",
    "InversionTime": 1.15,
    "MRAcquisitionType": "3D",
    "MagneticFieldStrength": 3,
    "Manufacturer": "Siemens",
    "ManufacturersModelName": "Prisma",
    "Modality": "MR",
    "PartialFourier": 1,
    "PatientPosition": "HFS",
    "PercentPhaseFOV": 100,
    "PhaseEncodingSteps": 223,
    "PhaseResolution": 1,
    "PixelBandwidth": 210,
    "ProcedureStepDescription": "Smith_Lab_RF1pilot",
    "ProtocolName": "T1w-anat_mpg_07sag_iso",
    "PulseSequenceDetails": "%SiemensSeq%_tfl",
    "ReceiveCoilActiveElements": "HE1-4;NE1,2",
    "ReceiveCoilName": "HeadNeck_20",
    "ReconMatrixPE": 224,
    "RefLinesPE": 32,
    "RepetitionTime": 2.4,
    "SAR": 0.0347325,
    "ScanOptions": "IR_WE",
    "ScanningSequence": "GR_IR",
    "SequenceName": "_tfl3d1_16ns",
    "SequenceVariant": "SK_SP_MP",
    "SeriesDescription": "T1w-anat_mpg_07sag_iso",
    "SeriesNumber": 3,
    "ShimSetting": [
      1410,
      -7451,
      6508,
      132,
      40,
      -344,
      75,
      64
    ],
    "SliceThickness": 1,
    "SoftwareVersions": "syngo_MR_E11",
    "StationName": "AWP166048",
    "TxRefAmp": 261.494,
    "dataset": "<unset>",
    "modality": "T1w",
    "subject_id": "10008"
  },
  "cjv": 0.40606084356017413,
  "cnr": 3.123438429935877,
  "efc": 0.5232357549092497,
  "fber": 4113.335951557093,
  "fwhm_avg": 3.6373533333333334,
  "fwhm_x": 3.52699,
  "fwhm_y": 3.7506,
  "fwhm_z": 3.63447,
  "icvs_csf": 0.19007000917585115,
  "icvs_gm": 0.45160637755138716,
  "icvs_wm": 0.35832361327276163,
  "inu_med": 1.7115306854248047,
  "inu_range": 0.5853804826736448,
  "provenance": {
    "md5sum": "c899f628edeb841e4ec106ecbfa8a8d4",
    "settings": {
      "testing": false
    },
    "software": "mriqc",
    "version": "0.16.1",
    "warnings": {
      "large_rot_frame": false,
      "small_air_mask": false
    },
    "webapi_port": null,
    "webapi_url": "https://mriqc.nimh.nih.gov/api/v1"
  },
  "qi_1": 0.0,
  "qi_2": 0.010517931609861484,
  "rpve_csf": 26.647183112332648,
  "rpve_gm": 12.424184323836197,
  "rpve_wm": 18.2129743684448,
  "size_x": 192,
  "size_y": 224,
  "size_z": 224,
  "snr_csf": 2.196395299212913,
  "snr_gm": 11.159219756630977,
  "snr_total": 11.807749070909969,
  "snr_wm": 22.067632156886013,
  "snrd_csf": 49.87249645443043,
  "snrd_gm": 128.16608935792212,
  "snrd_total": 116.53988582817067,
  "snrd_wm": 171.58107167215948,
  "spacing_x": 1.0,
  "spacing_y": 1.0,
  "spacing_z": 1.0,
  "summary_bg_k": 4.415977198635598,
  "summary_bg_mad": 3.8184557722598824,
  "summary_bg_mean": 9.755660569389399,
  "summary_bg_median": 7.550924934446812,
  "summary_bg_n": 3511355.0,
  "summary_bg_p05": 2.5169749781489372,
  "summary_bg_p95": 19.90166261792183,
  "summary_bg_stdv": 5.354771061133799,
  "summary_csf_k": -0.2778339307207749,
  "summary_csf_mad": 110.47486813833706,
  "summary_csf_mean": 333.98521661645407,
  "summary_csf_median": 290.68134282529354,
  "summary_csf_n": 8544.0,
  "summary_csf_p05": 175.07609673589468,
  "summary_csf_p95": 581.5295084107667,
  "summary_csf_stdv": 132.33698487030523,
  "summary_gm_k": 0.23123719012182908,
  "summary_gm_mad": 64.13270035681938,
  "summary_gm_mean": 750.819591549138,
  "summary_gm_median": 747.0147597938776,
  "summary_gm_n": 24070.0,
  "summary_gm_p05": 645.1328807655723,
  "summary_gm_p95": 867.0100785195827,
  "summary_gm_stdv": 66.94009602605453,
  "summary_wm_k": 1.1889556302400877,
  "summary_wm_mad": 38.61847315126472,
  "summary_wm_mean": 997.9665205444111,
  "summary_wm_median": 1000.0585465505719,
  "summary_wm_n": 159440.0,
  "summary_wm_p05": 917.1154408752918,
  "summary_wm_p95": 1067.8998023569584,
  "summary_wm_stdv": 45.31774878593304,
  "tpm_overlap_csf": 0.16794779896736145,
  "tpm_overlap_gm": 0.4541165232658386,
  "tpm_overlap_wm": 0.498365581035614,
  "wm2max": 0.6964029858465802
}