{
  "AcquisitionMatrixPE": 80,
  "AcquisitionNumber": 1,
  "AcquisitionTime": "12:08:0.782500",
  "BandwidthPerPixelPhaseEncode": 25,
  "BaseResolution": 80,
  "BodyPartExamined": "BRAIN",
  "ConsistencyInfo": "N4_VE11E_LATEST_20181129",
  "ConversionSoftware": "dcm2niix",
  "ConversionSoftwareVersion": "v1.0.20210317",
  "DerivedVendorReportedEchoSpacing": 0.0005,
  "DeviceSerialNumber": "166048",
  "DwellTime": 2.5e-06,
  "EchoTime": 0.03,
  "EchoTrainLength": 80,
  "EffectiveEchoSpacing": 0.0005,
  "FlipAngle": 20,
  "ImageComments": "Unaliased MB3/PE3/LB SENSE1",
  "ImageOrientationPatientDICOM": [1, 5.35732e-05, 0.000828492, -9.65414e-09, 0.997917, -0.0645171],
  "ImageType": [
    "ORIGINAL",
    "PRIMARY",
    "M",
    "MB",
    "ND",
    "NORM",
    "MOSAIC"
],
  "ImagingFrequency": 123.246,
  "InPlanePhaseEncodingDirectionDICOM": "COL",
  "InstitutionAddress": "North 13th 1701,Philadelphia,PA,US,19122",
  "InstitutionName": "Temple University - Weiss Hall",
  "InstitutionalDepartmentName": "Department",
  "MRAcquisitionType": "2D",
  "MagneticFieldStrength": 3,
  "Manufacturer": "Siemens",
  "ManufacturersModelName": "Prisma",
  "Modality": "MR",
  "MultibandAccelerationFactor": 3,
  "PartialFourier": 1,
  "PatientPosition": "HFS",
  "PercentPhaseFOV": 100,
  "PercentSampling": 100,
  "PhaseEncodingDirection": "j-",
  "PhaseEncodingSteps": 80,
  "PhaseResolution": 1,
  "PixelBandwidth": 2500,
  "ProcedureStepDescription": "Smith Lab^RF1pilot",
  "ProtocolName": "CMRR_MB3_IP0_ME1_TR1700",
  "PulseSequenceDetails": "%CustomerSeq%\\cmrr_mbep2d_bold",
  "ReceiveCoilActiveElements": "HC1-7;NC1",
  "ReceiveCoilName": "HeadNeck_64",
  "ReconMatrixPE": 80,
  "RepetitionTime": 1.15,
  "SAR": 0.0275669,
  "ScanOptions": "FS",
  "ScanningSequence": "EP",
  "SequenceName": "epfid2d1_80",
  "SequenceVariant": "SK\\SS",
  "SeriesDescription": "CMRR_MB3_IP0_ME1_TR1700",
  "SeriesNumber": 22,
  "ShimSetting": [1405, -7455, 6528, 275, -20, -138, 37, 41],
  "SliceThickness": 2.7,
  "SliceTiming": [1.0625, 0.9975, 0.93, 0.865, 0.7975, 0.73, 0.665, 0.5975, 0.5325, 0.465, 0.4, 0.3325, 0.265, 0.2, 0.1325, 0.0675, 0, 1.0625, 0.9975, 0.93, 0.865, 0.7975, 0.73, 0.665, 0.5975, 0.5325, 0.465, 0.4, 0.3325, 0.265, 0.2, 0.1325, 0.0675, 0, 1.0625, 0.9975, 0.93, 0.865, 0.7975, 0.73, 0.665, 0.5975, 0.5325, 0.465, 0.4, 0.3325, 0.265, 0.2, 0.1325, 0.0675, 0],
  "SoftwareVersions": "syngo MR E11",
  "SpacingBetweenSlices": 2.97,
  "StationName": "AWP166048",
  "TaskName": "sharedreward",
  "TotalReadoutTime": 0.0395,
  "TxRefAmp": 296.476,
  "WipMemBlock": "e1f88ad2-0b02-49fe-9e70-40e1aba2ee5d||Sequence: R016 ve11e/master r/434b28f1; Aug  7 2019 18:53:46 by eja"
}