{
  "AcquisitionMatrixPE": 80,
  "AcquisitionNumber": 1,
  "AcquisitionTime": "11:52:8.540000",
  "BandwidthPerPixelPhaseEncode": 50,
  "BaseResolution": 80,
  "BodyPartExamined": "BRAIN",
  "ConsistencyInfo": "N4_VE11E_LATEST_20181129",
  "ConversionSoftware": "dcm2niix",
  "ConversionSoftwareVersion": "v1.0.20210317",
  "DerivedVendorReportedEchoSpacing": 0.0005,
  "DeviceSerialNumber": "166048",
  "DwellTime": 2.5e-06,
  "EchoNumber": 4,
  "EchoTime": 0.0683,
  "EchoTime1": 0.014,
  "EchoTime2": 0.0321,
  "EchoTrainLength": 34,
  "EffectiveEchoSpacing": 0.00025,
  "FlipAngle": 20,
  "ImageComments": "Single-band reference SENSE1+",
  "ImageOrientationPatientDICOM": [
    1,
    5.35732e-05,
    0.000828492,
    -9.65414e-09,
    0.997917,
    -0.0645171
  ],
  "ImageType": [
    "ORIGINAL",
    "PRIMARY",
    "P",
    "TE4",
    "ND",
    "MOSAIC",
    "PHASE"
  ],
  "ImagingFrequency": 123.246,
  "InPlanePhaseEncodingDirectionDICOM": "COL",
  "InstitutionAddress": "North 13th 1701,Philadelphia,PA,US,19122",
  "InstitutionName": "Temple University - Weiss Hall",
  "InstitutionalDepartmentName": "Department",
  "MRAcquisitionType": "2D",
  "MagneticFieldStrength": 3,
  "Manufacturer": "Siemens",
  "ManufacturersModelName": "Prisma",
  "Modality": "MR",
  "ParallelReductionFactorInPlane": 2,
  "PartialFourier": 0.875,
  "PatientPosition": "HFS",
  "PercentPhaseFOV": 100,
  "PercentSampling": 100,
  "PhaseEncodingDirection": "j-",
  "PhaseEncodingSteps": 69,
  "PhaseResolution": 1,
  "PixelBandwidth": 2500,
  "ProcedureStepDescription": "Smith Lab^RF1pilot",
  "ProtocolName": "CMRR_MB6_IP2_ME4_TR1700",
  "PulseSequenceDetails": "%CustomerSeq%\\cmrr_mbep2d_bold",
  "ReceiveCoilActiveElements": "HC1-7;NC1",
  "ReceiveCoilName": "HeadNeck_64",
  "ReconMatrixPE": 80,
  "RefLinesPE": 58,
  "RepetitionTime": 0.878,
  "SAR": 0.0206425,
  "ScanOptions": "PFP\\FS",
  "ScanningSequence": "EP",
  "SequenceName": "epfid2d4_80",
  "SequenceVariant": "SK\\SS",
  "SeriesDescription": "CMRR_MB6_IP2_ME4_TR1700_SBRef",
  "SeriesNumber": 17,
  "ShimSetting": [
    1406,
    -7461,
    6522,
    234,
    -5,
    -181,
    31,
    41
  ],
  "SliceThickness": 2.7,
  "SliceTiming": [
    5.0525,
    4.9575,
    4.86,
    4.765,
    4.67,
    4.575,
    4.48,
    4.385,
    4.29,
    4.1925,
    4.0975,
    4.0025,
    3.9075,
    3.8125,
    3.7175,
    3.6225,
    3.5275,
    3.43,
    3.335,
    3.24,
    3.145,
    3.05,
    2.955,
    2.86,
    2.7625,
    2.6675,
    2.5725,
    2.4775,
    2.3825,
    2.2875,
    2.1925,
    2.0975,
    2,
    1.905,
    1.81,
    1.715,
    1.62,
    1.525,
    1.43,
    1.3325,
    1.2375,
    1.1425,
    1.0475,
    0.9525,
    0.8575,
    0.7625,
    0.6675,
    0.57,
    0.475,
    0.38,
    0.285,
    0.19,
    0.095,
    0
  ],
  "SoftwareVersions": "syngo MR E11",
  "SpacingBetweenSlices": 2.97,
  "StationName": "AWP166048",
  "TaskName": "sharedreward",
  "TotalReadoutTime": 0.01975,
  "TxRefAmp": 296.476,
  "WipMemBlock": "0c4318db-3c3a-40bb-a5b1-d63151946fba||Sequence: R016 ve11e/master r/434b28f1; Aug  7 2019 18:53:46 by eja"
}