{
  "AcquisitionMatrixPE": 62,
  "AcquisitionNumber": 1,
  "AcquisitionTime": "13:15:6.325000",
  "BandwidthPerPixelPhaseEncode": 47.4,
  "BaseResolution": 86,
  "BodyPartExamined": "BRAIN",
  "CoilString": "HE1-4;NE1_2",
  "ConsistencyInfo": "N4_VE11E_LATEST_20181129",
  "ConversionSoftware": "dcm2niix",
  "ConversionSoftwareVersion": "v1.0.20190410  GCC6.3.0",
  "DerivedVendorReportedEchoSpacing": 0.000490629,
  "DeviceSerialNumber": "166048",
  "DwellTime": 2.3e-06,
  "EchoTime": 0.03,
  "EchoTrainLength": 31,
  "EffectiveEchoSpacing": 0.000245314,
  "FlipAngle": 77,
  "ImageComments": "Unaliased_MB3_PE4_LB_SENSE1",
  "ImageOrientationPatientDICOM": [0.999102, -0.0113942, 0.0408113, 0.0188349, 0.982204, -0.186872],
  "ImageType": [
    "ORIGINAL",
    "PRIMARY",
    "M",
    "MB",
    "ND",
    "MOSAIC"
],
  "ImagingFrequency": 123.245,
  "InPlanePhaseEncodingDirectionDICOM": "COL",
  "InstitutionAddress": "North_13th_1701_Philadelphia_PA_US_19122",
  "InstitutionName": "Temple_University_-_Weiss_Hall",
  "InstitutionalDepartmentName": "Department",
  "MRAcquisitionType": "2D",
  "MagneticFieldStrength": 3,
  "Manufacturer": "Siemens",
  "ManufacturersModelName": "Prisma",
  "Modality": "MR",
  "MultibandAccelerationFactor": 3,
  "ParallelReductionFactorInPlane": 2,
  "PartialFourier": 1,
  "PatientPosition": "HFS",
  "PercentPhaseFOV": 100,
  "PhaseEncodingDirection": "j-",
  "PhaseEncodingSteps": 62,
  "PhaseResolution": 0.72,
  "PixelBandwidth": 2530,
  "ProcedureStepDescription": "Peng_cmrr_me",
  "ProtocolName": "CMRR_MB3_IP2_ME1_TR1700",
  "PulseSequenceDetails": "%CustomerSeq%_cmrr_mbep2d_bold",
  "ReceiveCoilActiveElements": "HE1-4;NE1,2",
  "ReceiveCoilName": "HeadNeck_20",
  "ReconMatrixPE": 86,
  "RefLinesPE": 24,
  "RepetitionTime": 1.7,
  "SAR": 0.0484343,
  "ScanOptions": "FS",
  "ScanningSequence": "EP",
  "SequenceName": "epfid2d1_62",
  "SequenceVariant": "SK_SS_OSP",
  "SeriesDescription": "CMRR_MB3_IP2_ME1_TR1700",
  "SeriesNumber": 9,
  "ShimSetting": [1406, -7358, 6448, 227, -78, -91, -134, 70],
  "SliceThickness": 2.7,
  "SliceTiming": [1.5825, 1.4825, 1.385, 1.285, 1.1875, 1.0875, 0.99, 0.89, 0.7925, 0.6925, 0.595, 0.495, 0.3975, 0.2975, 0.2, 0.1, 0, 1.5825, 1.4825, 1.385, 1.285, 1.1875, 1.0875, 0.99, 0.89, 0.7925, 0.6925, 0.595, 0.495, 0.3975, 0.2975, 0.2, 0.1, 0, 1.5825, 1.4825, 1.385, 1.285, 1.1875, 1.0875, 0.99, 0.89, 0.7925, 0.6925, 0.595, 0.495, 0.3975, 0.2975, 0.2, 0.1, 0],
  "SoftwareVersions": "syngo_MR_E11",
  "SpacingBetweenSlices": 2.97,
  "StationName": "AWP166048",
  "TaskName": "sharedreward",
  "TotalReadoutTime": 0.0208517,
  "TxRefAmp": 243.779,
  "WipMemBlock": "34d26cfe-4755-4711-95d8-068de19f76eb||Sequence: R016 ve11e/master r/434b28f1; Aug  7 2019 18:53:46 by eja"
}