{
  "AcquisitionMatrixPE": 62,
  "AcquisitionNumber": 1,
  "AcquisitionTime": "13:22:51.877500",
  "BandwidthPerPixelPhaseEncode": 46.452,
  "BaseResolution": 86,
  "BodyPartExamined": "BRAIN",
  "CoilString": "HE1-4;NE1_2",
  "ConsistencyInfo": "N4_VE11E_LATEST_20181129",
  "ConversionSoftware": "dcm2niix",
  "ConversionSoftwareVersion": "v1.0.20190410  GCC6.3.0",
  "DerivedVendorReportedEchoSpacing": 0.000500642,
  "DeviceSerialNumber": "166048",
  "DwellTime": 2.3e-06,
  "EchoTime": 0.03,
  "EchoTrainLength": 31,
  "EffectiveEchoSpacing": 0.000250321,
  "FlipAngle": 77,
  "ImageComments": "Unaliased_MB6_PE4_LB_SENSE1",
  "ImageOrientationPatientDICOM": [0.999102, -0.0113942, 0.0408113, 0.0188349, 0.982204, -0.186872],
  "ImageType": [
    "ORIGINAL",
    "PRIMARY",
    "M",
    "MB",
    "ND",
    "MOSAIC"
],
  "ImagingFrequency": 123.245,
  "InPlanePhaseEncodingDirectionDICOM": "COL",
  "InstitutionAddress": "North_13th_1701_Philadelphia_PA_US_19122",
  "InstitutionName": "Temple_University_-_Weiss_Hall",
  "InstitutionalDepartmentName": "Department",
  "MRAcquisitionType": "2D",
  "MagneticFieldStrength": 3,
  "Manufacturer": "Siemens",
  "ManufacturersModelName": "Prisma",
  "Modality": "MR",
  "MultibandAccelerationFactor": 6,
  "ParallelReductionFactorInPlane": 2,
  "PartialFourier": 1,
  "PatientPosition": "HFS",
  "PercentPhaseFOV": 100,
  "PhaseEncodingDirection": "j-",
  "PhaseEncodingSteps": 62,
  "PhaseResolution": 0.72,
  "PixelBandwidth": 2530,
  "ProcedureStepDescription": "Peng_cmrr_me",
  "ProtocolName": "CMRR_MB6_IP2_ME1_TR1700",
  "PulseSequenceDetails": "%CustomerSeq%_cmrr_mbep2d_bold",
  "ReceiveCoilActiveElements": "HE1-4;NE1,2",
  "ReceiveCoilName": "HeadNeck_20",
  "ReconMatrixPE": 86,
  "RefLinesPE": 24,
  "RepetitionTime": 1.7,
  "SAR": 0.0444909,
  "ScanOptions": "FS",
  "ScanningSequence": "EP",
  "SequenceName": "epfid2d1_62",
  "SequenceVariant": "SK_SS_OSP",
  "SeriesDescription": "CMRR_MB6_IP2_ME1_TR1700",
  "SeriesNumber": 11,
  "ShimSetting": [1406, -7360, 6448, 246, -82, -103, -127, 67],
  "SliceThickness": 2.7,
  "SliceTiming": [1.4925, 1.305, 1.12, 0.9325, 0.7475, 0.56, 0.3725, 0.1875, 0, 1.4925, 1.305, 1.12, 0.9325, 0.7475, 0.56, 0.3725, 0.1875, 0, 1.4925, 1.305, 1.12, 0.9325, 0.7475, 0.56, 0.3725, 0.1875, 0, 1.4925, 1.305, 1.12, 0.9325, 0.7475, 0.56, 0.3725, 0.1875, 0, 1.4925, 1.305, 1.12, 0.9325, 0.7475, 0.56, 0.3725, 0.1875, 0, 1.4925, 1.305, 1.12, 0.9325, 0.7475, 0.56, 0.3725, 0.1875, 0],
  "SoftwareVersions": "syngo_MR_E11",
  "SpacingBetweenSlices": 2.97,
  "StationName": "AWP166048",
  "TaskName": "sharedreward",
  "TotalReadoutTime": 0.0212773,
  "TxRefAmp": 243.779,
  "WipMemBlock": "0d75d57e-0f5d-498a-b373-c363424a6ed0||Sequence: R016 ve11e/master r/434b28f1; Aug  7 2019 18:53:46 by eja"
}