{
  "AcquisitionMatrixPE": 62,
  "AcquisitionNumber": 1,
  "AcquisitionTime": "13:31:34.520000",
  "BandwidthPerPixelPhaseEncode": 47.4,
  "BaseResolution": 86,
  "BodyPartExamined": "BRAIN",
  "ConsistencyInfo": "N4_VE11E_LATEST_20181129",
  "ConversionSoftware": "dcm2niix",
  "ConversionSoftwareVersion": "v1.0.20190410  GCC6.3.0",
  "DerivedVendorReportedEchoSpacing": 0.000490629,
  "DeviceSerialNumber": "166048",
  "DwellTime": 2.3e-06,
  "EchoNumber": 1,
  "EchoTime": 0.0138,
  "EchoTrainLength": 31,
  "EffectiveEchoSpacing": 0.000245314,
  "FlipAngle": 77,
  "ImageComments": "SENSE1",
  "ImageOrientationPatientDICOM": [
    0.999102,
    -0.0113942,
    0.0408113,
    0.0188349,
    0.982204,
    -0.186872
  ],
  "ImageType": [
    "ORIGINAL",
    "PRIMARY",
    "M",
    "TE1",
    "ND",
    "MOSAIC"
  ],
  "ImagingFrequency": 123.245,
  "InPlanePhaseEncodingDirectionDICOM": "COL",
  "InstitutionAddress": "North_13th_1701_Philadelphia_PA_US_19122",
  "InstitutionName": "Temple_University_-_Weiss_Hall",
  "InstitutionalDepartmentName": "Department",
  "MRAcquisitionType": "2D",
  "MagneticFieldStrength": 3,
  "Manufacturer": "Siemens",
  "ManufacturersModelName": "Prisma",
  "Modality": "MR",
  "ParallelReductionFactorInPlane": 2,
  "PartialFourier": 1,
  "PatientPosition": "HFS",
  "PercentPhaseFOV": 100,
  "PhaseEncodingDirection": "j-",
  "PhaseEncodingSteps": 62,
  "PhaseResolution": 0.72,
  "PixelBandwidth": 2530,
  "ProcedureStepDescription": "Peng_cmrr_me",
  "ProtocolName": "CMRR_MB1_IP2_ME4_TR1700",
  "PulseSequenceDetails": "%CustomerSeq%_cmrr_mbep2d_bold",
  "ReceiveCoilActiveElements": "HE1-4",
  "ReceiveCoilName": "HeadNeck_20",
  "ReconMatrixPE": 86,
  "RefLinesPE": 24,
  "RepetitionTime": 1.7,
  "SAR": 0.0276303,
  "ScanOptions": "FS",
  "ScanningSequence": "EP",
  "SequenceName": "epfid2d4_62",
  "SequenceVariant": "SK_SS_OSP",
  "SeriesDescription": "CMRR_MB1_IP2_ME4_TR1700",
  "SeriesNumber": 12,
  "ShimSetting": [
    1410,
    -7351,
    6478,
    175,
    -64,
    31,
    -138,
    96
  ],
  "SliceThickness": 2.7,
  "SliceTiming": [
    1.5925,
    1.505,
    1.415,
    1.3275,
    1.24,
    1.15,
    1.0625,
    0.9725,
    0.885,
    0.7975,
    0.7075,
    0.62,
    0.5325,
    0.4425,
    0.355,
    0.265,
    0.1775,
    0.09,
    0
  ],
  "SoftwareVersions": "syngo_MR_E11",
  "SpacingBetweenSlices": 2.97,
  "StationName": "AWP166048",
  "TaskName": "sharedreward",
  "TotalReadoutTime": 0.0208517,
  "TxRefAmp": 243.779,
  "WipMemBlock": "d875b1a6-8df6-4d79-a7cb-55086f11154e||Sequence: R016 ve11e/master r/434b28f1; Aug  7 2019 18:53:46 by eja"
}