{
  "aor": 0.0007460384615384614,
  "aqi": 0.015505558923076921,
  "bids_meta": {
    "AcquisitionMatrixPE": 62,
    "AcquisitionNumber": 1,
    "AcquisitionTime": "16:26:20.432500",
    "BandwidthPerPixelPhaseEncode": 22.333,
    "BaseResolution": 86,
    "BodyPartExamined": "BRAIN",
    "CogAtlasID": "http://www.cognitiveatlas.org/task/id/TODO",
    "ConsistencyInfo": "N4_VE11E_LATEST_20181129",
    "ConversionSoftware": "dcm2niix",
    "ConversionSoftwareVersion": "v1.0.20190410  GCC6.3.0",
    "DerivedVendorReportedEchoSpacing": 0.00052066,
    "DeviceSerialNumber": "166048",
    "DwellTime": 2.3e-06,
    "EchoTime": 0.03,
    "EchoTrainLength": 62,
    "EffectiveEchoSpacing": 0.00052066,
    "FlipAngle": 20,
    "ImageComments": "Unaliased_MB6_PE3_LB_SENSE1",
    "ImageOrientationPatientDICOM": [
      1,
      0,
      0,
      0,
      1,
      0
    ],
    "ImageType": [
      "ORIGINAL",
      "PRIMARY",
      "M",
      "MB",
      "ND",
      "NORM",
      "MOSAIC"
    ],
    "ImagingFrequency": 123.246,
    "InPlanePhaseEncodingDirectionDICOM": "COL",
    "InstitutionAddress": "North_13th_1701_Philadelphia_PA_US_19122",
    "InstitutionName": "Temple_University_-_Weiss_Hall",
    "InstitutionalDepartmentName": "Department",
    "MRAcquisitionType": "2D",
    "MagneticFieldStrength": 3,
    "Manufacturer": "Siemens",
    "ManufacturersModelName": "Prisma",
    "Modality": "MR",
    "MultibandAccelerationFactor": 6,
    "PartialFourier": 1,
    "PatientPosition": "HFS",
    "PercentPhaseFOV": 100,
    "PhaseEncodingDirection": "j-",
    "PhaseEncodingSteps": 62,
    "PhaseResolution": 0.72,
    "PixelBandwidth": 2530,
    "ProcedureStepDescription": "Smith_Lab_RF1pilot",
    "ProtocolName": "CMRR_MB6_IP0_ME1_TR1700",
    "PulseSequenceDetails": "%CustomerSeq%_cmrr_mbep2d_bold",
    "ReceiveCoilActiveElements": "HE1-4",
    "ReceiveCoilName": "HeadNeck_20",
    "ReconMatrixPE": 86,
    "RepetitionTime": 1.7,
    "SAR": 0.0078756,
    "ScanOptions": "FS",
    "ScanningSequence": "EP",
    "SequenceName": "epfid2d1_62",
    "SequenceVariant": "SK_SS_OSP",
    "SeriesDescription": "CMRR_MB6_IP0_ME1_TR1700",
    "SeriesNumber": 11,
    "ShimSetting": [
      1411,
      -7441,
      6509,
      320,
      36,
      -150,
      67,
      59
    ],
    "SliceThickness": 2.7,
    "SliceTiming": [
      1.4925,
      1.3075,
      1.12,
      0.9325,
      0.7475,
      0.56,
      0.3725,
      0.1875,
      0,
      1.4925,
      1.3075,
      1.12,
      0.9325,
      0.7475,
      0.56,
      0.3725,
      0.1875,
      0,
      1.4925,
      1.3075,
      1.12,
      0.9325,
      0.7475,
      0.56,
      0.3725,
      0.1875,
      0,
      1.4925,
      1.3075,
      1.12,
      0.9325,
      0.7475,
      0.56,
      0.3725,
      0.1875,
      0,
      1.4925,
      1.3075,
      1.12,
      0.9325,
      0.7475,
      0.56,
      0.3725,
      0.1875,
      0,
      1.4925,
      1.3075,
      1.12,
      0.9325,
      0.7475,
      0.56,
      0.3725,
      0.1875,
      0
    ],
    "SoftwareVersions": "syngo_MR_E11",
    "SpacingBetweenSlices": 2.97,
    "StationName": "AWP166048",
    "TaskName": "sharedreward",
    "TotalReadoutTime": 0.0442561,
    "TxRefAmp": 261.494,
    "WipMemBlock": "a100d51a-e4ee-4c66-b8f5-10794d0c8a31||Sequence: R016 ve11e/master r/434b28f1; Aug  7 2019 18:53:46 by eja",
    "acq_id": "mb6me1",
    "dataset": "<unset>",
    "modality": "bold",
    "subject_id": "10008",
    "task_id": "sharedreward"
  },
  "dummy_trs": 0,
  "dvars_nstd": 37.06872399525097,
  "dvars_std": 1.0474493381467185,
  "dvars_vstd": 0.9804381225868725,
  "efc": 0.35115512737846594,
  "fber": 218496.109375,
  "fd_mean": 0.2030775415928019,
  "fd_num": 120,
  "fd_perc": 46.15384615384615,
  "fwhm_avg": 2.14950242262661,
  "fwhm_x": 1.9421357080025776,
  "fwhm_y": 2.550233531582828,
  "fwhm_z": 1.956138028294425,
  "gcor": 0.00751373,
  "gsr_x": -0.00970365945249796,
  "gsr_y": 0.010057905688881874,
  "provenance": {
    "md5sum": "a56bad6a7fbf209374fd7762a56f30ca",
    "settings": {
      "fd_thres": 0.2,
      "testing": false
    },
    "software": "mriqc",
    "version": "0.16.1",
    "webapi_port": null,
    "webapi_url": "https://mriqc.nimh.nih.gov/api/v1"
  },
  "size_t": 260,
  "size_x": 86,
  "size_y": 86,
  "size_z": 54,
  "snr": 3.947483347323915,
  "spacing_tr": 1.7000000476837158,
  "spacing_x": 2.697674512863159,
  "spacing_y": 2.697674512863159,
  "spacing_z": 2.9700000286102295,
  "summary_bg_k": 58.01701308821827,
  "summary_bg_mad": 6.859887136537053,
  "summary_bg_mean": 67.97737121582031,
  "summary_bg_median": 9.588461875915527,
  "summary_bg_n": 301696.0,
  "summary_bg_p05": 3.757692337036133,
  "summary_bg_p95": 300.4557800292969,
  "summary_bg_stdv": 219.96237182617188,
  "summary_fg_k": 9.004930805467199,
  "summary_fg_mad": 859.9007805925912,
  "summary_fg_mean": 4656.35400390625,
  "summary_fg_median": 4459.15966796875,
  "summary_fg_n": 43096.0,
  "summary_fg_p05": 3395.85009765625,
  "summary_fg_p95": 6459.9835205078125,
  "summary_fg_stdv": 1129.6077880859375,
  "tsnr": 34.93613481335342
}