{
  "aor": 0.0002728015564202335,
  "aqi": 0.01490995233463035,
  "bids_meta": {
    "AcquisitionMatrixPE": 62,
    "AcquisitionNumber": 1,
    "AcquisitionTime": "16:08:1.715000",
    "BandwidthPerPixelPhaseEncode": 23.7,
    "BaseResolution": 86,
    "BodyPartExamined": "BRAIN",
    "CogAtlasID": "http://www.cognitiveatlas.org/task/id/TODO",
    "ConsistencyInfo": "N4_VE11E_LATEST_20181129",
    "ConversionSoftware": "dcm2niix",
    "ConversionSoftwareVersion": "v1.0.20190410  GCC6.3.0",
    "DerivedVendorReportedEchoSpacing": 0.000490629,
    "DeviceSerialNumber": "166048",
    "DwellTime": 2.3e-06,
    "EchoTime": 0.03,
    "EchoTrainLength": 62,
    "EffectiveEchoSpacing": 0.000490629,
    "FlipAngle": 20,
    "ImageComments": "SENSE1",
    "ImageOrientationPatientDICOM": [
      1,
      0,
      0,
      0,
      1,
      0
    ],
    "ImageType": [
      "ORIGINAL",
      "PRIMARY",
      "M",
      "ND",
      "NORM",
      "MOSAIC"
    ],
    "ImagingFrequency": 123.246,
    "InPlanePhaseEncodingDirectionDICOM": "COL",
    "InstitutionAddress": "North_13th_1701_Philadelphia_PA_US_19122",
    "InstitutionName": "Temple_University_-_Weiss_Hall",
    "InstitutionalDepartmentName": "Department",
    "MRAcquisitionType": "2D",
    "MagneticFieldStrength": 3,
    "Manufacturer": "Siemens",
    "ManufacturersModelName": "Prisma",
    "Modality": "MR",
    "PartialFourier": 1,
    "PatientPosition": "HFS",
    "PercentPhaseFOV": 100,
    "PhaseEncodingDirection": "j-",
    "PhaseEncodingSteps": 62,
    "PhaseResolution": 0.72,
    "PixelBandwidth": 2530,
    "ProcedureStepDescription": "Smith_Lab_RF1pilot",
    "ProtocolName": "CMRR_MB1_IP0_ME1_TR1700",
    "PulseSequenceDetails": "%CustomerSeq%_cmrr_mbep2d_bold",
    "ReceiveCoilActiveElements": "HE1-4",
    "ReceiveCoilName": "HeadNeck_20",
    "ReconMatrixPE": 86,
    "RepetitionTime": 1.7,
    "SAR": 0.0178664,
    "ScanOptions": "FS",
    "ScanningSequence": "EP",
    "SequenceName": "epfid2d1_62",
    "SequenceVariant": "SK_SS_OSP",
    "SeriesDescription": "CMRR_MB1_IP0_ME1_TR1700",
    "SeriesNumber": 7,
    "ShimSetting": [
      1411,
      -7440,
      6542,
      510,
      -12,
      -12,
      84,
      79
    ],
    "SliceThickness": 2.7,
    "SliceTiming": [
      1.6175,
      1.555,
      1.4925,
      1.43,
      1.37,
      1.3075,
      1.245,
      1.1825,
      1.12,
      1.0575,
      0.995,
      0.9325,
      0.87,
      0.81,
      0.7475,
      0.685,
      0.6225,
      0.56,
      0.4975,
      0.435,
      0.3725,
      0.31,
      0.25,
      0.1875,
      0.125,
      0.0625,
      0
    ],
    "SoftwareVersions": "syngo_MR_E11",
    "SpacingBetweenSlices": 2.97,
    "StationName": "AWP166048",
    "TaskName": "sharedreward",
    "TotalReadoutTime": 0.0417035,
    "TxRefAmp": 261.494,
    "WipMemBlock": "fbcc3508-7687-4beb-9669-16a3b5f35f9d||Sequence: R016 ve11e/master r/434b28f1; Aug  7 2019 18:53:46 by eja",
    "acq_id": "mb1me1",
    "dataset": "<unset>",
    "modality": "bold",
    "subject_id": "10008",
    "task_id": "sharedreward"
  },
  "dummy_trs": 3,
  "dvars_nstd": 32.86223918207031,
  "dvars_std": 0.9931161260937503,
  "dvars_vstd": 0.9617114662109374,
  "efc": 0.4690890083052173,
  "fber": 6332.39404296875,
  "fd_mean": 0.17155816069048785,
  "fd_num": 70,
  "fd_perc": 27.237354085603112,
  "fwhm_avg": 2.108342586221532,
  "fwhm_x": 1.889801744313919,
  "fwhm_y": 2.525108187633138,
  "fwhm_z": 1.910117826717539,
  "gcor": 0.00927163,
  "gsr_x": -0.015463588759303093,
  "gsr_y": 0.009989229962229729,
  "provenance": {
    "md5sum": "4d110f62e4fbdb9341e9abd7ede94c00",
    "settings": {
      "fd_thres": 0.2,
      "testing": false
    },
    "software": "mriqc",
    "version": "0.16.1",
    "webapi_port": null,
    "webapi_url": "https://mriqc.nimh.nih.gov/api/v1"
  },
  "size_t": 257,
  "size_x": 86,
  "size_y": 86,
  "size_z": 27,
  "snr": 3.6524057755964088,
  "spacing_tr": 1.7000000476837158,
  "spacing_x": 2.697674512863159,
  "spacing_y": 2.697674512863159,
  "spacing_z": 2.9700000286102295,
  "summary_bg_k": 54.485261921425895,
  "summary_bg_mad": 18.639250387048175,
  "summary_bg_mean": 100.2638168334961,
  "summary_bg_median": 49.43579864501953,
  "summary_bg_n": 124737.0,
  "summary_bg_p05": 25.474708557128906,
  "summary_bg_p95": 313.87937622070285,
  "summary_bg_stdv": 217.09127807617188,
  "summary_fg_k": 12.912730334847032,
  "summary_fg_mad": 767.6592863894166,
  "summary_fg_mean": 4198.4912109375,
  "summary_fg_median": 3998.550537109375,
  "summary_fg_n": 37092.0,
  "summary_fg_p05": 3057.5398803710937,
  "summary_fg_p95": 5876.0716552734375,
  "summary_fg_stdv": 1094.7569580078125,
  "tsnr": 38.60092750331387
}