{
  "aor": 0.00038276923076923074,
  "aqi": 0.014320849423076924,
  "bids_meta": {
    "AcquisitionMatrixPE": 62,
    "AcquisitionNumber": 1,
    "AcquisitionTime": "16:17:29.680000",
    "BandwidthPerPixelPhaseEncode": 23.226,
    "BaseResolution": 86,
    "BodyPartExamined": "BRAIN",
    "CogAtlasID": "http://www.cognitiveatlas.org/task/id/TODO",
    "ConsistencyInfo": "N4_VE11E_LATEST_20181129",
    "ConversionSoftware": "dcm2niix",
    "ConversionSoftwareVersion": "v1.0.20190410  GCC6.3.0",
    "DerivedVendorReportedEchoSpacing": 0.000500642,
    "DeviceSerialNumber": "166048",
    "DwellTime": 2.3e-06,
    "EchoTime": 0.03,
    "EchoTrainLength": 62,
    "EffectiveEchoSpacing": 0.000500642,
    "FlipAngle": 20,
    "ImageComments": "Unaliased_MB3_PE3_LB_SENSE1",
    "ImageOrientationPatientDICOM": [
      1,
      0,
      0,
      0,
      1,
      0
    ],
    "ImageType": [
      "ORIGINAL",
      "PRIMARY",
      "M",
      "MB",
      "ND",
      "NORM",
      "MOSAIC"
    ],
    "ImagingFrequency": 123.246,
    "InPlanePhaseEncodingDirectionDICOM": "COL",
    "InstitutionAddress": "North_13th_1701_Philadelphia_PA_US_19122",
    "InstitutionName": "Temple_University_-_Weiss_Hall",
    "InstitutionalDepartmentName": "Department",
    "MRAcquisitionType": "2D",
    "MagneticFieldStrength": 3,
    "Manufacturer": "Siemens",
    "ManufacturersModelName": "Prisma",
    "Modality": "MR",
    "MultibandAccelerationFactor": 3,
    "PartialFourier": 1,
    "PatientPosition": "HFS",
    "PercentPhaseFOV": 100,
    "PhaseEncodingDirection": "j-",
    "PhaseEncodingSteps": 62,
    "PhaseResolution": 0.72,
    "PixelBandwidth": 2530,
    "ProcedureStepDescription": "Smith_Lab_RF1pilot",
    "ProtocolName": "CMRR_MB3_IP0_ME1_TR1700",
    "PulseSequenceDetails": "%CustomerSeq%_cmrr_mbep2d_bold",
    "ReceiveCoilActiveElements": "HE1-4",
    "ReceiveCoilName": "HeadNeck_20",
    "ReconMatrixPE": 86,
    "RepetitionTime": 1.7,
    "SAR": 0.0127164,
    "ScanOptions": "FS",
    "ScanningSequence": "EP",
    "SequenceName": "epfid2d1_62",
    "SequenceVariant": "SK_SS_OSP",
    "SeriesDescription": "CMRR_MB3_IP0_ME1_TR1700",
    "SeriesNumber": 9,
    "ShimSetting": [
      1411,
      -7439,
      6510,
      353,
      31,
      -104,
      68,
      61
    ],
    "SliceThickness": 2.7,
    "SliceTiming": [
      1.58,
      1.4825,
      1.3825,
      1.285,
      1.185,
      1.085,
      0.9875,
      0.8875,
      0.79,
      0.69,
      0.5925,
      0.4925,
      0.395,
      0.295,
      0.1975,
      0.0975,
      0,
      1.58,
      1.4825,
      1.3825,
      1.285,
      1.185,
      1.085,
      0.9875,
      0.8875,
      0.79,
      0.69,
      0.5925,
      0.4925,
      0.395,
      0.295,
      0.1975,
      0.0975,
      0,
      1.58,
      1.4825,
      1.3825,
      1.285,
      1.185,
      1.085,
      0.9875,
      0.8875,
      0.79,
      0.69,
      0.5925,
      0.4925,
      0.395,
      0.295,
      0.1975,
      0.0975,
      0
    ],
    "SoftwareVersions": "syngo_MR_E11",
    "SpacingBetweenSlices": 2.97,
    "StationName": "AWP166048",
    "TaskName": "sharedreward",
    "TotalReadoutTime": 0.0425546,
    "TxRefAmp": 261.494,
    "WipMemBlock": "86a6899b-dfd0-4a77-9e5d-cb2b35cd243b||Sequence: R016 ve11e/master r/434b28f1; Aug  7 2019 18:53:46 by eja",
    "acq_id": "mb3me1",
    "dataset": "<unset>",
    "modality": "bold",
    "subject_id": "10008",
    "task_id": "sharedreward"
  },
  "dummy_trs": 0,
  "dvars_nstd": 35.85882063173743,
  "dvars_std": 1.0260401635907332,
  "dvars_vstd": 0.9680816944787644,
  "efc": 0.3633147899357926,
  "fber": 58022.7578125,
  "fd_mean": 0.2218933470702532,
  "fd_num": 120,
  "fd_perc": 46.15384615384615,
  "fwhm_avg": 2.1188273140019587,
  "fwhm_x": 1.9149863986063644,
  "fwhm_y": 2.5057581883092395,
  "fwhm_z": 1.9357373550902726,
  "gcor": 0.00976895,
  "gsr_x": -0.009920047596096992,
  "gsr_y": 0.009558137506246567,
  "provenance": {
    "md5sum": "723059d1795c6d6cecd85011b6aea099",
    "settings": {
      "fd_thres": 0.2,
      "testing": false
    },
    "software": "mriqc",
    "version": "0.16.1",
    "webapi_port": null,
    "webapi_url": "https://mriqc.nimh.nih.gov/api/v1"
  },
  "size_t": 260,
  "size_x": 86,
  "size_y": 86,
  "size_z": 51,
  "snr": 3.7678440740361308,
  "spacing_tr": 1.7000000476837158,
  "spacing_x": 2.697674512863159,
  "spacing_y": 2.697674512863159,
  "spacing_z": 2.9700000286102295,
  "summary_bg_k": 60.58651291674019,
  "summary_bg_mad": 9.842198587481152,
  "summary_bg_mean": 69.83998107910156,
  "summary_bg_median": 17.53076934814453,
  "summary_bg_n": 280766.0,
  "summary_bg_p05": 7.961538314819336,
  "summary_bg_p95": 282.1990432739258,
  "summary_bg_stdv": 202.98135375976562,
  "summary_fg_k": 10.73965300422968,
  "summary_fg_mad": 811.9299478979042,
  "summary_fg_mean": 4430.79931640625,
  "summary_fg_median": 4233.0771484375,
  "summary_fg_n": 43008.0,
  "summary_fg_p05": 3211.274670410156,
  "summary_fg_p95": 6186.007592773438,
  "summary_fg_stdv": 1123.4615478515625,
  "tsnr": 37.23840754019329
}