{
  "AcquisitionMatrixPE": 86,
  "AcquisitionNumber": 1,
  "AcquisitionTime": "13:45:22.702500",
  "BandwidthPerPixelPhaseEncode": 23.256,
  "BaseResolution": 86,
  "BodyPartExamined": "BRAIN",
  "ConsistencyInfo": "N4_VE11E_LATEST_20181129",
  "ConversionSoftware": "dcm2niix",
  "ConversionSoftwareVersion": "v1.0.20190410  GCC6.3.0",
  "DerivedVendorReportedEchoSpacing": 0.000499996,
  "DeviceSerialNumber": "166048",
  "DwellTime": 2.3e-06,
  "EchoTime": 0.03,
  "EchoTrainLength": 86,
  "EffectiveEchoSpacing": 0.000499996,
  "FlipAngle": 20,
  "ImageComments": "Unaliased_MB3_PE3_LB_SENSE1",
  "ImageOrientationPatientDICOM": [1, 0, 0, 0, 1, 0],
  "ImageType": [
    "ORIGINAL",
    "PRIMARY",
    "M",
    "MB",
    "ND",
    "NORM",
    "MOSAIC"
],
  "ImagingFrequency": 123.246,
  "InPlanePhaseEncodingDirectionDICOM": "COL",
  "InstitutionAddress": "North_13th_1701_Philadelphia_PA_US_19122",
  "InstitutionName": "Temple_University_-_Weiss_Hall",
  "InstitutionalDepartmentName": "Department",
  "MRAcquisitionType": "2D",
  "MagneticFieldStrength": 3,
  "Manufacturer": "Siemens",
  "ManufacturersModelName": "Prisma",
  "Modality": "MR",
  "MultibandAccelerationFactor": 3,
  "PartialFourier": 1,
  "PatientPosition": "HFS",
  "PercentPhaseFOV": 100,
  "PhaseEncodingDirection": "j-",
  "PhaseEncodingSteps": 86,
  "PhaseResolution": 1,
  "PixelBandwidth": 2530,
  "ProcedureStepDescription": "Smith_Lab_RF1pilot",
  "ProtocolName": "CMRR_MB3_IP0_ME1_TR1700",
  "PulseSequenceDetails": "%CustomerSeq%_cmrr_mbep2d_bold",
  "ReceiveCoilActiveElements": "HC1-7",
  "ReceiveCoilName": "HeadNeck_64",
  "ReconMatrixPE": 86,
  "RepetitionTime": 1.7,
  "SAR": 0.0134817,
  "ScanOptions": "FS",
  "ScanningSequence": "EP",
  "SequenceName": "epfid2d1_86",
  "SequenceVariant": "SK_SS",
  "SeriesDescription": "CMRR_MB3_IP0_ME1_TR1700",
  "SeriesNumber": 9,
  "ShimSetting": [1436, -7396, 6498, 345, -7, -237, -158, 38],
  "SliceThickness": 2.7,
  "SliceTiming": [1.58, 1.4825, 1.3825, 1.285, 1.185, 1.0875, 0.9875, 0.89, 0.79, 0.6925, 0.5925, 0.495, 0.395, 0.2975, 0.1975, 0.0975, 0, 1.58, 1.4825, 1.3825, 1.285, 1.185, 1.0875, 0.9875, 0.89, 0.79, 0.6925, 0.5925, 0.495, 0.395, 0.2975, 0.1975, 0.0975, 0, 1.58, 1.4825, 1.3825, 1.285, 1.185, 1.0875, 0.9875, 0.89, 0.79, 0.6925, 0.5925, 0.495, 0.395, 0.2975, 0.1975, 0.0975, 0],
  "SoftwareVersions": "syngo_MR_E11",
  "SpacingBetweenSlices": 2.97,
  "StationName": "AWP166048",
  "TaskName": "sharedreward",
  "TotalReadoutTime": 0.0424997,
  "TxRefAmp": 239.454,
  "WipMemBlock": "6bae1bd8-bd70-4e13-be3d-1564901f2749||Sequence: R016 ve11e/master r/434b28f1; Aug  7 2019 18:53:46 by eja"
}