{
	"Modality": "MR",
	"MagneticFieldStrength": 3,
	"ImagingFrequency": 123.246,
	"Manufacturer": "Siemens",
	"ManufacturersModelName": "Prisma",
	"InstitutionName": "Temple_University_-_Weiss_Hall",
	"InstitutionalDepartmentName": "Department",
	"InstitutionAddress": "North_13th_1701_Philadelphia_PA_US_19122",
	"DeviceSerialNumber": "166048",
	"StationName": "AWP166048",
	"BodyPartExamined": "BRAIN",
	"PatientPosition": "HFS",
	"ProcedureStepDescription": "Smith_Lab_RF1pilot",
	"SoftwareVersions": "syngo_MR_E11",
	"MRAcquisitionType": "2D",
	"SeriesDescription": "CMRR_MB1_IP2_ME4_TR1700",
	"ProtocolName": "CMRR_MB1_IP2_ME4_TR1700",
	"ScanningSequence": "EP",
	"SequenceVariant": "SK_SS_OSP",
	"ScanOptions": "FS",
	"SequenceName": "epfid2d4_62",
	"ImageType": ["ORIGINAL", "PRIMARY", "M", "TE3", "ND", "NORM", "MOSAIC"],
	"SeriesNumber": 15,
	"AcquisitionTime": "14:03:39.920000",
	"AcquisitionNumber": 1,
	"ImageComments": "SENSE1",
	"SliceThickness": 2.7,
	"SpacingBetweenSlices": 2.97,
	"SAR": 0.0129177,
	"EchoNumber": 3,
	"EchoTime": 0.0463,
	"RepetitionTime": 1.7,
	"FlipAngle": 20,
	"PartialFourier": 1,
	"BaseResolution": 86,
	"ShimSetting": [
		1443,
		-7414,
		6518,
		169,
		-24,
		97,
		-59,
		58	],
	"TxRefAmp": 239.454,
	"PhaseResolution": 0.72,
	"ReceiveCoilName": "HeadNeck_64",
	"ReceiveCoilActiveElements": "HC3-6",
	"PulseSequenceDetails": "%CustomerSeq%_cmrr_mbep2d_bold",
	"WipMemBlock": "46a569ea-cf68-4937-b5b6-9065156ea63d||Sequence: R016 ve11e/master r/434b28f1; Aug  7 2019 18:53:46 by eja",
	"RefLinesPE": 62,
	"ConsistencyInfo": "N4_VE11E_LATEST_20181129",
	"PercentPhaseFOV": 100,
	"EchoTrainLength": 31,
	"PhaseEncodingSteps": 62,
	"AcquisitionMatrixPE": 62,
	"ReconMatrixPE": 86,
	"BandwidthPerPixelPhaseEncode": 47.4,
	"ParallelReductionFactorInPlane": 2,
	"EffectiveEchoSpacing": 0.000245314,
	"DerivedVendorReportedEchoSpacing": 0.000490629,
	"TotalReadoutTime": 0.0208517,
	"PixelBandwidth": 2530,
	"DwellTime": 2.3e-06,
	"PhaseEncodingDirection": "j-",
	"SliceTiming": [
		1.59,
		1.5025,
		1.415,
		1.325,
		1.2375,
		1.15,
		1.06,
		0.9725,
		0.8825,
		0.795,
		0.7075,
		0.6175,
		0.53,
		0.4425,
		0.3525,
		0.265,
		0.175,
		0.0875,
		0	],
	"ImageOrientationPatientDICOM": [
		1,
		0,
		0,
		0,
		1,
		0	],
	"InPlanePhaseEncodingDirectionDICOM": "COL",
	"ConversionSoftware": "dcm2niix",
	"ConversionSoftwareVersion": "v1.0.20190410  GCC6.3.0"
}
