{
  "AcquisitionMatrixPE": 80,
  "AcquisitionNumber": 1,
  "AcquisitionTime": "15:13:17.520000",
  "BandwidthPerPixelPhaseEncode": 25,
  "BaseResolution": 80,
  "BodyPartExamined": "BRAIN",
  "ConsistencyInfo": "N4_VE11E_LATEST_20181129",
  "ConversionSoftware": "dcm2niix",
  "ConversionSoftwareVersion": "v1.0.20210317",
  "DerivedVendorReportedEchoSpacing": 0.0005,
  "DeviceSerialNumber": "166048",
  "DwellTime": 2.5e-06,
  "EchoTime": 0.03,
  "EchoTrainLength": 80,
  "EffectiveEchoSpacing": 0.0005,
  "FlipAngle": 20,
  "ImageComments": "Unaliased MB3/PE3/LB SENSE1",
  "ImageOrientationPatientDICOM": [1, 0, 0, 0, 0.998027, -0.0627905],
  "ImageType": [
    "ORIGINAL",
    "PRIMARY",
    "M",
    "MB",
    "ND",
    "NORM",
    "MOSAIC"
],
  "ImagingFrequency": 123.246,
  "InPlanePhaseEncodingDirectionDICOM": "COL",
  "InstitutionAddress": "North 13th 1701,Philadelphia,PA,US,19122",
  "InstitutionName": "Temple University - Weiss Hall",
  "InstitutionalDepartmentName": "Department",
  "MRAcquisitionType": "2D",
  "MagneticFieldStrength": 3,
  "Manufacturer": "Siemens",
  "ManufacturersModelName": "Prisma",
  "Modality": "MR",
  "MultibandAccelerationFactor": 3,
  "PartialFourier": 1,
  "PatientPosition": "HFS",
  "PercentPhaseFOV": 100,
  "PercentSampling": 100,
  "PhaseEncodingDirection": "j-",
  "PhaseEncodingSteps": 80,
  "PhaseResolution": 1,
  "PixelBandwidth": 2500,
  "ProcedureStepDescription": "Smith Lab^RF1pilot",
  "ProtocolName": "CMRR_MB3_IP0_ME1_TR1700",
  "PulseSequenceDetails": "%CustomerSeq%\\cmrr_mbep2d_bold",
  "ReceiveCoilActiveElements": "HC1-7",
  "ReceiveCoilName": "HeadNeck_64",
  "ReconMatrixPE": 80,
  "RepetitionTime": 1.15,
  "SAR": 0.0184995,
  "ScanOptions": "FS",
  "ScanningSequence": "EP",
  "SequenceName": "epfid2d1_80",
  "SequenceVariant": "SK\\SS",
  "SeriesDescription": "CMRR_MB3_IP0_ME1_TR1700",
  "SeriesNumber": 12,
  "ShimSetting": [1409, -7434, 6504, 417, -46, -141, -132, 18],
  "SliceThickness": 2.7,
  "SliceTiming": [1.065, 0.9975, 0.9325, 0.865, 0.7975, 0.7325, 0.665, 0.6, 0.5325, 0.465, 0.4, 0.3325, 0.2675, 0.2, 0.135, 0.0675, 0, 1.065, 0.9975, 0.9325, 0.865, 0.7975, 0.7325, 0.665, 0.6, 0.5325, 0.465, 0.4, 0.3325, 0.2675, 0.2, 0.135, 0.0675, 0, 1.065, 0.9975, 0.9325, 0.865, 0.7975, 0.7325, 0.665, 0.6, 0.5325, 0.465, 0.4, 0.3325, 0.2675, 0.2, 0.135, 0.0675, 0],
  "SoftwareVersions": "syngo MR E11",
  "SpacingBetweenSlices": 2.97,
  "StationName": "AWP166048",
  "TaskName": "sharedreward",
  "TotalReadoutTime": 0.0395,
  "TxRefAmp": 230.713,
  "WipMemBlock": "4e813eea-762d-43f3-8244-a0ef91c34f0b||Sequence: R016 ve11e/master r/434b28f1; Aug  7 2019 18:53:46 by eja"
}