{
	"Modality": "MR",
	"MagneticFieldStrength": 3,
	"ImagingFrequency": 123.246,
	"Manufacturer": "Siemens",
	"ManufacturersModelName": "Prisma",
	"InstitutionName": "Temple_University_-_Weiss_Hall",
	"InstitutionalDepartmentName": "Department",
	"InstitutionAddress": "North_13th_1701_Philadelphia_PA_US_19122",
	"DeviceSerialNumber": "166048",
	"StationName": "AWP166048",
	"BodyPartExamined": "BRAIN",
	"PatientPosition": "HFS",
	"ProcedureStepDescription": "Smith_Lab_RF1pilot",
	"SoftwareVersions": "syngo_MR_E11",
	"MRAcquisitionType": "2D",
	"SeriesDescription": "CMRR_MB3_IP2_ME4_TR1700",
	"ProtocolName": "CMRR_MB3_IP2_ME4_TR1700",
	"ScanningSequence": "EP",
	"SequenceVariant": "SK_SS_OSP",
	"ScanOptions": "FS",
	"SequenceName": "epfid2d4_62",
	"ImageType": ["ORIGINAL", "PRIMARY", "M", "MB", "TE4", "ND", "NORM", "MOSAIC"],
	"SeriesNumber": 23,
	"AcquisitionTime": "17:04:41.030000",
	"AcquisitionNumber": 1,
	"ImageComments": "Unaliased_MB3_PE4_LB_SENSE1",
	"SliceThickness": 2.7,
	"SpacingBetweenSlices": 2.97,
	"SAR": 0.0149533,
	"EchoNumber": 4,
	"EchoTime": 0.06255,
	"RepetitionTime": 1.7,
	"FlipAngle": 20,
	"PartialFourier": 1,
	"BaseResolution": 86,
	"ShimSetting": [
		1413,
		-7465,
		6523,
		334,
		-2,
		-135,
		8,
		59	],
	"TxRefAmp": 277.114,
	"PhaseResolution": 0.72,
	"ReceiveCoilName": "HeadNeck_20",
	"ReceiveCoilActiveElements": "HE1-4",
	"PulseSequenceDetails": "%CustomerSeq%_cmrr_mbep2d_bold",
	"WipMemBlock": "a97745ff-1be3-49d0-ba05-c7dc3567de45||Sequence: R016 ve11e/master r/434b28f1; Aug  7 2019 18:53:46 by eja",
	"RefLinesPE": 24,
	"ConsistencyInfo": "N4_VE11E_LATEST_20181129",
	"MultibandAccelerationFactor": 3,
	"PercentPhaseFOV": 100,
	"EchoTrainLength": 31,
	"PhaseEncodingSteps": 62,
	"AcquisitionMatrixPE": 62,
	"ReconMatrixPE": 86,
	"BandwidthPerPixelPhaseEncode": 47.4,
	"ParallelReductionFactorInPlane": 2,
	"EffectiveEchoSpacing": 0.000245314,
	"DerivedVendorReportedEchoSpacing": 0.000490629,
	"TotalReadoutTime": 0.0208517,
	"PixelBandwidth": 2530,
	"DwellTime": 2.3e-06,
	"PhaseEncodingDirection": "j-",
	"SliceTiming": [
		1.5825,
		1.4825,
		1.385,
		1.285,
		1.1875,
		1.0875,
		0.99,
		0.89,
		0.79,
		0.6925,
		0.5925,
		0.495,
		0.395,
		0.2975,
		0.1975,
		0.1,
		0,
		1.5825,
		1.4825,
		1.385,
		1.285,
		1.1875,
		1.0875,
		0.99,
		0.89,
		0.79,
		0.6925,
		0.5925,
		0.495,
		0.395,
		0.2975,
		0.1975,
		0.1,
		0,
		1.5825,
		1.4825,
		1.385,
		1.285,
		1.1875,
		1.0875,
		0.99,
		0.89,
		0.79,
		0.6925,
		0.5925,
		0.495,
		0.395,
		0.2975,
		0.1975,
		0.1,
		0	],
	"ImageOrientationPatientDICOM": [
		1,
		0,
		0,
		0,
		1,
		0	],
	"InPlanePhaseEncodingDirectionDICOM": "COL",
	"ConversionSoftware": "dcm2niix",
	"ConversionSoftwareVersion": "v1.0.20190410  GCC6.3.0"
}
