{
  "AcquisitionMatrixPE": 80,
  "AcquisitionNumber": 1,
  "AcquisitionTime": "11:04:22.405000",
  "BaseResolution": 80,
  "BodyPartExamined": "BRAIN",
  "ConsistencyInfo": "N4_VE11E_LATEST_20181129",
  "ConversionSoftware": "dcm2niix",
  "ConversionSoftwareVersion": "v1.0.20210317",
  "DeviceSerialNumber": "166048",
  "DwellTime": 1.78e-05,
  "EchoNumber": 2,
  "EchoTime": 0.00738,
  "FlipAngle": 60,
  "ImageOrientationPatientDICOM": [
    1,
    0,
    0,
    0,
    1,
    0
  ],
  "ImageType": [
    "ORIGINAL",
    "PRIMARY",
    "M",
    "ND",
    "NORM"
  ],
  "ImagingFrequency": 123.246,
  "InPlanePhaseEncodingDirectionDICOM": "COL",
  "InstitutionAddress": "North 13th 1701,Philadelphia,PA,US,19122",
  "InstitutionName": "Temple University - Weiss Hall",
  "InstitutionalDepartmentName": "Department",
  "MRAcquisitionType": "2D",
  "MagneticFieldStrength": 3,
  "Manufacturer": "Siemens",
  "ManufacturersModelName": "Prisma",
  "Modality": "MR",
  "PartialFourier": 1,
  "PatientPosition": "HFS",
  "PercentPhaseFOV": 100,
  "PercentSampling": 100,
  "PhaseEncodingDirection": "j-",
  "PhaseEncodingSteps": 80,
  "PhaseResolution": 1,
  "PixelBandwidth": 350,
  "ProcedureStepDescription": "Smith Lab^RF1pilot",
  "ProtocolName": "fmap_gre_field_mapping_2p8iso",
  "PulseSequenceDetails": "%SiemensSeq%\\gre_field_mapping",
  "ReceiveCoilActiveElements": "HC1-7;NC1,2",
  "ReceiveCoilName": "HeadNeck_64",
  "ReconMatrixPE": 80,
  "RepetitionTime": 0.645,
  "SAR": 0.10494,
  "ScanningSequence": "GR",
  "SequenceName": "*fm2d2r",
  "SequenceVariant": "SP",
  "SeriesDescription": "fmap_gre_field_mapping_2p8iso",
  "SeriesNumber": 5,
  "ShimSetting": [
    1414,
    -7458,
    6553,
    468,
    28,
    -89,
    -136,
    99
  ],
  "SliceThickness": 2.7,
  "SliceTiming": [
    0.32031,
    0,
    0.32812,
    0.00781,
    0.34375,
    0.01562,
    0.35156,
    0.03125,
    0.36719,
    0.04688,
    0.38281,
    0.05469,
    0.39062,
    0.07031,
    0.39844,
    0.07812,
    0.41406,
    0.09375,
    0.42969,
    0.10156,
    0.4375,
    0.11719,
    0.44531,
    0.125,
    0.46094,
    0.14062,
    0.47656,
    0.14844,
    0.48438,
    0.16406,
    0.5,
    0.17188,
    0.50781,
    0.1875,
    0.52344,
    0.19531,
    0.53125,
    0.21094,
    0.54688,
    0.21875,
    0.55469,
    0.23438,
    0.57031,
    0.25,
    0.57812,
    0.25781,
    0.59375,
    0.27344,
    0.60156,
    0.28125,
    0.61719,
    0.29688,
    0.63281,
    0.30469
  ],
  "SoftwareVersions": "syngo MR E11",
  "SpacingBetweenSlices": 2.97,
  "StationName": "AWP166048",
  "TxRefAmp": 228.425
}