{
  "AcquisitionMatrixPE": 80,
  "AcquisitionNumber": 1,
  "AcquisitionTime": "14:19:9.522500",
  "BandwidthPerPixelPhaseEncode": 24.038,
  "BaseResolution": 80,
  "BodyPartExamined": "BRAIN",
  "ConsistencyInfo": "N4_VE11E_LATEST_20181129",
  "ConversionSoftware": "dcm2niix",
  "ConversionSoftwareVersion": "v1.0.20210317",
  "DerivedVendorReportedEchoSpacing": 0.00052001,
  "DeviceSerialNumber": "166048",
  "DwellTime": 2.5e-06,
  "EchoTime": 0.03,
  "EchoTrainLength": 80,
  "EffectiveEchoSpacing": 0.00052001,
  "FlipAngle": 20,
  "ImageComments": "Unaliased MB6/PE3/LB SENSE1",
  "ImageOrientationPatientDICOM": [1, 0, 0, 0, 1, 0],
  "ImageType": [
    "ORIGINAL",
    "PRIMARY",
    "M",
    "MB",
    "ND",
    "NORM",
    "MOSAIC"
],
  "ImagingFrequency": 123.246,
  "InPlanePhaseEncodingDirectionDICOM": "COL",
  "InstitutionAddress": "North 13th 1701,Philadelphia,PA,US,19122",
  "InstitutionName": "Temple University - Weiss Hall",
  "InstitutionalDepartmentName": "Department",
  "MRAcquisitionType": "2D",
  "MagneticFieldStrength": 3,
  "Manufacturer": "Siemens",
  "ManufacturersModelName": "Prisma",
  "Modality": "MR",
  "MultibandAccelerationFactor": 6,
  "PartialFourier": 1,
  "PatientPosition": "HFS",
  "PercentPhaseFOV": 100,
  "PercentSampling": 100,
  "PhaseEncodingDirection": "j-",
  "PhaseEncodingSteps": 80,
  "PhaseResolution": 1,
  "PixelBandwidth": 2500,
  "ProcedureStepDescription": "Smith Lab^RF1pilot",
  "ProtocolName": "CMRR_MB6_IP0_ME1_TR1700",
  "PulseSequenceDetails": "%CustomerSeq%\\cmrr_mbep2d_bold",
  "ReceiveCoilActiveElements": "HC1-6",
  "ReceiveCoilName": "HeadNeck_64",
  "ReconMatrixPE": 80,
  "RepetitionTime": 0.626,
  "SAR": 0.0206292,
  "ScanOptions": "FS",
  "ScanningSequence": "EP",
  "SequenceName": "epfid2d1_80",
  "SequenceVariant": "SK\\SS",
  "SeriesDescription": "CMRR_MB6_IP0_ME1_TR1700",
  "SeriesNumber": 8,
  "ShimSetting": [1405, -7402, 6460, 221, 33, -133, -106, 72],
  "SliceThickness": 2.7,
  "SliceTiming": [0.5375, 0.47, 0.4025, 0.335, 0.27, 0.2025, 0.135, 0.0675, 0, 0.5375, 0.47, 0.4025, 0.335, 0.27, 0.2025, 0.135, 0.0675, 0, 0.5375, 0.47, 0.4025, 0.335, 0.27, 0.2025, 0.135, 0.0675, 0, 0.5375, 0.47, 0.4025, 0.335, 0.27, 0.2025, 0.135, 0.0675, 0, 0.5375, 0.47, 0.4025, 0.335, 0.27, 0.2025, 0.135, 0.0675, 0, 0.5375, 0.47, 0.4025, 0.335, 0.27, 0.2025, 0.135, 0.0675, 0],
  "SoftwareVersions": "syngo MR E11",
  "SpacingBetweenSlices": 2.97,
  "StationName": "AWP166048",
  "TaskName": "sharedreward",
  "TotalReadoutTime": 0.0410808,
  "TxRefAmp": 272.682,
  "WipMemBlock": "51a03370-185e-458c-a61b-f8e4479ef829||Sequence: R016 ve11e/master r/434b28f1; Aug  7 2019 18:53:46 by eja"
}