{
  "AcquisitionMatrixPE": 80,
  "AcquisitionNumber": 1,
  "AcquisitionTime": "16:40:50.682500",
  "BandwidthPerPixelPhaseEncode": 51.02,
  "BaseResolution": 80,
  "BodyPartExamined": "BRAIN",
  "ConsistencyInfo": "N4_VE11E_LATEST_20181129",
  "ConversionSoftware": "dcm2niix",
  "ConversionSoftwareVersion": "v1.0.20210317",
  "DerivedVendorReportedEchoSpacing": 0.000490004,
  "DeviceSerialNumber": "166048",
  "DwellTime": 2.5e-06,
  "EchoNumber": 4,
  "EchoTime": 0.07059,
  "EchoTrainLength": 36,
  "EffectiveEchoSpacing": 0.000245002,
  "FlipAngle": 20,
  "ImageComments": "SENSE1",
  "ImageOrientationPatientDICOM": [
    1,
    0,
    0,
    0,
    0.997314,
    -0.0732382
  ],
  "ImageType": [
    "ORIGINAL",
    "PRIMARY",
    "M",
    "TE4",
    "ND",
    "NORM",
    "MOSAIC"
  ],
  "ImagingFrequency": 123.246,
  "InPlanePhaseEncodingDirectionDICOM": "COL",
  "InstitutionAddress": "North 13th 1701,Philadelphia,PA,US,19122",
  "InstitutionName": "Temple University - Weiss Hall",
  "InstitutionalDepartmentName": "Department",
  "MRAcquisitionType": "2D",
  "MagneticFieldStrength": 3,
  "Manufacturer": "Siemens",
  "ManufacturersModelName": "Prisma",
  "Modality": "MR",
  "ParallelReductionFactorInPlane": 2,
  "PartialFourier": 0.875,
  "PatientPosition": "HFS",
  "PercentPhaseFOV": 100,
  "PercentSampling": 100,
  "PhaseEncodingDirection": "j-",
  "PhaseEncodingSteps": 72,
  "PhaseResolution": 1,
  "PixelBandwidth": 2500,
  "ProcedureStepDescription": "Smith Lab^RF1pilot",
  "ProtocolName": "CMRR_MB1_IP2_ME4_TR1700",
  "PulseSequenceDetails": "%CustomerSeq%\\cmrr_mbep2d_bold",
  "ReceiveCoilActiveElements": "HC1-7",
  "ReceiveCoilName": "HeadNeck_64",
  "ReconMatrixPE": 80,
  "RefLinesPE": 64,
  "RepetitionTime": 4.89,
  "SAR": 0.0106467,
  "ScanOptions": "PFP\\FS",
  "ScanningSequence": "EP",
  "SequenceName": "epfid2d4_80",
  "SequenceVariant": "SK\\SS",
  "SeriesDescription": "CMRR_MB1_IP2_ME4_TR1700",
  "SeriesNumber": 4,
  "ShimSetting": [
    1421,
    -7421,
    6439,
    516,
    10,
    -20,
    -114,
    18
  ],
  "SliceThickness": 2.7,
  "SliceTiming": [
    4.7725,
    4.675,
    4.5775,
    4.48,
    4.3825,
    4.2875,
    4.19,
    4.0925,
    3.995,
    3.8975,
    3.8,
    3.7025,
    3.605,
    3.5075,
    3.41,
    3.3125,
    3.215,
    3.1175,
    3.02,
    2.9225,
    2.825,
    2.7275,
    2.63,
    2.5325,
    2.435,
    2.3375,
    2.24,
    2.1425,
    2.0475,
    1.95,
    1.8525,
    1.755,
    1.6575,
    1.56,
    1.4625,
    1.365,
    1.2675,
    1.17,
    1.0725,
    0.975,
    0.8775,
    0.78,
    0.6825,
    0.585,
    0.4875,
    0.39,
    0.2925,
    0.195,
    0.0975,
    0
  ],
  "SoftwareVersions": "syngo MR E11",
  "SpacingBetweenSlices": 2.97,
  "StationName": "AWP166048",
  "TaskName": "sharedreward",
  "TotalReadoutTime": 0.0193552,
  "TxRefAmp": 215.181,
  "WipMemBlock": "c9c29284-3d48-4734-908b-c94feff4cd76||Sequence: R016 ve11e/master r/434b28f1; Aug  7 2019 18:53:46 by eja"
}