{
  "AcquisitionMatrixPE": 80,
  "AcquisitionNumber": 1,
  "AcquisitionTime": "16:49:18.557500",
  "BandwidthPerPixelPhaseEncode": 51.02,
  "BaseResolution": 80,
  "BodyPartExamined": "BRAIN",
  "ConsistencyInfo": "N4_VE11E_LATEST_20181129",
  "ConversionSoftware": "dcm2niix",
  "ConversionSoftwareVersion": "v1.0.20210317",
  "DerivedVendorReportedEchoSpacing": 0.000490004,
  "DeviceSerialNumber": "166048",
  "DwellTime": 2.5e-06,
  "EchoNumber": 3,
  "EchoTime": 0.05186,
  "EchoTrainLength": 36,
  "EffectiveEchoSpacing": 0.000245002,
  "FlipAngle": 20,
  "ImageComments": "Single-band reference SENSE1",
  "ImageOrientationPatientDICOM": [
    1,
    0,
    0,
    0,
    0.997314,
    -0.0732382
  ],
  "ImageType": [
    "ORIGINAL",
    "PRIMARY",
    "M",
    "TE3",
    "ND",
    "NORM",
    "MOSAIC"
  ],
  "ImagingFrequency": 123.246,
  "InPlanePhaseEncodingDirectionDICOM": "COL",
  "InstitutionAddress": "North 13th 1701,Philadelphia,PA,US,19122",
  "InstitutionName": "Temple University - Weiss Hall",
  "InstitutionalDepartmentName": "Department",
  "MRAcquisitionType": "2D",
  "MagneticFieldStrength": 3,
  "Manufacturer": "Siemens",
  "ManufacturersModelName": "Prisma",
  "Modality": "MR",
  "ParallelReductionFactorInPlane": 2,
  "PartialFourier": 0.875,
  "PatientPosition": "HFS",
  "PercentPhaseFOV": 100,
  "PercentSampling": 100,
  "PhaseEncodingDirection": "j-",
  "PhaseEncodingSteps": 72,
  "PhaseResolution": 1,
  "PixelBandwidth": 2500,
  "ProcedureStepDescription": "Smith Lab^RF1pilot",
  "ProtocolName": "CMRR_MB3_IP2_ME4_TR1700",
  "PulseSequenceDetails": "%CustomerSeq%\\cmrr_mbep2d_bold",
  "ReceiveCoilActiveElements": "HC1-7",
  "ReceiveCoilName": "HeadNeck_64",
  "ReconMatrixPE": 80,
  "RefLinesPE": 64,
  "RepetitionTime": 1.68,
  "SAR": 0.0118857,
  "ScanOptions": "PFP\\FS",
  "ScanningSequence": "EP",
  "SequenceName": "epfid2d4_80",
  "SequenceVariant": "SK\\SS",
  "SeriesDescription": "CMRR_MB3_IP2_ME4_TR1700_SBRef",
  "SeriesNumber": 5,
  "ShimSetting": [
    1421,
    -7421,
    6439,
    512,
    11,
    -26,
    -112,
    18
  ],
  "SliceThickness": 2.7,
  "SliceTiming": [
    4.8825,
    4.785,
    4.6875,
    4.59,
    4.4925,
    4.395,
    4.2975,
    4.2,
    4.1025,
    4.005,
    3.9075,
    3.81,
    3.71,
    3.6125,
    3.515,
    3.4175,
    3.32,
    3.2225,
    3.125,
    3.0275,
    2.93,
    2.8325,
    2.735,
    2.6375,
    2.54,
    2.4425,
    2.345,
    2.2475,
    2.15,
    2.0525,
    1.9525,
    1.855,
    1.7575,
    1.66,
    1.5625,
    1.465,
    1.3675,
    1.27,
    1.1725,
    1.075,
    0.9775,
    0.88,
    0.7825,
    0.685,
    0.5875,
    0.49,
    0.3925,
    0.295,
    0.195,
    0.0975,
    0
  ],
  "SoftwareVersions": "syngo MR E11",
  "SpacingBetweenSlices": 2.97,
  "StationName": "AWP166048",
  "TaskName": "sharedreward",
  "TotalReadoutTime": 0.0193552,
  "TxRefAmp": 215.181,
  "WipMemBlock": "bd19904b-ae6f-4fa7-8b57-e840c0e37c79||Sequence: R016 ve11e/master r/434b28f1; Aug  7 2019 18:53:46 by eja"
}