{
  "AcquisitionMatrixPE": 62,
  "AcquisitionNumber": 1,
  "AcquisitionTime": "14:41:11.185000",
  "BandwidthPerPixelPhaseEncode": 46.452,
  "BaseResolution": 86,
  "BodyPartExamined": "BRAIN",
  "ConsistencyInfo": "N4_VE11E_LATEST_20181129",
  "ConversionSoftware": "dcm2niix",
  "ConversionSoftwareVersion": "v1.0.20190410  GCC6.3.0",
  "DerivedVendorReportedEchoSpacing": 0.000500642,
  "DeviceSerialNumber": "166048",
  "DwellTime": 2.3e-06,
  "EchoNumber": 3,
  "EchoTime": 0.04716,
  "EchoTrainLength": 31,
  "EffectiveEchoSpacing": 0.000250321,
  "FlipAngle": 20,
  "ImageComments": "Single-band_reference_SENSE1",
  "ImageOrientationPatientDICOM": [
    1,
    0,
    0,
    0,
    1,
    0
  ],
  "ImageType": [
    "ORIGINAL",
    "PRIMARY",
    "M",
    "TE3",
    "ND",
    "NORM",
    "MOSAIC"
  ],
  "ImagingFrequency": 123.246,
  "InPlanePhaseEncodingDirectionDICOM": "COL",
  "InstitutionAddress": "North_13th_1701_Philadelphia_PA_US_19122",
  "InstitutionName": "Temple_University_-_Weiss_Hall",
  "InstitutionalDepartmentName": "Department",
  "MRAcquisitionType": "2D",
  "MagneticFieldStrength": 3,
  "Manufacturer": "Siemens",
  "ManufacturersModelName": "Prisma",
  "Modality": "MR",
  "ParallelReductionFactorInPlane": 2,
  "PartialFourier": 1,
  "PatientPosition": "HFS",
  "PercentPhaseFOV": 100,
  "PhaseEncodingDirection": "j-",
  "PhaseEncodingSteps": 62,
  "PhaseResolution": 0.72,
  "PixelBandwidth": 2530,
  "ProcedureStepDescription": "Smith_Lab_RF1pilot",
  "ProtocolName": "CMRR_MB6_IP2_ME4_TR1700",
  "PulseSequenceDetails": "%CustomerSeq%_cmrr_mbep2d_bold",
  "ReceiveCoilActiveElements": "HE1-4",
  "ReceiveCoilName": "HeadNeck_20",
  "ReconMatrixPE": 86,
  "RefLinesPE": 24,
  "RepetitionTime": 1.7,
  "SAR": 0.00927937,
  "ScanOptions": "FS",
  "ScanningSequence": "EP",
  "SequenceName": "epfid2d4_62",
  "SequenceVariant": "SK_SS_OSP",
  "SeriesDescription": "CMRR_MB6_IP2_ME4_TR1700_SBRef",
  "SeriesNumber": 19,
  "ShimSetting": [
    1412,
    -7425,
    6411,
    309,
    -19,
    -119,
    -119,
    65
  ],
  "SliceThickness": 2.7,
  "SliceTiming": [
    9.8925,
    9.7075,
    9.52,
    9.3325,
    9.1475,
    8.96,
    8.7725,
    8.5875,
    8.4,
    8.2125,
    8.0275,
    7.84,
    7.6525,
    7.4675,
    7.28,
    7.0925,
    6.9075,
    6.72,
    6.5325,
    6.3475,
    6.16,
    5.9725,
    5.7875,
    5.6,
    5.4125,
    5.2275,
    5.04,
    4.8525,
    4.6675,
    4.48,
    4.2925,
    4.1075,
    3.92,
    3.7325,
    3.5475,
    3.36,
    3.1725,
    2.9875,
    2.8,
    2.6125,
    2.4275,
    2.24,
    2.0525,
    1.8675,
    1.68,
    1.4925,
    1.3075,
    1.12,
    0.9325,
    0.7475,
    0.56,
    0.3725,
    0.1875,
    0
  ],
  "SoftwareVersions": "syngo_MR_E11",
  "SpacingBetweenSlices": 2.97,
  "StationName": "AWP166048",
  "TaskName": "sharedreward",
  "TotalReadoutTime": 0.0212773,
  "TxRefAmp": 254.764,
  "WipMemBlock": "561722ea-209f-47ed-bdf0-7a6e4ef7f331||Sequence: R016 ve11e/master r/434b28f1; Aug  7 2019 18:53:46 by eja"
}