{
  "bids_meta": {
    "AcquisitionMatrixPE": 224,
    "AcquisitionNumber": 1,
    "AcquisitionTime": "13:38:15.280000",
    "BaseResolution": 224,
    "BodyPartExamined": "BRAIN",
    "CoilString": "HE1-4;NE1_2",
    "ConsistencyInfo": "N4_VE11E_LATEST_20181129",
    "ConversionSoftware": "dcm2niix",
    "ConversionSoftwareVersion": "v1.0.20190410  GCC6.3.0",
    "DeviceSerialNumber": "166048",
    "DwellTime": 1.06e-05,
    "EchoTime": 0.00217,
    "FlipAngle": 8,
    "ImageOrientationPatientDICOM": [
      0,
      1,
      0,
      0,
      0,
      -1
    ],
    "ImageType": [
      "ORIGINAL",
      "PRIMARY",
      "M",
      "ND",
      "NORM",
      "FM3",
      "2",
      "FIL"
    ],
    "ImagingFrequency": 123.246,
    "InPlanePhaseEncodingDirectionDICOM": "ROW",
    "InstitutionAddress": "North_13th_1701_Philadelphia_PA_US_19122",
    "InstitutionName": "Temple_University_-_Weiss_Hall",
    "InstitutionalDepartmentName": "Department",
    "InversionTime": 1.15,
    "MRAcquisitionType": "3D",
    "MagneticFieldStrength": 3,
    "Manufacturer": "Siemens",
    "ManufacturersModelName": "Prisma",
    "Modality": "MR",
    "PartialFourier": 1,
    "PatientPosition": "HFS",
    "PercentPhaseFOV": 100,
    "PhaseEncodingSteps": 223,
    "PhaseResolution": 1,
    "PixelBandwidth": 210,
    "ProcedureStepDescription": "Smith_Lab_RF1pilot",
    "ProtocolName": "T1w-anat_mpg_07sag_iso",
    "PulseSequenceDetails": "%SiemensSeq%_tfl",
    "ReceiveCoilActiveElements": "HE1-4;NE1,2",
    "ReceiveCoilName": "HeadNeck_20",
    "ReconMatrixPE": 224,
    "RefLinesPE": 32,
    "RepetitionTime": 2.4,
    "SAR": 0.041062,
    "ScanOptions": "IR_WE",
    "ScanningSequence": "GR_IR",
    "SequenceName": "_tfl3d1_16ns",
    "SequenceVariant": "SK_SP_MP",
    "SeriesDescription": "T1w-anat_mpg_07sag_iso",
    "SeriesNumber": 3,
    "ShimSetting": [
      1409,
      -7452,
      6403,
      307,
      58,
      -304,
      -56,
      34
    ],
    "SliceThickness": 1,
    "SoftwareVersions": "syngo_MR_E11",
    "StationName": "AWP166048",
    "TxRefAmp": 251.505,
    "dataset": "<unset>",
    "modality": "T1w",
    "subject_id": "10007"
  },
  "cjv": 0.3194573067266121,
  "cnr": 3.9435509108552553,
  "efc": 0.5018482618282513,
  "fber": 6439.497371553263,
  "fwhm_avg": 3.5747533333333337,
  "fwhm_x": 3.48484,
  "fwhm_y": 3.58942,
  "fwhm_z": 3.65,
  "icvs_csf": 0.1774232251833653,
  "icvs_gm": 0.451685681378269,
  "icvs_wm": 0.3708910934383657,
  "inu_med": 1.6723401546478271,
  "inu_range": 0.4476262509822846,
  "provenance": {
    "md5sum": "2fdf9d891b23062078bc1f923e2bd71e",
    "settings": {
      "testing": false
    },
    "software": "mriqc",
    "version": "0.16.1",
    "warnings": {
      "large_rot_frame": true,
      "small_air_mask": false
    },
    "webapi_port": null,
    "webapi_url": "https://mriqc.nimh.nih.gov/api/v1"
  },
  "qi_1": 0.0,
  "qi_2": 0.0068945180079509364,
  "rpve_csf": 29.474633752664456,
  "rpve_gm": 13.031672793537922,
  "rpve_wm": 18.390651669152582,
  "size_x": 192,
  "size_y": 224,
  "size_z": 224,
  "snr_csf": 2.311530960295724,
  "snr_gm": 12.800701563504138,
  "snr_total": 13.369267646724149,
  "snr_wm": 24.99557041637259,
  "snrd_csf": 79.91327180006854,
  "snrd_gm": 168.33278695432608,
  "snrd_total": 160.06998827525697,
  "snrd_wm": 231.96390607137627,
  "spacing_x": 1.0,
  "spacing_y": 1.0,
  "spacing_z": 1.0,
  "summary_bg_k": 5.036832012763536,
  "summary_bg_mad": 2.8243030351312086,
  "summary_bg_mean": 8.372522424590077,
  "summary_bg_median": 7.461106840521097,
  "summary_bg_n": 3775395.0,
  "summary_bg_p05": 3.704095594584942,
  "summary_bg_p95": 17.93840580806136,
  "summary_bg_stdv": 4.934085696766607,
  "summary_csf_k": 18.058881459937627,
  "summary_csf_mad": 180.95152640361482,
  "summary_csf_mean": 366.2272998676286,
  "summary_csf_median": 344.5073481220752,
  "summary_csf_n": 9878.0,
  "summary_csf_p05": 176.73033816535025,
  "summary_csf_p95": 575.3598144894465,
  "summary_csf_stdv": 149.03106014390852,
  "summary_gm_k": 0.3159452853215705,
  "summary_gm_mad": 53.11258763288412,
  "summary_gm_mean": 727.6729527510029,
  "summary_gm_median": 725.6852426305413,
  "summary_gm_n": 23413.0,
  "summary_gm_p05": 637.4748518280685,
  "summary_gm_p95": 824.6375106573105,
  "summary_gm_stdv": 56.68984167623975,
  "summary_wm_k": 1.1061291440795173,
  "summary_wm_mad": 34.51925931827033,
  "summary_wm_mean": 997.2802776324771,
  "summary_wm_median": 999.9999792352319,
  "summary_wm_n": 164715.0,
  "summary_wm_p05": 924.6480917111039,
  "summary_wm_p95": 1057.3605452999473,
  "summary_wm_stdv": 40.006966315496584,
  "tpm_overlap_csf": 0.17239215970039368,
  "tpm_overlap_gm": 0.45983177423477173,
  "tpm_overlap_wm": 0.5081333518028259,
  "wm2max": 0.7561588100753588
}