{
  "AcquisitionMatrixPE": 80,
  "AcquisitionNumber": 1,
  "AcquisitionTime": "14:15:3.055000",
  "BandwidthPerPixelPhaseEncode": 25,
  "BaseResolution": 80,
  "BodyPartExamined": "BRAIN",
  "CoilString": "HE1-4;NE1_2",
  "ConsistencyInfo": "N4_VE11E_LATEST_20181129",
  "ConversionSoftware": "dcm2niix",
  "ConversionSoftwareVersion": "v1.0.20181125  (JP2:OpenJPEG) GCC9.3.0",
  "DerivedVendorReportedEchoSpacing": 0.0005,
  "DeviceSerialNumber": "166048",
  "DwellTime": 2.5e-06,
  "EchoTime": 0.03,
  "EchoTrainLength": 80,
  "EffectiveEchoSpacing": 0.0005,
  "FlipAngle": 20,
  "ImageComments": "Unaliased_MB3_PE3_LB_SENSE1",
  "ImageOrientationPatientDICOM": [1, 0, 0, 0, 0.970296, -0.241922],
  "ImageType": [
    "ORIGINAL",
    "PRIMARY",
    "M",
    "MB",
    "ND",
    "NORM",
    "MOSAIC"
],
  "ImagingFrequency": 123.245,
  "InPlanePhaseEncodingDirectionDICOM": "COL",
  "InstitutionAddress": "North_13th_1701_Philadelphia_PA_US_19122",
  "InstitutionName": "Temple_University_-_Weiss_Hall",
  "InstitutionalDepartmentName": "Department",
  "MRAcquisitionType": "2D",
  "MagneticFieldStrength": 3,
  "Manufacturer": "Siemens",
  "ManufacturersModelName": "Prisma",
  "Modality": "MR",
  "MultibandAccelerationFactor": 3,
  "PartialFourier": 1,
  "PatientPosition": "HFS",
  "PercentPhaseFOV": 100,
  "PhaseEncodingDirection": "j-",
  "PhaseEncodingSteps": 80,
  "PhaseResolution": 1,
  "PixelBandwidth": 2500,
  "ProcedureStepDescription": "Smith_Lab_RF1pilot",
  "ProtocolName": "CMRR_MB3_IP0_ME1_TR1700",
  "PulseSequenceDetails": "%CustomerSeq%_cmrr_mbep2d_bold",
  "ReceiveCoilActiveElements": "HE1-4;NE1,2",
  "ReceiveCoilName": "HeadNeck_20",
  "ReconMatrixPE": 80,
  "RepetitionTime": 1.15,
  "SAR": 0.0235994,
  "ScanOptions": "FS",
  "ScanningSequence": "EP",
  "SequenceName": "epfid2d1_80",
  "SequenceVariant": "SK_SS",
  "SeriesDescription": "CMRR_MB3_IP0_ME1_TR1700",
  "SeriesNumber": 10,
  "ShimSetting": [1420, -7426, 6463, 221, 36, -106, 50, 66],
  "SliceThickness": 2.7,
  "SliceTiming": [1.0625, 0.995, 0.93, 0.8625, 0.7975, 0.73, 0.6625, 0.5975, 0.53, 0.465, 0.3975, 0.33, 0.265, 0.1975, 0.1325, 0.065, 0, 1.0625, 0.995, 0.93, 0.8625, 0.7975, 0.73, 0.6625, 0.5975, 0.53, 0.465, 0.3975, 0.33, 0.265, 0.1975, 0.1325, 0.065, 0, 1.0625, 0.995, 0.93, 0.8625, 0.7975, 0.73, 0.6625, 0.5975, 0.53, 0.465, 0.3975, 0.33, 0.265, 0.1975, 0.1325, 0.065, 0],
  "SoftwareVersions": "syngo_MR_E11",
  "SpacingBetweenSlices": 2.97,
  "StationName": "AWP166048",
  "TaskName": "sharedreward",
  "TotalReadoutTime": 0.0395,
  "TxRefAmp": 284.644,
  "WipMemBlock": "d992e039-1678-4cb1-81de-a1cfdaa1084f||Sequence: R016 ve11e/master r/434b28f1; Aug  7 2019 18:53:46 by eja"
}