{
  "AcquisitionMatrixPE": 62,
  "AcquisitionNumber": 1,
  "AcquisitionTime": "11:12:23.877500",
  "BandwidthPerPixelPhaseEncode": 46.452,
  "BaseResolution": 86,
  "BodyPartExamined": "BRAIN",
  "ConsistencyInfo": "N4_VE11E_LATEST_20181129",
  "ConversionSoftware": "dcm2niix",
  "ConversionSoftwareVersion": "v1.0.20190410  GCC6.3.0",
  "DerivedVendorReportedEchoSpacing": 0.000500642,
  "DeviceSerialNumber": "166048",
  "DwellTime": 2.3e-06,
  "EchoNumber": 4,
  "EchoTime": 0.06374,
  "EchoTrainLength": 31,
  "EffectiveEchoSpacing": 0.000250321,
  "FlipAngle": 20,
  "ImageComments": "Unaliased_MB6_PE4_LB_SENSE1",
  "ImageOrientationPatientDICOM": [
    1,
    0,
    0,
    0,
    1,
    0
  ],
  "ImageType": [
    "ORIGINAL",
    "PRIMARY",
    "M",
    "MB",
    "TE4",
    "ND",
    "NORM",
    "MOSAIC"
  ],
  "ImagingFrequency": 123.246,
  "InPlanePhaseEncodingDirectionDICOM": "COL",
  "InstitutionAddress": "North_13th_1701_Philadelphia_PA_US_19122",
  "InstitutionName": "Temple_University_-_Weiss_Hall",
  "InstitutionalDepartmentName": "Department",
  "MRAcquisitionType": "2D",
  "MagneticFieldStrength": 3,
  "Manufacturer": "Siemens",
  "ManufacturersModelName": "Prisma",
  "Modality": "MR",
  "MultibandAccelerationFactor": 6,
  "ParallelReductionFactorInPlane": 2,
  "PartialFourier": 1,
  "PatientPosition": "HFS",
  "PercentPhaseFOV": 100,
  "PhaseEncodingDirection": "j-",
  "PhaseEncodingSteps": 62,
  "PhaseResolution": 0.72,
  "PixelBandwidth": 2530,
  "ProcedureStepDescription": "Smith_Lab_RF1pilot",
  "ProtocolName": "CMRR_MB6_IP2_ME4_TR1700",
  "PulseSequenceDetails": "%CustomerSeq%_cmrr_mbep2d_bold",
  "ReceiveCoilActiveElements": "HC1-7",
  "ReceiveCoilName": "HeadNeck_64",
  "ReconMatrixPE": 86,
  "RefLinesPE": 62,
  "RepetitionTime": 1.7,
  "SAR": 0.00837882,
  "ScanOptions": "FS",
  "ScanningSequence": "EP",
  "SequenceName": "epfid2d4_62",
  "SequenceVariant": "SK_SS_OSP",
  "SeriesDescription": "CMRR_MB6_IP2_ME4_TR1700",
  "SeriesNumber": 16,
  "ShimSetting": [
    1412,
    -7392,
    6470,
    182,
    -100,
    133,
    24,
    50
  ],
  "SliceThickness": 2.7,
  "SliceTiming": [
    1.495,
    1.3075,
    1.12,
    0.935,
    0.7475,
    0.56,
    0.375,
    0.1875,
    0,
    1.495,
    1.3075,
    1.12,
    0.935,
    0.7475,
    0.56,
    0.375,
    0.1875,
    0,
    1.495,
    1.3075,
    1.12,
    0.935,
    0.7475,
    0.56,
    0.375,
    0.1875,
    0,
    1.495,
    1.3075,
    1.12,
    0.935,
    0.7475,
    0.56,
    0.375,
    0.1875,
    0,
    1.495,
    1.3075,
    1.12,
    0.935,
    0.7475,
    0.56,
    0.375,
    0.1875,
    0,
    1.495,
    1.3075,
    1.12,
    0.935,
    0.7475,
    0.56,
    0.375,
    0.1875,
    0
  ],
  "SoftwareVersions": "syngo_MR_E11",
  "SpacingBetweenSlices": 2.97,
  "StationName": "AWP166048",
  "TaskName": "sharedreward",
  "TotalReadoutTime": 0.0212773,
  "TxRefAmp": 279.871,
  "WipMemBlock": "a0f6210f-084d-43b5-b91e-0bf376c571a2||Sequence: R016 ve11e/master r/434b28f1; Aug  7 2019 18:53:46 by eja"
}