{
  "AcquisitionMatrixPE": 62,
  "AcquisitionNumber": 1,
  "AcquisitionTime": "10:52:34.735000",
  "BandwidthPerPixelPhaseEncode": 47.4,
  "BaseResolution": 86,
  "BodyPartExamined": "BRAIN",
  "ConsistencyInfo": "N4_VE11E_LATEST_20181129",
  "ConversionSoftware": "dcm2niix",
  "ConversionSoftwareVersion": "v1.0.20190410  GCC6.3.0",
  "DerivedVendorReportedEchoSpacing": 0.000490629,
  "DeviceSerialNumber": "166048",
  "DwellTime": 2.3e-06,
  "EchoNumber": 3,
  "EchoTime": 0.0463,
  "EchoTrainLength": 31,
  "EffectiveEchoSpacing": 0.000245314,
  "FlipAngle": 20,
  "ImageComments": "SENSE1",
  "ImageOrientationPatientDICOM": [
    1,
    0,
    0,
    0,
    0.996637,
    -0.0819385
  ],
  "ImageType": [
    "ORIGINAL",
    "PRIMARY",
    "M",
    "TE3",
    "ND",
    "NORM",
    "MOSAIC"
  ],
  "ImagingFrequency": 123.246,
  "InPlanePhaseEncodingDirectionDICOM": "COL",
  "InstitutionAddress": "North_13th_1701_Philadelphia_PA_US_19122",
  "InstitutionName": "Temple_University_-_Weiss_Hall",
  "InstitutionalDepartmentName": "Department",
  "MRAcquisitionType": "2D",
  "MagneticFieldStrength": 3,
  "Manufacturer": "Siemens",
  "ManufacturersModelName": "Prisma",
  "Modality": "MR",
  "ParallelReductionFactorInPlane": 2,
  "PartialFourier": 1,
  "PatientPosition": "HFS",
  "PercentPhaseFOV": 100,
  "PhaseEncodingDirection": "j-",
  "PhaseEncodingSteps": 62,
  "PhaseResolution": 0.72,
  "PixelBandwidth": 2530,
  "ProcedureStepDescription": "Smith_Lab_RF1pilot",
  "ProtocolName": "CMRR_MB1_IP2_ME4_TR1700",
  "PulseSequenceDetails": "%CustomerSeq%_cmrr_mbep2d_bold",
  "ReceiveCoilActiveElements": "HC3-6",
  "ReceiveCoilName": "HeadNeck_64",
  "ReconMatrixPE": 86,
  "RefLinesPE": 62,
  "RepetitionTime": 1.7,
  "SAR": 0.0139721,
  "ScanOptions": "FS",
  "ScanningSequence": "EP",
  "SequenceName": "epfid2d4_62",
  "SequenceVariant": "SK_SS_OSP",
  "SeriesDescription": "CMRR_MB1_IP2_ME4_TR1700",
  "SeriesNumber": 9,
  "ShimSetting": [
    1426,
    -7432,
    6468,
    145,
    -26,
    242,
    92,
    98
  ],
  "SliceThickness": 2.7,
  "SliceTiming": [
    1.59,
    1.5025,
    1.4125,
    1.325,
    1.2375,
    1.1475,
    1.06,
    0.9725,
    0.8825,
    0.795,
    0.705,
    0.6175,
    0.53,
    0.44,
    0.3525,
    0.265,
    0.175,
    0.0875,
    0
  ],
  "SoftwareVersions": "syngo_MR_E11",
  "SpacingBetweenSlices": 2.97,
  "StationName": "AWP166048",
  "TaskName": "sharedreward",
  "TotalReadoutTime": 0.0208517,
  "TxRefAmp": 279.871,
  "WipMemBlock": "f18ce1bc-0fcd-438e-a530-24b183c15db0||Sequence: R016 ve11e/master r/434b28f1; Aug  7 2019 18:53:46 by eja"
}