{
  "AcquisitionMatrixPE": 62,
  "AcquisitionNumber": 1,
  "AcquisitionTime": "12:32:56.747500",
  "BandwidthPerPixelPhaseEncode": 47.4,
  "BaseResolution": 86,
  "BodyPartExamined": "BRAIN",
  "CogAtlasID": "http://www.cognitiveatlas.org/task/id/TODO",
  "ConsistencyInfo": "N4_VE11E_LATEST_20181129",
  "ConversionSoftware": "dcm2niix",
  "ConversionSoftwareVersion": "v1.0.20190410  GCC6.3.0",
  "DerivedVendorReportedEchoSpacing": 0.000490629,
  "DeviceSerialNumber": "166048",
  "DwellTime": 2.3e-06,
  "EchoTime": 0.03,
  "EchoTrainLength": 31,
  "EffectiveEchoSpacing": 0.000245314,
  "FlipAngle": 77,
  "ImageComments": "SENSE1",
  "ImageOrientationPatientDICOM": [0.999864, 0.0145023, -0.00780394, -0.0143107, 0.999608, 0.0240699],
  "ImageType": [
    "ORIGINAL",
    "PRIMARY",
    "M",
    "ND",
    "MOSAIC"
],
  "ImagingFrequency": 123.246,
  "InPlanePhaseEncodingDirectionDICOM": "COL",
  "InstitutionAddress": "North_13th_1701_Philadelphia_PA_US_19122",
  "InstitutionName": "Temple_University_-_Weiss_Hall",
  "InstitutionalDepartmentName": "Department",
  "MRAcquisitionType": "2D",
  "MagneticFieldStrength": 3,
  "Manufacturer": "Siemens",
  "ManufacturersModelName": "Prisma",
  "Modality": "MR",
  "ParallelReductionFactorInPlane": 2,
  "PartialFourier": 1,
  "PatientPosition": "HFS",
  "PercentPhaseFOV": 100,
  "PhaseEncodingDirection": "j-",
  "PhaseEncodingSteps": 62,
  "PhaseResolution": 0.72,
  "PixelBandwidth": 2530,
  "ProcedureStepDescription": "Peng_cmrr_me",
  "ProtocolName": "CMRR_MB1_IP2_ME1_TR1850",
  "PulseSequenceDetails": "%CustomerSeq%_cmrr_mbep2d_bold",
  "ReceiveCoilActiveElements": "HE1-4",
  "ReceiveCoilName": "HeadNeck_20",
  "ReconMatrixPE": 86,
  "RefLinesPE": 24,
  "RepetitionTime": 1.85,
  "SAR": 0.0624026,
  "ScanOptions": "FS",
  "ScanningSequence": "EP",
  "SequenceName": "epfid2d1_62",
  "SequenceVariant": "SK_SS_OSP",
  "SeriesDescription": "CMRR_MB1_IP2_ME1_TR1850",
  "SeriesNumber": 7,
  "ShimSetting": [1439, -7461, 6463, 266, 88, 160, -62, 25],
  "SliceThickness": 2.8,
  "SliceTiming": [0, 0.945, 0.0575, 1, 0.1125, 1.055, 0.1675, 1.11, 0.2225, 1.165, 0.2775, 1.22, 0.335, 1.2775, 0.39, 1.3325, 0.445, 1.3875, 0.5, 1.4425, 0.555, 1.4975, 0.61, 1.5525, 0.6675, 1.61, 0.7225, 1.665, 0.7775, 1.72, 0.8325, 1.775, 0.8875],
  "SoftwareVersions": "syngo_MR_E11",
  "SpacingBetweenSlices": 3.08,
  "StationName": "AWP166048",
  "TaskName": "TODO: full task name for rest",
  "TotalReadoutTime": 0.0208517,
  "TxRefAmp": 314.03,
  "WipMemBlock": "80d23146-cc61-4c77-a4e9-c048c1755432||Sequence: R016 ve11e/master r/434b28f1; Aug  7 2019 18:53:46 by eja"
}