{
  "AcquisitionMatrixPE": 86,
  "AcquisitionNumber": 1,
  "BandwidthPerPixelPhaseEncode": 47.461,
  "BaseResolution": 86,
  "BodyPartExamined": "BRAIN",
  "CogAtlasID": "http://www.cognitiveatlas.org/task/id/TODO",
  "ConsistencyInfo": "N4_VE11E_LATEST_20181129",
  "ConversionSoftware": "dcm2niix",
  "ConversionSoftwareVersion": "v1.0.20190410  GCC6.3.0",
  "DerivedVendorReportedEchoSpacing": 0.000489998,
  "DeviceSerialNumber": "166048",
  "DwellTime": 2.3e-06,
  "EchoTrainLength": 43,
  "EffectiveEchoSpacing": 0.000244999,
  "FlipAngle": 77,
  "ImageComments": "Unaliased_MB3_PE4_LB_SENSE1",
  "ImageOrientationPatientDICOM": [0.999864, 0.0145023, -0.00780394, -0.0143107, 0.999608, 0.0240699],
  "ImagingFrequency": 123.246,
  "InPlanePhaseEncodingDirectionDICOM": "COL",
  "InstitutionAddress": "North_13th_1701_Philadelphia_PA_US_19122",
  "InstitutionName": "Temple_University_-_Weiss_Hall",
  "InstitutionalDepartmentName": "Department",
  "MRAcquisitionType": "2D",
  "MagneticFieldStrength": 3,
  "Manufacturer": "Siemens",
  "ManufacturersModelName": "Prisma",
  "Modality": "MR",
  "MultibandAccelerationFactor": 3,
  "ParallelReductionFactorInPlane": 2,
  "PartialFourier": 1,
  "PatientPosition": "HFS",
  "PercentPhaseFOV": 100,
  "PhaseEncodingDirection": "j-",
  "PhaseEncodingSteps": 86,
  "PhaseResolution": 1,
  "PixelBandwidth": 2530,
  "ProcedureStepDescription": "Peng_cmrr_me",
  "ProtocolName": "CMRR_MB3_IP2_ME3_TR1850_noInterp",
  "PulseSequenceDetails": "%CustomerSeq%_cmrr_mbep2d_bold",
  "ReceiveCoilActiveElements": "HE1-4",
  "ReceiveCoilName": "HeadNeck_20",
  "ReconMatrixPE": 86,
  "RefLinesPE": 24,
  "RepetitionTime": 1.85,
  "SAR": 0.0625822,
  "ScanOptions": "FS",
  "ScanningSequence": "EP",
  "SequenceName": "epfid2d3_86",
  "SequenceVariant": "SK_SS",
  "SeriesDescription": "CMRR_MB3_IP2_ME3_TR1850_noInterp",
  "SeriesNumber": 20,
  "ShimSetting": [1439, -7449, 6475, 314, 69, 147, -33, 31],
  "SliceThickness": 2.8,
  "SoftwareVersions": "syngo_MR_E11",
  "SpacingBetweenSlices": 2.8,
  "StationName": "AWP166048",
  "TaskName": "TODO: full task name for rest",
  "TotalReadoutTime": 0.0208249,
  "TxRefAmp": 314.03,
  "WipMemBlock": "0b4de83c-4a7e-4f7f-856a-7d7bd0a54a5f||Sequence: R016 ve11e/master r/434b28f1; Aug  7 2019 18:53:46 by eja"
}