{
  "AcquisitionMatrixPE": 62,
  "AcquisitionNumber": 1,
  "AcquisitionTime": "14:06:27.592500",
  "BandwidthPerPixelPhaseEncode": 22.333,
  "BaseResolution": 86,
  "BodyPartExamined": "BRAIN",
  "CogAtlasID": "http://www.cognitiveatlas.org/task/id/TODO",
  "ConsistencyInfo": "N4_VE11E_LATEST_20181129",
  "ConversionSoftware": "dcm2niix",
  "ConversionSoftwareVersion": "v1.0.20190410  GCC6.3.0",
  "DerivedVendorReportedEchoSpacing": 0.00052066,
  "DeviceSerialNumber": "166048",
  "DwellTime": 2.3e-06,
  "EchoTime": 0.03,
  "EchoTrainLength": 62,
  "EffectiveEchoSpacing": 0.00052066,
  "FlipAngle": 20,
  "ImageComments": "Unaliased_MB6_PE3_LB_SENSE1",
  "ImageOrientationPatientDICOM": [1, 0, 0, 0, 1, 0],
  "ImageType": [
    "ORIGINAL",
    "PRIMARY",
    "M",
    "MB",
    "ND",
    "NORM",
    "MOSAIC"
],
  "ImagingFrequency": 123.246,
  "InPlanePhaseEncodingDirectionDICOM": "COL",
  "InstitutionAddress": "North_13th_1701_Philadelphia_PA_US_19122",
  "InstitutionName": "Temple_University_-_Weiss_Hall",
  "InstitutionalDepartmentName": "Department",
  "MRAcquisitionType": "2D",
  "MagneticFieldStrength": 3,
  "Manufacturer": "Siemens",
  "ManufacturersModelName": "Prisma",
  "Modality": "MR",
  "MultibandAccelerationFactor": 6,
  "PartialFourier": 1,
  "PatientPosition": "HFS",
  "PercentPhaseFOV": 100,
  "PhaseEncodingDirection": "j-",
  "PhaseEncodingSteps": 62,
  "PhaseResolution": 0.72,
  "PixelBandwidth": 2530,
  "ProcedureStepDescription": "Smith_Lab_RF1pilot",
  "ProtocolName": "CMRR_MB6_IP0_ME1_TR1700",
  "PulseSequenceDetails": "%CustomerSeq%_cmrr_mbep2d_bold",
  "ReceiveCoilActiveElements": "HE1-4",
  "ReceiveCoilName": "HeadNeck_20",
  "ReconMatrixPE": 86,
  "RepetitionTime": 1.7,
  "SAR": 0.00931083,
  "ScanOptions": "FS",
  "ScanningSequence": "EP",
  "SequenceName": "epfid2d1_62",
  "SequenceVariant": "SK_SS_OSP",
  "SeriesDescription": "CMRR_MB6_IP0_ME1_TR1700",
  "SeriesNumber": 11,
  "ShimSetting": [1410, -7450, 6421, 359, 51, -133, -54, 54],
  "SliceThickness": 2.7,
  "SliceTiming": [1.4925, 1.3075, 1.12, 0.9325, 0.7475, 0.56, 0.3725, 0.1875, 0, 1.4925, 1.3075, 1.12, 0.9325, 0.7475, 0.56, 0.3725, 0.1875, 0, 1.4925, 1.3075, 1.12, 0.9325, 0.7475, 0.56, 0.3725, 0.1875, 0, 1.4925, 1.3075, 1.12, 0.9325, 0.7475, 0.56, 0.3725, 0.1875, 0, 1.4925, 1.3075, 1.12, 0.9325, 0.7475, 0.56, 0.3725, 0.1875, 0, 1.4925, 1.3075, 1.12, 0.9325, 0.7475, 0.56, 0.3725, 0.1875, 0],
  "SoftwareVersions": "syngo_MR_E11",
  "SpacingBetweenSlices": 2.97,
  "StationName": "AWP166048",
  "TaskName": "TODO: full task name for sharedreward",
  "TotalReadoutTime": 0.0442561,
  "TxRefAmp": 251.505,
  "WipMemBlock": "d51ddb7f-a145-4c24-836d-7fc4b6d4e8a2||Sequence: R016 ve11e/master r/434b28f1; Aug  7 2019 18:53:46 by eja"
}